{
  "bids_meta": {
    "BandwidthPerPixelPhaseEncode": null,
    "Columns": 256,
    "EchoTime": 0.00194,
    "EchoTrainLength": 1,
    "FlipAngle": 8.0,
    "ImageType": "ORIGINAL/PRIMARY/M/ND/NORM",
    "ImagingFrequency": 123.190819,
    "InplanePhaseEncodingDirection": "ROW",
    "InversionTime": 1.0,
    "MRAcquisitionType": "3D",
    "MagneticFieldStrength": 3.0,
    "Manufacturer": "SIEMENS",
    "ManufacturersModelName": "Skyra",
    "NumberOfAverages": 1.0,
    "NumberOfEchoes": null,
    "NumberOfPhaseEncodingSteps": 282,
    "PATModeText": "p2",
    "PercentPhaseFieldOfView": 100.0,
    "PhaseEncodingDirection": "i-",
    "PixelBandwidth": 270.0,
    "PixelSpacing": [
      0.80078125,
      0.80078125
    ],
    "RealDwellTime": 7200,
    "RepetitionTime": 2.4,
    "Rows": 256,
    "ScanOptions": [
      "IR",
      "WE"
    ],
    "ScanningSequence": [
      "GR",
      "IR"
    ],
    "SequenceName": "*tfl3d1_16ns",
    "SequenceVariant": [
      "SK",
      "SP",
      "MP",
      "OSP"
    ],
    "SeriesDate": "18740424",
    "SeriesDescription": "T1w_MPR1_PMC",
    "SeriesNumber": 5,
    "SeriesTime": "134620.981000",
    "SliceThickness": 0.80000001192093,
    "SliceTiming": null,
    "SpacingBetweenSlices": null,
    "StudyID": "1",
    "StudyTime": "132347.113000",
    "dataset": "ds000053",
    "modality": "T1w",
    "subject_id": "037"
  },
  "cjv": 0.6096925180517334,
  "cnr": 2.244926346442071,
  "efc": 0.6270659820335155,
  "fber": 4375.319619712048,
  "fwhm_avg": 3.842660151717702,
  "fwhm_x": 3.8280249429579833,
  "fwhm_y": 3.8361412682926828,
  "fwhm_z": 3.8638142439024388,
  "icvs_csf": 0.17132868409955254,
  "icvs_gm": 0.4546668948714102,
  "icvs_wm": 0.3740044210290372,
  "inu_med": 1.3061528205871582,
  "inu_range": 0.5386466383934021,
  "provenance": {
    "md5sum": "0d4b00faee51659b5e9aca4d434b9e20",
    "settings": {
      "testing": false
    },
    "software": "mriqc",
    "version": "22.0.0rc1",
    "warnings": {
      "large_rot_frame": true,
      "small_air_mask": false
    },
    "webapi_port": null,
    "webapi_url": "https://mriqc.nimh.nih.gov/api/v1"
  },
  "qi_1": 6.931749567192221e-05,
  "qi_2": 0.0009074510906483856,
  "rpve_csf": 20.932548821973036,
  "rpve_gm": 9.108384210208804,
  "rpve_wm": 12.520994113405658,
  "size_x": 256,
  "size_y": 256,
  "size_z": 256,
  "snr_csf": 2.3238463428137472,
  "snr_gm": 10.480414762676906,
  "snr_total": 9.781107081732161,
  "snr_wm": 16.539060139705832,
  "snrd_csf": 52.31442643980645,
  "snrd_gm": 92.62312266014122,
  "snrd_total": 87.72246796668666,
  "snrd_wm": 118.22985480011232,
  "spacing_x": 0.800000011920929,
  "spacing_y": 0.80078125,
  "spacing_z": 0.80078125,
  "summary_bg_k": 16.344354627687075,
  "summary_bg_mad": 5.5415602344763615,
  "summary_bg_mean": 10.115378186039353,
  "summary_bg_median": 8.108963966369629,
  "summary_bg_n": 4371122.0,
  "summary_bg_p05": 1.9638897106051445,
  "summary_bg_p95": 23.883432932198048,
  "summary_bg_stdv": 8.033625151523703,
  "summary_csf_k": 25.08646622304904,
  "summary_csf_mad": 176.2967552561378,
  "summary_csf_mean": 460.8465162809406,
  "summary_csf_median": 442.50869769603014,
  "summary_csf_n": 34910.0,
  "summary_csf_p05": 236.2369268015027,
  "summary_csf_p95": 691.5774264615027,
  "summary_csf_stdv": 190.41808042467252,
  "summary_gm_k": 0.22242221132010886,
  "summary_gm_mad": 73.5430790439829,
  "summary_gm_mean": 784.9218236996362,
  "summary_gm_median": 783.4652919694781,
  "summary_gm_n": 94842.0,
  "summary_gm_p05": 666.1418871451169,
  "summary_gm_p95": 912.1919273715464,
  "summary_gm_stdv": 74.75478588668786,
  "summary_wm_k": 0.3029461054950575,
  "summary_wm_mad": 58.5151190860809,
  "summary_wm_mean": 1001.1451216045853,
  "summary_wm_median": 1000.0633216649294,
  "summary_wm_n": 478412.0,
  "summary_wm_p05": 903.3259155973792,
  "summary_wm_p95": 1101.5520738065243,
  "summary_wm_stdv": 60.46669327194946,
  "tpm_overlap_csf": 0.15705230832099915,
  "tpm_overlap_gm": 0.4535798728466034,
  "tpm_overlap_wm": 0.5034506320953369,
  "wm2max": 0.5712779222217346
}