{
  "bids_meta": {
    "BandwidthPerPixelPhaseEncode": null,
    "Columns": 256,
    "EchoTime": 0.00194,
    "EchoTrainLength": 1,
    "FlipAngle": 8.0,
    "ImageType": "ORIGINAL/PRIMARY/M/ND/NORM",
    "ImagingFrequency": 123.190891,
    "InplanePhaseEncodingDirection": "ROW",
    "InversionTime": 1.0,
    "MRAcquisitionType": "3D",
    "MagneticFieldStrength": 3.0,
    "Manufacturer": "SIEMENS",
    "ManufacturersModelName": "Skyra",
    "NumberOfAverages": 1.0,
    "NumberOfEchoes": null,
    "NumberOfPhaseEncodingSteps": 282,
    "PATModeText": "p2",
    "PercentPhaseFieldOfView": 100.0,
    "PhaseEncodingDirection": "i-",
    "PixelBandwidth": 270.0,
    "PixelSpacing": [
      0.80078125,
      0.80078125
    ],
    "RealDwellTime": 7200,
    "RepetitionTime": 2.4,
    "Rows": 256,
    "ScanOptions": [
      "IR",
      "WE"
    ],
    "ScanningSequence": [
      "GR",
      "IR"
    ],
    "SequenceName": "*tfl3d1_16ns",
    "SequenceVariant": [
      "SK",
      "SP",
      "MP",
      "OSP"
    ],
    "SeriesDate": "18740410",
    "SeriesDescription": "T1w_MPR1_PMC",
    "SeriesNumber": 5,
    "SeriesTime": "114632.489000",
    "SliceThickness": 0.80000001192093,
    "SliceTiming": null,
    "SpacingBetweenSlices": null,
    "StudyID": "1",
    "StudyTime": "113704.537000",
    "dataset": "ds000053",
    "modality": "T1w",
    "subject_id": "028"
  },
  "cjv": 0.48000425016369264,
  "cnr": 2.6445375455802598,
  "efc": 0.5976132869185508,
  "fber": 5216.593443774139,
  "fwhm_avg": 3.8635187859936835,
  "fwhm_x": 3.8019249433469033,
  "fwhm_y": 3.825664,
  "fwhm_z": 3.9629674146341465,
  "icvs_csf": 0.17841282866995983,
  "icvs_gm": 0.4449097809496007,
  "icvs_wm": 0.37667739038043946,
  "inu_med": 1.1982488632202148,
  "inu_range": 0.44912019371986367,
  "provenance": {
    "md5sum": "b2f3014d0969af89086314e0014e293b",
    "settings": {
      "testing": false
    },
    "software": "mriqc",
    "version": "22.0.0rc1",
    "warnings": {
      "large_rot_frame": true,
      "small_air_mask": false
    },
    "webapi_port": null,
    "webapi_url": "https://mriqc.nimh.nih.gov/api/v1"
  },
  "qi_1": 1.4395875047095078e-06,
  "qi_2": 0.0017574657766772112,
  "rpve_csf": 21.742681378235265,
  "rpve_gm": 9.857125598375147,
  "rpve_wm": 13.343979066414065,
  "size_x": 256,
  "size_y": 256,
  "size_z": 256,
  "snr_csf": 2.981088459656907,
  "snr_gm": 10.408891789780107,
  "snr_total": 10.673524330918688,
  "snr_wm": 18.630592743319053,
  "snrd_csf": 41.294657724483514,
  "snrd_gm": 95.73889147618003,
  "snrd_total": 87.68047017820233,
  "snrd_wm": 126.00786133394348,
  "spacing_x": 0.800000011920929,
  "spacing_y": 0.80078125,
  "spacing_z": 0.80078125,
  "summary_bg_k": 11.233274014514446,
  "summary_bg_mad": 5.1991707082938845,
  "summary_bg_mean": 9.059708906527465,
  "summary_bg_median": 8.088235344737768,
  "summary_bg_n": 4553463.0,
  "summary_bg_p05": 1.8099547624588013,
  "summary_bg_p95": 20.418552163988352,
  "summary_bg_stdv": 6.46782596037004,
  "summary_csf_k": 0.9964912237736807,
  "summary_csf_mad": 91.23706017135075,
  "summary_csf_mean": 351.69195409535763,
  "summary_csf_median": 327.7149341776967,
  "summary_csf_n": 38973.0,
  "summary_csf_p05": 213.29185653850436,
  "summary_csf_p95": 575.0000035986304,
  "summary_csf_stdv": 109.92989111238921,
  "summary_gm_k": 0.8124463779890241,
  "summary_gm_mad": 64.57034589332727,
  "summary_gm_mean": 764.8445497911173,
  "summary_gm_median": 759.7850726284087,
  "summary_gm_n": 80608.0,
  "summary_gm_p05": 654.9208185784519,
  "summary_gm_p95": 899.1515893377364,
  "summary_gm_stdv": 72.99339594640135,
  "summary_wm_k": 0.5357108410388225,
  "summary_wm_mad": 50.7338432019,
  "summary_wm_mean": 999.1919227753818,
  "summary_wm_median": 1000.0000062584877,
  "summary_wm_n": 461644.0,
  "summary_wm_p05": 909.2760237902403,
  "summary_wm_p95": 1085.3506855256855,
  "summary_wm_stdv": 53.6750997109755,
  "tpm_overlap_csf": 0.1608777940273285,
  "tpm_overlap_gm": 0.42136040329933167,
  "tpm_overlap_wm": 0.4807266294956207,
  "wm2max": 0.6504449689249715
}