{
  "bids_meta": {
    "BandwidthPerPixelPhaseEncode": null,
    "Columns": 256,
    "EchoTime": 0.00194,
    "EchoTrainLength": 1,
    "FlipAngle": 8.0,
    "ImageType": "ORIGINAL/PRIMARY/M/ND/NORM",
    "ImagingFrequency": 123.19098,
    "InplanePhaseEncodingDirection": "ROW",
    "InversionTime": 1.0,
    "MRAcquisitionType": "3D",
    "MagneticFieldStrength": 3.0,
    "Manufacturer": "SIEMENS",
    "ManufacturersModelName": "Skyra",
    "NumberOfAverages": 1.0,
    "NumberOfEchoes": null,
    "NumberOfPhaseEncodingSteps": 282,
    "PATModeText": "p2",
    "PercentPhaseFieldOfView": 100.0,
    "PhaseEncodingDirection": "i-",
    "PixelBandwidth": 270.0,
    "PixelSpacing": [
      0.80078125,
      0.80078125
    ],
    "RealDwellTime": 7200,
    "RepetitionTime": 2.4,
    "Rows": 256,
    "ScanOptions": [
      "IR",
      "WE"
    ],
    "ScanningSequence": [
      "GR",
      "IR"
    ],
    "SequenceName": "*tfl3d1_16ns",
    "SequenceVariant": [
      "SK",
      "SP",
      "MP",
      "OSP"
    ],
    "SeriesDate": "18740327",
    "SeriesDescription": "T1w_MPR1_PMC",
    "SeriesNumber": 9,
    "SeriesTime": "115534.286000",
    "SliceThickness": 0.80000001192093,
    "SliceTiming": null,
    "SpacingBetweenSlices": null,
    "StudyID": "1",
    "StudyTime": "112928.170000",
    "dataset": "ds000053",
    "modality": "T1w",
    "subject_id": "023"
  },
  "cjv": 0.5980130289886925,
  "cnr": 2.167026729941712,
  "efc": 0.6630555270401424,
  "fber": 3118.541439619274,
  "fwhm_avg": 3.7517352048364803,
  "fwhm_x": 3.7730124437777333,
  "fwhm_y": 3.676397268292683,
  "fwhm_z": 3.8057959024390247,
  "icvs_csf": 0.1680166762208595,
  "icvs_gm": 0.46382890133131255,
  "icvs_wm": 0.3681544224478279,
  "inu_med": 1.4527897834777832,
  "inu_range": 0.655837494134903,
  "provenance": {
    "md5sum": "9877c6a4dedeada97d926e30d29136df",
    "settings": {
      "testing": false
    },
    "software": "mriqc",
    "version": "22.0.0rc1",
    "warnings": {
      "large_rot_frame": true,
      "small_air_mask": false
    },
    "webapi_port": null,
    "webapi_url": "https://mriqc.nimh.nih.gov/api/v1"
  },
  "qi_1": 0.0,
  "qi_2": 0.0012867053313537248,
  "rpve_csf": 21.99512132562441,
  "rpve_gm": 9.121932354418156,
  "rpve_wm": 12.642856273190212,
  "size_x": 256,
  "size_y": 256,
  "size_z": 256,
  "snr_csf": 3.049321879035206,
  "snr_gm": 10.504876148232613,
  "snr_total": 9.566239820406949,
  "snr_wm": 15.14452143395303,
  "snrd_csf": 40.07324385366312,
  "snrd_gm": 81.89330553899006,
  "snrd_total": 75.50211565950336,
  "snrd_wm": 104.53979758585689,
  "spacing_x": 0.800000011920929,
  "spacing_y": 0.80078125,
  "spacing_z": 0.80078125,
  "summary_bg_k": 178.69130213080754,
  "summary_bg_mad": 6.267275232358818,
  "summary_bg_mean": 11.987277996559843,
  "summary_bg_median": 10.501982063055038,
  "summary_bg_n": 3442582.0,
  "summary_bg_p05": 2.1136064529418945,
  "summary_bg_p95": 26.354030460119247,
  "summary_bg_stdv": 8.508437182808557,
  "summary_csf_k": 6.221905174379248,
  "summary_csf_mad": 115.06325621908768,
  "summary_csf_mean": 407.0754238864167,
  "summary_csf_median": 383.3553704023361,
  "summary_csf_n": 32338.0,
  "summary_csf_p05": 244.38574612140656,
  "summary_csf_p95": 635.3467972442506,
  "summary_csf_stdv": 125.7162930787291,
  "summary_gm_k": 0.992539981238743,
  "summary_gm_mad": 67.66698727437411,
  "summary_gm_mean": 788.3706591975892,
  "summary_gm_median": 783.4214418232441,
  "summary_gm_n": 98006.0,
  "summary_gm_p05": 676.7503661513329,
  "summary_gm_p95": 921.8626644909382,
  "summary_gm_stdv": 74.57655225581922,
  "summary_wm_k": 0.5154312766513809,
  "summary_wm_mad": 61.889342919543324,
  "summary_wm_mean": 999.7208938177348,
  "summary_wm_median": 1000.0661032497883,
  "summary_wm_n": 458170.0,
  "summary_wm_p05": 889.1017644703388,
  "summary_wm_p95": 1107.0013797283173,
  "summary_wm_stdv": 66.03477146771927,
  "tpm_overlap_csf": 0.16382020711898804,
  "tpm_overlap_gm": 0.43654581904411316,
  "tpm_overlap_wm": 0.48851722478866577,
  "wm2max": 0.5353392497259838
}