{
  "bids_meta": {
    "BandwidthPerPixelPhaseEncode": null,
    "Columns": 256,
    "EchoTime": 0.00194,
    "EchoTrainLength": 1,
    "FlipAngle": 8.0,
    "ImageType": "ORIGINAL/PRIMARY/M/ND/NORM",
    "ImagingFrequency": 123.190963,
    "InplanePhaseEncodingDirection": "ROW",
    "InversionTime": 1.0,
    "MRAcquisitionType": "3D",
    "MagneticFieldStrength": 3.0,
    "Manufacturer": "SIEMENS",
    "ManufacturersModelName": "Skyra",
    "NumberOfAverages": 1.0,
    "NumberOfEchoes": null,
    "NumberOfPhaseEncodingSteps": 282,
    "PATModeText": "p2",
    "PercentPhaseFieldOfView": 100.0,
    "PhaseEncodingDirection": "i-",
    "PixelBandwidth": 270.0,
    "PixelSpacing": [
      0.80078125,
      0.80078125
    ],
    "RealDwellTime": 7200,
    "RepetitionTime": 2.4,
    "Rows": 256,
    "ScanOptions": [
      "IR",
      "WE"
    ],
    "ScanningSequence": [
      "GR",
      "IR"
    ],
    "SequenceName": "*tfl3d1_16ns",
    "SequenceVariant": [
      "SK",
      "SP",
      "MP",
      "OSP"
    ],
    "SeriesDate": "18740328",
    "SeriesDescription": "T1w_MPR1_PMC",
    "SeriesNumber": 5,
    "SeriesTime": "135057.286000",
    "SliceThickness": 0.80000001192093,
    "SliceTiming": null,
    "SpacingBetweenSlices": null,
    "StudyID": "1",
    "StudyTime": "132649.717000",
    "dataset": "ds000053",
    "modality": "T1w",
    "subject_id": "024"
  },
  "cjv": 0.5439621848449087,
  "cnr": 2.3728990649994364,
  "efc": 0.6314715895216343,
  "fber": 3563.6217800845825,
  "fwhm_avg": 3.782987103033699,
  "fwhm_x": 3.808599943247438,
  "fwhm_y": 3.6911203902439023,
  "fwhm_z": 3.8492409756097556,
  "icvs_csf": 0.15312715924379486,
  "icvs_gm": 0.4626599616945537,
  "icvs_wm": 0.3842128790616514,
  "inu_med": 1.2328824996948242,
  "inu_range": 0.5113886356353761,
  "provenance": {
    "md5sum": "385cd2f72598146c4e6bf7208cb125fd",
    "settings": {
      "testing": false
    },
    "software": "mriqc",
    "version": "22.0.0rc1",
    "warnings": {
      "large_rot_frame": true,
      "small_air_mask": false
    },
    "webapi_port": null,
    "webapi_url": "https://mriqc.nimh.nih.gov/api/v1"
  },
  "qi_1": 0.0,
  "qi_2": 0.0011055719928743791,
  "rpve_csf": 23.373357782180445,
  "rpve_gm": 9.156620016741947,
  "rpve_wm": 12.284106629637764,
  "size_x": 256,
  "size_y": 256,
  "size_z": 256,
  "snr_csf": 1.5697317884168482,
  "snr_gm": 10.22345705420194,
  "snr_total": 9.58815031984719,
  "snr_wm": 16.97126211692278,
  "snrd_csf": 42.95238628767028,
  "snrd_gm": 88.02442899558083,
  "snrd_total": 81.66315826209102,
  "snrd_wm": 114.01265950302191,
  "spacing_x": 0.800000011920929,
  "spacing_y": 0.80078125,
  "spacing_z": 0.80078125,
  "summary_bg_k": 9.78024074819055,
  "summary_bg_mad": 5.746520139080959,
  "summary_bg_mean": 10.254218769193,
  "summary_bg_median": 8.720930099487305,
  "summary_bg_n": 3534980.0,
  "summary_bg_p05": 1.9379844665527344,
  "summary_bg_p95": 23.074127554893494,
  "summary_bg_stdv": 7.260418295673685,
  "summary_csf_k": 32.966796463435735,
  "summary_csf_mad": 153.98878185193507,
  "summary_csf_mean": 430.6448583139363,
  "summary_csf_median": 376.7562927007675,
  "summary_csf_n": 32064.0,
  "summary_csf_p05": 223.35270977020264,
  "summary_csf_p95": 666.6575721919536,
  "summary_csf_stdv": 240.0094209520922,
  "summary_gm_k": 0.30066511572784105,
  "summary_gm_mad": 71.3825548526463,
  "summary_gm_mean": 776.4293361779168,
  "summary_gm_median": 772.1051238775253,
  "summary_gm_n": 104690.0,
  "summary_gm_p05": 661.001080030203,
  "summary_gm_p95": 912.9118077754974,
  "summary_gm_stdv": 75.52253921516464,
  "summary_wm_k": 1.3369984944538071,
  "summary_wm_mad": 52.61657502346003,
  "summary_wm_mean": 1000.195420372027,
  "summary_wm_median": 1000.0605467557907,
  "summary_wm_n": 485396.0,
  "summary_wm_p05": 903.6458195447922,
  "summary_wm_p95": 1095.1429096460342,
  "summary_wm_stdv": 58.92664374141712,
  "tpm_overlap_csf": 0.1584356129169464,
  "tpm_overlap_gm": 0.43651795387268066,
  "tpm_overlap_wm": 0.4855797588825226,
  "wm2max": 0.5240059657918954
}