{
  "bids_meta": {
    "BandwidthPerPixelPhaseEncode": null,
    "Columns": 256,
    "EchoTime": 0.00194,
    "EchoTrainLength": 1,
    "FlipAngle": 8.0,
    "ImageType": "ORIGINAL/PRIMARY/M/ND/NORM",
    "ImagingFrequency": 123.190943,
    "InplanePhaseEncodingDirection": "ROW",
    "InversionTime": 1.0,
    "MRAcquisitionType": "3D",
    "MagneticFieldStrength": 3.0,
    "Manufacturer": "SIEMENS",
    "ManufacturersModelName": "Skyra",
    "NumberOfAverages": 1.0,
    "NumberOfEchoes": null,
    "NumberOfPhaseEncodingSteps": 282,
    "PATModeText": "p2",
    "PercentPhaseFieldOfView": 100.0,
    "PhaseEncodingDirection": "i-",
    "PixelBandwidth": 270.0,
    "PixelSpacing": [
      0.80078125,
      0.80078125
    ],
    "RealDwellTime": 7200,
    "RepetitionTime": 2.4,
    "Rows": 256,
    "ScanOptions": [
      "IR",
      "WE"
    ],
    "ScanningSequence": [
      "GR",
      "IR"
    ],
    "SequenceName": "*tfl3d1_16ns",
    "SequenceVariant": [
      "SK",
      "SP",
      "MP",
      "OSP"
    ],
    "SeriesDate": "18740402",
    "SeriesDescription": "T1w_MPR1_PMC",
    "SeriesNumber": 5,
    "SeriesTime": "113701.396000",
    "SliceThickness": 0.80000001192093,
    "SliceTiming": null,
    "SpacingBetweenSlices": null,
    "StudyID": "1",
    "StudyTime": "111632.099000",
    "dataset": "ds000053",
    "modality": "T1w",
    "subject_id": "026"
  },
  "cjv": 0.5278578500806167,
  "cnr": 2.417148181858705,
  "efc": 0.6269282080732276,
  "fber": 3886.8070411179788,
  "fwhm_avg": 3.9931079924980843,
  "fwhm_x": 3.965537440908887,
  "fwhm_y": 3.9364433170731705,
  "fwhm_z": 4.077343219512195,
  "icvs_csf": 0.1795598125235446,
  "icvs_gm": 0.4303663173123684,
  "icvs_wm": 0.39007387016408696,
  "inu_med": 1.3673756122589111,
  "inu_range": 0.5011664032936094,
  "provenance": {
    "md5sum": "9672f7ae7b72d685e1ddb75db7e601fb",
    "settings": {
      "testing": false
    },
    "software": "mriqc",
    "version": "22.0.0rc1",
    "warnings": {
      "large_rot_frame": true,
      "small_air_mask": false
    },
    "webapi_port": null,
    "webapi_url": "https://mriqc.nimh.nih.gov/api/v1"
  },
  "qi_1": 0.0,
  "qi_2": 0.0009781325783262463,
  "rpve_csf": 20.77067750481003,
  "rpve_gm": 9.774879020028099,
  "rpve_wm": 12.68941506622403,
  "size_x": 256,
  "size_y": 256,
  "size_z": 256,
  "snr_csf": 3.041577701048518,
  "snr_gm": 9.583335013688524,
  "snr_total": 10.840441089646552,
  "snr_wm": 19.896410554202614,
  "snrd_csf": 46.79610991531697,
  "snrd_gm": 91.85366466350142,
  "snrd_total": 86.01743155383572,
  "snrd_wm": 119.4025200826888,
  "spacing_x": 0.800000011920929,
  "spacing_y": 0.80078125,
  "spacing_z": 0.80078125,
  "summary_bg_k": 4073.640597230514,
  "summary_bg_mad": 5.486788659832284,
  "summary_bg_mean": 9.667498846572473,
  "summary_bg_median": 8.31159396097064,
  "summary_bg_n": 3428087.0,
  "summary_bg_p05": 1.8200570717453957,
  "summary_bg_p95": 22.204696275293827,
  "summary_bg_stdv": 11.894647702528209,
  "summary_csf_k": 5.783019170799365,
  "summary_csf_mad": 147.96339910531324,
  "summary_csf_mean": 407.1357181617399,
  "summary_csf_median": 391.91895611584187,
  "summary_csf_n": 34055.0,
  "summary_csf_p05": 224.71637979149818,
  "summary_csf_p95": 609.0517647750676,
  "summary_csf_stdv": 128.85194474325255,
  "summary_gm_k": 0.29474749594076455,
  "summary_gm_mad": 75.28593620130528,
  "summary_gm_mean": 775.9810731359131,
  "summary_gm_median": 769.2774556577206,
  "summary_gm_n": 80454.0,
  "summary_gm_p05": 655.0173061219975,
  "summary_gm_p95": 921.7375697009265,
  "summary_gm_stdv": 80.2719172074546,
  "summary_wm_k": 0.77713276052059,
  "summary_wm_mad": 46.502782575955585,
  "summary_wm_mean": 999.951759997197,
  "summary_wm_median": 1000.0000237859786,
  "summary_wm_n": 517235.0,
  "summary_wm_p05": 917.5514384359121,
  "summary_wm_p95": 1081.2352377548814,
  "summary_wm_stdv": 50.26027455468217,
  "tpm_overlap_csf": 0.17066659033298492,
  "tpm_overlap_gm": 0.43683716654777527,
  "tpm_overlap_wm": 0.5060033202171326,
  "wm2max": 0.5357885840592901
}