{
  "bids_meta": {
    "BandwidthPerPixelPhaseEncode": null,
    "Columns": 256,
    "EchoTime": 0.00194,
    "EchoTrainLength": 1,
    "FlipAngle": 8.0,
    "ImageType": "ORIGINAL/PRIMARY/M/ND/NORM",
    "ImagingFrequency": 123.19074,
    "InplanePhaseEncodingDirection": "ROW",
    "InversionTime": 1.0,
    "MRAcquisitionType": "3D",
    "MagneticFieldStrength": 3.0,
    "Manufacturer": "SIEMENS",
    "ManufacturersModelName": "Skyra",
    "NumberOfAverages": 1.0,
    "NumberOfEchoes": null,
    "NumberOfPhaseEncodingSteps": 282,
    "PATModeText": "p2",
    "PercentPhaseFieldOfView": 100.0,
    "PhaseEncodingDirection": "i-",
    "PixelBandwidth": 270.0,
    "PixelSpacing": [
      0.80078125,
      0.80078125
    ],
    "RealDwellTime": 7200,
    "RepetitionTime": 2.4,
    "Rows": 256,
    "ScanOptions": [
      "IR",
      "WE"
    ],
    "ScanningSequence": [
      "GR",
      "IR"
    ],
    "SequenceName": "*tfl3d1_16ns",
    "SequenceVariant": [
      "SK",
      "SP",
      "MP",
      "OSP"
    ],
    "SeriesDate": "18740429",
    "SeriesDescription": "T1w_MPR1_PMC",
    "SeriesNumber": 5,
    "SeriesTime": "095602.763000",
    "SliceThickness": 0.80000001192093,
    "SliceTiming": null,
    "SpacingBetweenSlices": null,
    "StudyID": "1",
    "StudyTime": "093910.993000",
    "dataset": "ds000053",
    "modality": "T1w",
    "subject_id": "038"
  },
  "cjv": 0.5820117278979016,
  "cnr": 2.21217216161106,
  "efc": 0.6439302305555787,
  "fber": 4355.319614199171,
  "fwhm_avg": 3.7904549526886,
  "fwhm_x": 3.7962374434316537,
  "fwhm_y": 3.705094243902439,
  "fwhm_z": 3.8700331707317073,
  "icvs_csf": 0.18298222893355434,
  "icvs_gm": 0.4437296000495301,
  "icvs_wm": 0.3732881710169155,
  "inu_med": 1.211717128753662,
  "inu_range": 0.493555200099945,
  "provenance": {
    "md5sum": "d219536483cd8c78dc01d6f960075c38",
    "settings": {
      "testing": false
    },
    "software": "mriqc",
    "version": "22.0.0rc1",
    "warnings": {
      "large_rot_frame": true,
      "small_air_mask": false
    },
    "webapi_port": null,
    "webapi_url": "https://mriqc.nimh.nih.gov/api/v1"
  },
  "qi_1": 0.0,
  "qi_2": 0.001019693062308588,
  "rpve_csf": 19.32842218927957,
  "rpve_gm": 8.987746211790203,
  "rpve_wm": 12.216963822332913,
  "size_x": 256,
  "size_y": 256,
  "size_z": 256,
  "snr_csf": 2.6204886381227674,
  "snr_gm": 9.349168859767845,
  "snr_total": 9.383177052413986,
  "snr_wm": 16.179873659351344,
  "snrd_csf": 39.84923383748137,
  "snrd_gm": 82.33748978340523,
  "snrd_total": 76.31479126615356,
  "snrd_wm": 106.75765017757408,
  "spacing_x": 0.800000011920929,
  "spacing_y": 0.80078125,
  "spacing_z": 0.80078125,
  "summary_bg_k": 252.52564378506585,
  "summary_bg_mad": 6.13702208150996,
  "summary_bg_mean": 10.976379400283117,
  "summary_bg_median": 9.486029874533415,
  "summary_bg_n": 4607491.0,
  "summary_bg_p05": 1.7822237946093082,
  "summary_bg_p95": 24.778659854084253,
  "summary_bg_stdv": 8.17993752078375,
  "summary_csf_k": 3.355937626330224,
  "summary_csf_mad": 145.3280923468678,
  "summary_csf_mean": 404.2937816378112,
  "summary_csf_median": 373.28964833542705,
  "summary_csf_n": 36459.0,
  "summary_csf_p05": 219.15603564679623,
  "summary_csf_p95": 653.0412929989398,
  "summary_csf_stdv": 142.44844398961064,
  "summary_gm_k": 0.6373572977420792,
  "summary_gm_mad": 73.64426497811952,
  "summary_gm_mean": 779.1875646959177,
  "summary_gm_median": 771.3004654347897,
  "summary_gm_n": 81519.0,
  "summary_gm_p05": 657.2381425797939,
  "summary_gm_p95": 934.7476347275078,
  "summary_gm_stdv": 82.49885590767093,
  "summary_wm_k": 0.3161017357068463,
  "summary_wm_mad": 59.49501962352711,
  "summary_wm_mean": 999.0481461581095,
  "summary_wm_median": 1000.0575131364167,
  "summary_wm_n": 491201.0,
  "summary_wm_p05": 895.0212914347649,
  "summary_wm_p95": 1098.367277290672,
  "summary_wm_stdv": 61.808671453137336,
  "tpm_overlap_csf": 0.15402622520923615,
  "tpm_overlap_gm": 0.42315173149108887,
  "tpm_overlap_wm": 0.47089993953704834,
  "wm2max": 0.5855916512371655
}