{
  "bids_meta": {
    "BandwidthPerPixelPhaseEncode": null,
    "Columns": 256,
    "EchoTime": 0.00194,
    "EchoTrainLength": 1,
    "FlipAngle": 8.0,
    "ImageType": "ORIGINAL/PRIMARY/M/ND/NORM",
    "ImagingFrequency": 123.191122,
    "InplanePhaseEncodingDirection": "ROW",
    "InversionTime": 1.0,
    "MRAcquisitionType": "3D",
    "MagneticFieldStrength": 3.0,
    "Manufacturer": "SIEMENS",
    "ManufacturersModelName": "Skyra",
    "NumberOfAverages": 1.0,
    "NumberOfEchoes": null,
    "NumberOfPhaseEncodingSteps": 282,
    "PATModeText": "p2",
    "PercentPhaseFieldOfView": 100.0,
    "PhaseEncodingDirection": "i-",
    "PixelBandwidth": 270.0,
    "PixelSpacing": [
      0.80078125,
      0.80078125
    ],
    "RealDwellTime": 7200,
    "RepetitionTime": 2.4,
    "Rows": 256,
    "ScanOptions": [
      "IR",
      "WE"
    ],
    "ScanningSequence": [
      "GR",
      "IR"
    ],
    "SequenceName": "*tfl3d1_16ns",
    "SequenceVariant": [
      "SK",
      "SP",
      "MP",
      "OSP"
    ],
    "SeriesDate": "18740318",
    "SeriesDescription": "T1w_MPR1_PMC",
    "SeriesNumber": 5,
    "SeriesTime": "113909.035000",
    "SliceThickness": 0.80000001192093,
    "SliceTiming": null,
    "SpacingBetweenSlices": null,
    "StudyID": "1",
    "StudyTime": "112050.743000",
    "dataset": "ds000053",
    "modality": "T1w",
    "subject_id": "015"
  },
  "cjv": 0.49777022294188544,
  "cnr": 2.624823870833318,
  "efc": 0.664739655751789,
  "fber": 3741.7458170167324,
  "fwhm_avg": 3.929882623018535,
  "fwhm_x": 3.8771249422263363,
  "fwhm_y": 3.897044292682927,
  "fwhm_z": 4.0154786341463415,
  "icvs_csf": 0.16262662708405695,
  "icvs_gm": 0.4649293352453697,
  "icvs_wm": 0.3724440376705733,
  "inu_med": 1.1538931131362915,
  "inu_range": 0.5256293594837189,
  "provenance": {
    "md5sum": "2944d983e13d6a5441a5cc2d01b0b056",
    "settings": {
      "testing": false
    },
    "software": "mriqc",
    "version": "22.0.0rc1",
    "warnings": {
      "large_rot_frame": true,
      "small_air_mask": false
    },
    "webapi_port": null,
    "webapi_url": "https://mriqc.nimh.nih.gov/api/v1"
  },
  "qi_1": 0.0,
  "qi_2": 0.002271153075566504,
  "rpve_csf": 18.01693314560942,
  "rpve_gm": 7.3805438268738595,
  "rpve_wm": 10.128706029843743,
  "size_x": 256,
  "size_y": 256,
  "size_z": 256,
  "snr_csf": 2.9552139211850954,
  "snr_gm": 11.134755880967552,
  "snr_total": 10.051213398502854,
  "snr_wm": 16.063670393355917,
  "snrd_csf": 40.62119450074973,
  "snrd_gm": 85.78289458261749,
  "snrd_total": 79.89112429400173,
  "snrd_wm": 113.26928379863797,
  "spacing_x": 0.800000011920929,
  "spacing_y": 0.80078125,
  "spacing_z": 0.80078125,
  "summary_bg_k": 6.233520946577329,
  "summary_bg_mad": 5.783883849723199,
  "summary_bg_mean": 10.559819091140115,
  "summary_bg_median": 9.668117880821228,
  "summary_bg_n": 3876256.0,
  "summary_bg_p05": 1.9788545370101929,
  "summary_bg_p95": 22.672019124031067,
  "summary_bg_stdv": 6.7476229428974115,
  "summary_csf_k": 5.814750490593612,
  "summary_csf_mad": 115.00708176551056,
  "summary_csf_mean": 379.1416754564505,
  "summary_csf_median": 358.6249808073044,
  "summary_csf_n": 41609.0,
  "summary_csf_p05": 218.91785049438477,
  "summary_csf_p95": 603.3810176849365,
  "summary_csf_stdv": 121.35184825250484,
  "summary_gm_k": 0.49876197479379636,
  "summary_gm_mad": 63.455073539716835,
  "summary_gm_mean": 760.2173418252755,
  "summary_gm_median": 757.3359006643295,
  "summary_gm_n": 133823.0,
  "summary_gm_p05": 653.6495767951012,
  "summary_gm_p95": 879.7987271547318,
  "summary_gm_stdv": 68.0152379753277,
  "summary_wm_k": 0.750640342647984,
  "summary_wm_mad": 57.335892075516924,
  "summary_wm_mean": 998.3360261625892,
  "summary_wm_median": 1000.0000056028366,
  "summary_wm_n": 569377.0,
  "summary_wm_p05": 892.463396191597,
  "summary_wm_p95": 1096.5115683078766,
  "summary_wm_stdv": 62.252219011121326,
  "tpm_overlap_csf": 0.16372467577457428,
  "tpm_overlap_gm": 0.4393150806427002,
  "tpm_overlap_wm": 0.48741960525512695,
  "wm2max": 0.5507327989218864
}