{
  "bids_meta": {
    "BandwidthPerPixelPhaseEncode": null,
    "Columns": 256,
    "EchoTime": 0.00194,
    "EchoTrainLength": 1,
    "FlipAngle": 8.0,
    "ImageType": "ORIGINAL/PRIMARY/M/ND/NORM",
    "ImagingFrequency": 123.190876,
    "InplanePhaseEncodingDirection": "ROW",
    "InversionTime": 1.0,
    "MRAcquisitionType": "3D",
    "MagneticFieldStrength": 3.0,
    "Manufacturer": "SIEMENS",
    "ManufacturersModelName": "Skyra",
    "NumberOfAverages": 1.0,
    "NumberOfEchoes": null,
    "NumberOfPhaseEncodingSteps": 282,
    "PATModeText": "p2",
    "PercentPhaseFieldOfView": 100.0,
    "PhaseEncodingDirection": "i-",
    "PixelBandwidth": 270.0,
    "PixelSpacing": [
      0.80078125,
      0.80078125
    ],
    "RealDwellTime": 7200,
    "RepetitionTime": 2.4,
    "Rows": 256,
    "ScanOptions": [
      "IR",
      "WE"
    ],
    "ScanningSequence": [
      "GR",
      "IR"
    ],
    "SequenceName": "*tfl3d1_16ns",
    "SequenceVariant": [
      "SK",
      "SP",
      "MP",
      "OSP"
    ],
    "SeriesDate": "18740411",
    "SeriesDescription": "T1w_MPR1_PMC",
    "SeriesNumber": 5,
    "SeriesTime": "114248.367000",
    "SliceThickness": 0.80000001192093,
    "SliceTiming": null,
    "SpacingBetweenSlices": null,
    "StudyID": "1",
    "StudyTime": "112026.126000",
    "dataset": "ds000053",
    "modality": "T1w",
    "subject_id": "031"
  },
  "cjv": 0.5262367463433534,
  "cnr": 2.4312215169512936,
  "efc": 0.6380536544078522,
  "fber": 4206.350413082842,
  "fwhm_avg": 3.981582968089214,
  "fwhm_x": 3.969287440853008,
  "fwhm_y": 3.9438111219512195,
  "fwhm_z": 4.031650341463415,
  "icvs_csf": 0.18667134610205008,
  "icvs_gm": 0.4291028457235696,
  "icvs_wm": 0.3842258081743803,
  "inu_med": 1.2915523052215576,
  "inu_range": 0.5438552379608153,
  "provenance": {
    "md5sum": "6a32cd61dc21595c8b45a86ad7420b53",
    "settings": {
      "testing": false
    },
    "software": "mriqc",
    "version": "22.0.0rc1",
    "warnings": {
      "large_rot_frame": true,
      "small_air_mask": false
    },
    "webapi_port": null,
    "webapi_url": "https://mriqc.nimh.nih.gov/api/v1"
  },
  "qi_1": 0.0,
  "qi_2": 0.001195744158316752,
  "rpve_csf": 17.004476401489946,
  "rpve_gm": 8.249656225435698,
  "rpve_wm": 10.803884647366619,
  "size_x": 256,
  "size_y": 256,
  "size_z": 256,
  "snr_csf": 2.6289557421882157,
  "snr_gm": 9.64195230367429,
  "snr_total": 9.607787774227559,
  "snr_wm": 16.55245527682017,
  "snrd_csf": 53.66420771214187,
  "snrd_gm": 89.94067906061889,
  "snrd_total": 87.406282634881,
  "snrd_wm": 118.61396113188226,
  "spacing_x": 0.800000011920929,
  "spacing_y": 0.80078125,
  "spacing_z": 0.80078125,
  "summary_bg_k": 12.635793262713387,
  "summary_bg_mad": 5.523265323675813,
  "summary_bg_mean": 10.109859118318138,
  "summary_bg_median": 8.456034544855356,
  "summary_bg_n": 4343282.0,
  "summary_bg_p05": 1.8331263698637486,
  "summary_bg_p95": 22.352315090596676,
  "summary_bg_stdv": 7.206793002703686,
  "summary_csf_k": 32.305236382844996,
  "summary_csf_mad": 163.50618775643477,
  "summary_csf_mean": 449.34391513420724,
  "summary_csf_median": 452.4274147041142,
  "summary_csf_n": 54122.0,
  "summary_csf_p05": 230.0277928635478,
  "summary_csf_p95": 644.728284213692,
  "summary_csf_stdv": 172.09237406504545,
  "summary_gm_k": 0.5504344148536973,
  "summary_gm_mad": 69.87368988840672,
  "summary_gm_mean": 763.5870459964893,
  "summary_gm_median": 758.2638529278338,
  "summary_gm_n": 98597.0,
  "summary_gm_p05": 643.4273558221757,
  "summary_gm_p95": 908.6984814740717,
  "summary_gm_stdv": 78.641750526058,
  "summary_wm_k": 0.5559273499733659,
  "summary_wm_mad": 57.33675431244415,
  "summary_wm_mean": 999.750385135942,
  "summary_wm_median": 1000.0000013150275,
  "summary_wm_n": 609308.0,
  "summary_wm_p05": 900.3015800379217,
  "summary_wm_p95": 1097.747030004859,
  "summary_wm_stdv": 60.413948504185356,
  "tpm_overlap_csf": 0.1607840657234192,
  "tpm_overlap_gm": 0.4471486508846283,
  "tpm_overlap_wm": 0.5077772736549377,
  "wm2max": 0.4488108542639915
}