{
  "bids_meta": {
    "BandwidthPerPixelPhaseEncode": null,
    "Columns": 256,
    "EchoTime": 0.00194,
    "EchoTrainLength": 1,
    "FlipAngle": 8.0,
    "ImageType": "ORIGINAL/PRIMARY/M/ND/NORM",
    "ImagingFrequency": 123.19112,
    "InplanePhaseEncodingDirection": "ROW",
    "InversionTime": 1.0,
    "MRAcquisitionType": "3D",
    "MagneticFieldStrength": 3.0,
    "Manufacturer": "SIEMENS",
    "ManufacturersModelName": "Skyra",
    "NumberOfAverages": 1.0,
    "NumberOfEchoes": null,
    "NumberOfPhaseEncodingSteps": 282,
    "PATModeText": "p2",
    "PercentPhaseFieldOfView": 100.0,
    "PhaseEncodingDirection": "i-",
    "PixelBandwidth": 270.0,
    "PixelSpacing": [
      0.80078125,
      0.80078125
    ],
    "RealDwellTime": 7200,
    "RepetitionTime": 2.4,
    "Rows": 256,
    "ScanOptions": [
      "IR",
      "WE"
    ],
    "ScanningSequence": [
      "GR",
      "IR"
    ],
    "SequenceName": "*tfl3d1_16ns",
    "SequenceVariant": [
      "SK",
      "SP",
      "MP",
      "OSP"
    ],
    "SeriesDate": "18740307",
    "SeriesDescription": "T1w_MPR1_PMC",
    "SeriesNumber": 5,
    "SeriesTime": "133733.539000",
    "SliceThickness": 0.80000001192093,
    "SliceTiming": null,
    "SpacingBetweenSlices": null,
    "StudyID": "1",
    "StudyTime": "131636.621000",
    "dataset": "ds000053",
    "modality": "T1w",
    "subject_id": "046"
  },
  "cjv": 0.5892344632212252,
  "cnr": 2.187856275187145,
  "efc": 0.6562749440919848,
  "fber": 2817.731053870514,
  "fwhm_avg": 3.7824912415072176,
  "fwhm_x": 3.755824944033847,
  "fwhm_y": 3.734752780487805,
  "fwhm_z": 3.856896,
  "icvs_csf": 0.18410797731308137,
  "icvs_gm": 0.437426840212442,
  "icvs_wm": 0.37846518247447664,
  "inu_med": 1.1192593574523926,
  "inu_range": 0.4171140789985657,
  "provenance": {
    "md5sum": "4b653fdb89adc5be2697e3b95bd0e2ae",
    "settings": {
      "testing": false
    },
    "software": "mriqc",
    "version": "22.0.0rc1",
    "warnings": {
      "large_rot_frame": true,
      "small_air_mask": false
    },
    "webapi_port": null,
    "webapi_url": "https://mriqc.nimh.nih.gov/api/v1"
  },
  "qi_1": 0.0,
  "qi_2": 0.0016593767218539798,
  "rpve_csf": 20.113001640108212,
  "rpve_gm": 9.513172489893632,
  "rpve_wm": 12.740249454036833,
  "size_x": 256,
  "size_y": 256,
  "size_z": 256,
  "snr_csf": 2.4514647037998967,
  "snr_gm": 9.413429569888258,
  "snr_total": 9.823380596347212,
  "snr_wm": 17.605247515353483,
  "snrd_csf": 37.83147786393669,
  "snrd_gm": 87.01303034815673,
  "snrd_total": 78.8150528322828,
  "snrd_wm": 111.60065028475499,
  "spacing_x": 0.800000011920929,
  "spacing_y": 0.80078125,
  "spacing_z": 0.80078125,
  "summary_bg_k": 6.137181282615963,
  "summary_bg_mad": 5.870695655699415,
  "summary_bg_mean": 10.961656929826407,
  "summary_bg_median": 9.786175142973661,
  "summary_bg_n": 3249819.0,
  "summary_bg_p05": 1.9798620231449604,
  "summary_bg_p95": 24.43715411424637,
  "summary_bg_stdv": 7.351082555742624,
  "summary_csf_k": 21.764549358104624,
  "summary_csf_mad": 112.38188826624595,
  "summary_csf_mean": 370.29470598804994,
  "summary_csf_median": 339.0089458487928,
  "summary_csf_n": 39495.0,
  "summary_csf_p05": 211.4322938259691,
  "summary_csf_p95": 612.8295203983779,
  "summary_csf_stdv": 138.28657353312357,
  "summary_gm_k": 0.4252791816668977,
  "summary_gm_mad": 76.2351764432967,
  "summary_gm_mean": 785.029303604233,
  "summary_gm_median": 779.726232200861,
  "summary_gm_n": 77949.0,
  "summary_gm_p05": 658.3324064388871,
  "summary_gm_p95": 937.3232492431998,
  "summary_gm_stdv": 82.8307286818927,
  "summary_wm_k": 0.5748262852682924,
  "summary_wm_mad": 53.591064628456095,
  "summary_wm_mean": 1001.4182876573889,
  "summary_wm_median": 1000.0565916337073,
  "summary_wm_n": 484987.0,
  "summary_wm_p05": 910.9628005921841,
  "summary_wm_p95": 1096.5607233904302,
  "summary_wm_stdv": 56.80440219583496,
  "tpm_overlap_csf": 0.17972956597805023,
  "tpm_overlap_gm": 0.4407568573951721,
  "tpm_overlap_wm": 0.5013235807418823,
  "wm2max": 0.5726548328582535
}