{
  "bids_meta": {
    "BandwidthPerPixelPhaseEncode": null,
    "Columns": 256,
    "EchoTime": 0.00194,
    "EchoTrainLength": 1,
    "FlipAngle": 8.0,
    "ImageType": "ORIGINAL/PRIMARY/M/ND/NORM",
    "ImagingFrequency": 123.190827,
    "InplanePhaseEncodingDirection": "ROW",
    "InversionTime": 1.0,
    "MRAcquisitionType": "3D",
    "MagneticFieldStrength": 3.0,
    "Manufacturer": "SIEMENS",
    "ManufacturersModelName": "Skyra",
    "NumberOfAverages": 1.0,
    "NumberOfEchoes": null,
    "NumberOfPhaseEncodingSteps": 282,
    "PATModeText": "p2",
    "PercentPhaseFieldOfView": 100.0,
    "PhaseEncodingDirection": "i-",
    "PixelBandwidth": 270.0,
    "PixelSpacing": [
      0.80078125,
      0.80078125
    ],
    "RealDwellTime": 7200,
    "RepetitionTime": 2.4,
    "Rows": 256,
    "ScanOptions": [
      "IR",
      "WE"
    ],
    "ScanningSequence": [
      "GR",
      "IR"
    ],
    "SequenceName": "*tfl3d1_16ns",
    "SequenceVariant": [
      "SK",
      "SP",
      "MP",
      "OSP"
    ],
    "SeriesDate": "18740424",
    "SeriesDescription": "T1w_MPR1_PMC",
    "SeriesNumber": 5,
    "SeriesTime": "153843.246000",
    "SliceThickness": 0.80000001192093,
    "SliceTiming": null,
    "SpacingBetweenSlices": null,
    "StudyID": "1",
    "StudyTime": "152352.404000",
    "dataset": "ds000053",
    "modality": "T1w",
    "subject_id": "058"
  },
  "cjv": 0.5039521353089286,
  "cnr": 2.5952820357061475,
  "efc": 0.6059382479910166,
  "fber": 4908.336876417234,
  "fwhm_avg": 3.842245708727674,
  "fwhm_x": 3.8080124432561924,
  "fwhm_y": 3.8044846829268293,
  "fwhm_z": 3.9142400000000004,
  "icvs_csf": 0.17106940356094333,
  "icvs_gm": 0.4413954475416454,
  "icvs_wm": 0.3875351488974113,
  "inu_med": 1.2202460765838623,
  "inu_range": 0.4346594035625455,
  "provenance": {
    "md5sum": "27d81a48aea2365cbef7b02da7e033f8",
    "settings": {
      "testing": false
    },
    "software": "mriqc",
    "version": "22.0.0rc1",
    "warnings": {
      "large_rot_frame": true,
      "small_air_mask": false
    },
    "webapi_port": null,
    "webapi_url": "https://mriqc.nimh.nih.gov/api/v1"
  },
  "qi_1": 7.74005789563306e-06,
  "qi_2": 0.001230530733155212,
  "rpve_csf": 22.535031199683395,
  "rpve_gm": 10.057812061539963,
  "rpve_wm": 13.238697216472447,
  "size_x": 256,
  "size_y": 256,
  "size_z": 256,
  "snr_csf": 2.365887888572197,
  "snr_gm": 10.650323819315796,
  "snr_total": 10.921887056149664,
  "snr_wm": 19.749449460561003,
  "snrd_csf": 41.671792227785694,
  "snrd_gm": 95.33433559803812,
  "snrd_total": 86.9360664239265,
  "snrd_wm": 123.80207144595572,
  "spacing_x": 0.800000011920929,
  "spacing_y": 0.80078125,
  "spacing_z": 0.80078125,
  "summary_bg_k": 81.90802868157091,
  "summary_bg_mad": 5.29212480218608,
  "summary_bg_mean": 9.400816992774574,
  "summary_bg_median": 7.622965693473816,
  "summary_bg_n": 4474987.0,
  "summary_bg_p05": 1.8754915595054626,
  "summary_bg_p95": 21.416903614997864,
  "summary_bg_stdv": 7.659532396863531,
  "summary_csf_k": 21.22244426174374,
  "summary_csf_mad": 104.76613167717528,
  "summary_csf_mean": 372.6595034276831,
  "summary_csf_median": 336.62048506736755,
  "summary_csf_n": 30058.0,
  "summary_csf_p05": 217.72944512665273,
  "summary_csf_p95": 612.0243206351994,
  "summary_csf_stdv": 142.27846007878773,
  "summary_gm_k": 0.2844583932867173,
  "summary_gm_mad": 68.43883430623693,
  "summary_gm_mean": 773.0175275446317,
  "summary_gm_median": 770.1010342240334,
  "summary_gm_n": 78653.0,
  "summary_gm_p05": 659.8705303072929,
  "summary_gm_p95": 900.2359485626221,
  "summary_gm_stdv": 72.30729804208735,
  "summary_wm_k": 0.5574901117493587,
  "summary_wm_mad": 47.449729158583665,
  "summary_wm_mean": 998.3598654732419,
  "summary_wm_median": 1000.0604993104935,
  "summary_wm_n": 479282.0,
  "summary_wm_p05": 912.2148946523666,
  "summary_wm_p95": 1078.286647260189,
  "summary_wm_stdv": 50.63733336044428,
  "tpm_overlap_csf": 0.17410330474376678,
  "tpm_overlap_gm": 0.44549068808555603,
  "tpm_overlap_wm": 0.5149892568588257,
  "wm2max": 0.6546173641711026
}