{
  "bids_meta": {
    "BandwidthPerPixelPhaseEncode": null,
    "Columns": 256,
    "EchoTime": 0.00194,
    "EchoTrainLength": 1,
    "FlipAngle": 8.0,
    "ImageType": "ORIGINAL/PRIMARY/M/ND/NORM",
    "ImagingFrequency": 123.190793,
    "InplanePhaseEncodingDirection": "ROW",
    "InversionTime": 1.0,
    "MRAcquisitionType": "3D",
    "MagneticFieldStrength": 3.0,
    "Manufacturer": "SIEMENS",
    "ManufacturersModelName": "Skyra",
    "NumberOfAverages": 1.0,
    "NumberOfEchoes": null,
    "NumberOfPhaseEncodingSteps": 282,
    "PATModeText": "p2",
    "PercentPhaseFieldOfView": 100.0,
    "PhaseEncodingDirection": "i-",
    "PixelBandwidth": 270.0,
    "PixelSpacing": [
      0.80078125,
      0.80078125
    ],
    "RealDwellTime": 7200,
    "RepetitionTime": 2.4,
    "Rows": 256,
    "ScanOptions": [
      "IR",
      "WE"
    ],
    "ScanningSequence": [
      "GR",
      "IR"
    ],
    "SequenceName": "*tfl3d1_16ns",
    "SequenceVariant": [
      "SK",
      "SP",
      "MP",
      "OSP"
    ],
    "SeriesDate": "18740417",
    "SeriesDescription": "T1w_MPR1_PMC",
    "SeriesNumber": 5,
    "SeriesTime": "095420.120000",
    "SliceThickness": 0.80000001192093,
    "SliceTiming": null,
    "SpacingBetweenSlices": null,
    "StudyID": "1",
    "StudyTime": "093802.162000",
    "dataset": "ds000053",
    "modality": "T1w",
    "subject_id": "033"
  },
  "cjv": 0.6191951879624883,
  "cnr": 2.19772318692818,
  "efc": 0.6024038359320535,
  "fber": 2521.7643352719115,
  "fwhm_avg": 3.593427238375052,
  "fwhm_x": 3.5680124468324714,
  "fwhm_y": 3.5856234146341466,
  "fwhm_z": 3.6266458536585366,
  "icvs_csf": 0.17861300007127237,
  "icvs_gm": 0.4599957294091194,
  "icvs_wm": 0.36139127051960823,
  "inu_med": 1.1878741979599,
  "inu_range": 0.4360930562019346,
  "provenance": {
    "md5sum": "2ed3708350a659610dc1f93de125843e",
    "settings": {
      "testing": false
    },
    "software": "mriqc",
    "version": "22.0.0rc1",
    "warnings": {
      "large_rot_frame": true,
      "small_air_mask": false
    },
    "webapi_port": null,
    "webapi_url": "https://mriqc.nimh.nih.gov/api/v1"
  },
  "qi_1": 0.0,
  "qi_2": 0.0019723759430972385,
  "rpve_csf": 24.89940952301185,
  "rpve_gm": 11.141602978560753,
  "rpve_wm": 15.875908289241623,
  "size_x": 256,
  "size_y": 256,
  "size_z": 256,
  "snr_csf": 1.8202391812716379,
  "snr_gm": 10.579254917983336,
  "snr_total": 9.636872596280414,
  "snr_wm": 16.511123689586267,
  "snrd_csf": 25.94644992486555,
  "snrd_gm": 59.43889795015052,
  "snrd_total": 53.60566768683831,
  "snrd_wm": 75.43165518549887,
  "spacing_x": 0.800000011920929,
  "spacing_y": 0.80078125,
  "spacing_z": 0.80078125,
  "summary_bg_k": 18.211911961487747,
  "summary_bg_mad": 8.685817436675107,
  "summary_bg_mean": 14.92018481994395,
  "summary_bg_median": 13.294276736676693,
  "summary_bg_n": 4346018.0,
  "summary_bg_p05": 3.6052275896072388,
  "summary_bg_p95": 32.2217215821147,
  "summary_bg_stdv": 9.52659994075108,
  "summary_csf_k": 46.926972745126406,
  "summary_csf_mad": 113.02698331057991,
  "summary_csf_mean": 387.592417599469,
  "summary_csf_median": 343.99879917502403,
  "summary_csf_n": 32903.0,
  "summary_csf_p05": 221.87171457707882,
  "summary_csf_p95": 621.2933770515023,
  "summary_csf_stdv": 188.98262118848572,
  "summary_gm_k": 0.08093543040871465,
  "summary_gm_mad": 73.27266504272076,
  "summary_gm_mean": 789.5051217337617,
  "summary_gm_median": 788.0426639616489,
  "summary_gm_n": 79047.0,
  "summary_gm_p05": 669.8212425857782,
  "summary_gm_p95": 915.3297305472192,
  "summary_gm_stdv": 74.48895838213292,
  "summary_wm_k": 0.2878884906121013,
  "summary_wm_mad": 58.016806211637565,
  "summary_wm_mean": 999.9436916805294,
  "summary_wm_median": 1000.0751115754247,
  "summary_wm_n": 371111.0,
  "summary_wm_p05": 899.2038479745388,
  "summary_wm_p95": 1099.3690881058574,
  "summary_wm_stdv": 60.56969731250229,
  "tpm_overlap_csf": 0.15490730106830597,
  "tpm_overlap_gm": 0.4255337417125702,
  "tpm_overlap_wm": 0.45496946573257446,
  "wm2max": 0.5370599065822292
}