{
  "bids_meta": {
    "BandwidthPerPixelPhaseEncode": null,
    "Columns": 256,
    "EchoTime": 0.00194,
    "EchoTrainLength": 1,
    "FlipAngle": 8.0,
    "ImageType": "ORIGINAL/PRIMARY/M/ND/NORM",
    "ImagingFrequency": 123.191258,
    "InplanePhaseEncodingDirection": "ROW",
    "InversionTime": 1.0,
    "MRAcquisitionType": "3D",
    "MagneticFieldStrength": 3.0,
    "Manufacturer": "SIEMENS",
    "ManufacturersModelName": "Skyra",
    "NumberOfAverages": 1.0,
    "NumberOfEchoes": null,
    "NumberOfPhaseEncodingSteps": 282,
    "PATModeText": "p2",
    "PercentPhaseFieldOfView": 100.0,
    "PhaseEncodingDirection": "i-",
    "PixelBandwidth": 270.0,
    "PixelSpacing": [
      0.80078125,
      0.80078125
    ],
    "RealDwellTime": 7200,
    "RepetitionTime": 2.4,
    "Rows": 256,
    "ScanOptions": [
      "IR",
      "WE"
    ],
    "ScanningSequence": [
      "GR",
      "IR"
    ],
    "SequenceName": "*tfl3d1_16ns",
    "SequenceVariant": [
      "SK",
      "SP",
      "MP",
      "OSP"
    ],
    "SeriesDate": "18740227",
    "SeriesDescription": "T1w_MPR1_PMC",
    "SeriesNumber": 5,
    "SeriesTime": "094419.496000",
    "SliceThickness": 0.80000001192093,
    "SliceTiming": null,
    "SpacingBetweenSlices": null,
    "StudyID": "1",
    "StudyTime": "091942.753000",
    "dataset": "ds000053",
    "modality": "T1w",
    "subject_id": "008"
  },
  "cjv": 0.5986229015971987,
  "cnr": 2.181837910292038,
  "efc": 0.6401071093367197,
  "fber": 2602.478470909473,
  "fwhm_avg": 3.963731825905489,
  "fwhm_x": 3.950624941131101,
  "fwhm_y": 3.9212956097560974,
  "fwhm_z": 4.019274926829269,
  "icvs_csf": 0.18740893515847362,
  "icvs_gm": 0.42543174614572316,
  "icvs_wm": 0.38715931869580317,
  "inu_med": 1.271599292755127,
  "inu_range": 0.5229733884334564,
  "provenance": {
    "md5sum": "06828f65da78e95d7712d93af0611700",
    "settings": {
      "testing": false
    },
    "software": "mriqc",
    "version": "22.0.0rc1",
    "warnings": {
      "large_rot_frame": true,
      "small_air_mask": false
    },
    "webapi_port": null,
    "webapi_url": "https://mriqc.nimh.nih.gov/api/v1"
  },
  "qi_1": 0.0,
  "qi_2": 0.001527794706168178,
  "rpve_csf": 19.657896698483242,
  "rpve_gm": 9.604762227024302,
  "rpve_wm": 12.298251544951924,
  "size_x": 256,
  "size_y": 256,
  "size_z": 256,
  "snr_csf": 2.645277188416105,
  "snr_gm": 9.925711850547911,
  "snr_total": 10.119767876481852,
  "snr_wm": 17.78831459048154,
  "snrd_csf": 46.908617977564994,
  "snrd_gm": 78.65513335302037,
  "snrd_total": 75.16379916246174,
  "snrd_wm": 99.92764615679985,
  "spacing_x": 0.800000011920929,
  "spacing_y": 0.80078125,
  "spacing_z": 0.80078125,
  "summary_bg_k": 8.274458909980067,
  "summary_bg_mad": 6.556560366389932,
  "summary_bg_mean": 12.445536438623975,
  "summary_bg_median": 10.986732959747314,
  "summary_bg_n": 3602330.0,
  "summary_bg_p05": 2.2111663818359375,
  "summary_bg_p95": 27.4322829246521,
  "summary_bg_stdv": 8.411859512935127,
  "summary_csf_k": 19.963579009246065,
  "summary_csf_mad": 181.02253386579702,
  "summary_csf_mean": 472.18497934599617,
  "summary_csf_median": 469.4582624435425,
  "summary_csf_n": 41961.0,
  "summary_csf_p05": 240.11884927749634,
  "summary_csf_p95": 683.5959067344666,
  "summary_csf_stdv": 177.46823300134116,
  "summary_gm_k": 0.3458808213561886,
  "summary_gm_mad": 75.29799795775938,
  "summary_gm_mean": 789.9271734048334,
  "summary_gm_median": 787.1752319335938,
  "summary_gm_n": 76974.0,
  "summary_gm_p05": 666.5975651741028,
  "summary_gm_p95": 930.6937499046326,
  "summary_gm_stdv": 79.30616267280624,
  "summary_wm_k": 0.8049888467446618,
  "summary_wm_mad": 52.14514416394493,
  "summary_wm_mean": 1000.8382956473673,
  "summary_wm_median": 1000.0690951347351,
  "summary_wm_n": 521044.0,
  "summary_wm_p05": 910.3786587715149,
  "summary_wm_p95": 1093.6981716156006,
  "summary_wm_stdv": 56.220510963486475,
  "tpm_overlap_csf": 0.15603727102279663,
  "tpm_overlap_gm": 0.4367300570011139,
  "tpm_overlap_wm": 0.5027656555175781,
  "wm2max": 0.48321626448586535
}