{
  "bids_meta": {
    "BandwidthPerPixelPhaseEncode": null,
    "Columns": 256,
    "EchoTime": 0.00194,
    "EchoTrainLength": 1,
    "FlipAngle": 8.0,
    "ImageType": "ORIGINAL/PRIMARY/M/ND/NORM",
    "ImagingFrequency": 123.190956,
    "InplanePhaseEncodingDirection": "ROW",
    "InversionTime": 1.0,
    "MRAcquisitionType": "3D",
    "MagneticFieldStrength": 3.0,
    "Manufacturer": "SIEMENS",
    "ManufacturersModelName": "Skyra",
    "NumberOfAverages": 1.0,
    "NumberOfEchoes": null,
    "NumberOfPhaseEncodingSteps": 282,
    "PATModeText": "p2",
    "PercentPhaseFieldOfView": 100.0,
    "PhaseEncodingDirection": "i-",
    "PixelBandwidth": 270.0,
    "PixelSpacing": [
      0.80078125,
      0.80078125
    ],
    "RealDwellTime": 7200,
    "RepetitionTime": 2.4,
    "Rows": 256,
    "ScanOptions": [
      "IR",
      "WE"
    ],
    "ScanningSequence": [
      "GR",
      "IR"
    ],
    "SequenceName": "*tfl3d1_16ns",
    "SequenceVariant": [
      "SK",
      "SP",
      "MP",
      "OSP"
    ],
    "SeriesDate": "18740415",
    "SeriesDescription": "T1w_MPR1_PMC",
    "SeriesNumber": 5,
    "SeriesTime": "113951.144000",
    "SliceThickness": 0.80000001192093,
    "SliceTiming": null,
    "SpacingBetweenSlices": null,
    "StudyID": "1",
    "StudyTime": "112404.382000",
    "dataset": "ds000053",
    "modality": "T1w",
    "subject_id": "056"
  },
  "cjv": 0.6156022255099347,
  "cnr": 2.1854197877107415,
  "efc": 0.6333071980754587,
  "fber": 1878.5380886426592,
  "fwhm_avg": 3.7072363107287027,
  "fwhm_x": 3.7325124443812303,
  "fwhm_y": 3.61414556097561,
  "fwhm_z": 3.7750509268292682,
  "icvs_csf": 0.17331904741505422,
  "icvs_gm": 0.4405025613403579,
  "icvs_wm": 0.3861783912445878,
  "inu_med": 1.3393027782440186,
  "inu_range": 0.481771796941757,
  "provenance": {
    "md5sum": "0b296633c18705cd278970258d1204c3",
    "settings": {
      "testing": false
    },
    "software": "mriqc",
    "version": "22.0.0rc1",
    "warnings": {
      "large_rot_frame": true,
      "small_air_mask": false
    },
    "webapi_port": null,
    "webapi_url": "https://mriqc.nimh.nih.gov/api/v1"
  },
  "qi_1": 0.0,
  "qi_2": 0.0016834284994113541,
  "rpve_csf": 23.95220184991666,
  "rpve_gm": 10.774084919855044,
  "rpve_wm": 14.153550537341859,
  "size_x": 256,
  "size_y": 256,
  "size_z": 256,
  "snr_csf": 2.129440746818826,
  "snr_gm": 10.397961419415601,
  "snr_total": 10.186368410045489,
  "snr_wm": 18.03170306390204,
  "snrd_csf": 33.049598030561384,
  "snrd_gm": 66.44408017557832,
  "snrd_total": 61.09658013008774,
  "snrd_wm": 83.79606218412351,
  "spacing_x": 0.800000011920929,
  "spacing_y": 0.80078125,
  "spacing_z": 0.80078125,
  "summary_bg_k": 4.979647385853404,
  "summary_bg_mad": 7.818726501173941,
  "summary_bg_mean": 14.653903315878095,
  "summary_bg_median": 13.18412721157074,
  "summary_bg_n": 3009723.0,
  "summary_bg_p05": 2.636825442314148,
  "summary_bg_p95": 31.706218123435974,
  "summary_bg_stdv": 9.343907861648406,
  "summary_csf_k": 22.543279846342116,
  "summary_csf_mad": 160.56994424362094,
  "summary_csf_mean": 430.2420581821226,
  "summary_csf_median": 394.4304984807968,
  "summary_csf_n": 29613.0,
  "summary_csf_p05": 229.76396524906158,
  "summary_csf_p95": 678.1786412000656,
  "summary_csf_stdv": 185.2241435979634,
  "summary_gm_k": 0.4357887411462831,
  "summary_gm_mad": 74.46860240752254,
  "summary_gm_mean": 796.2085153364352,
  "summary_gm_median": 792.9770171642303,
  "summary_gm_n": 63857.0,
  "summary_gm_p05": 678.8217693567276,
  "summary_gm_p95": 926.5547353029251,
  "summary_gm_stdv": 76.26214179378006,
  "summary_wm_k": 0.5950773253608421,
  "summary_wm_mad": 53.014779690886726,
  "summary_wm_mean": 1001.0799184165097,
  "summary_wm_median": 1000.0642836093903,
  "summary_wm_n": 442923.0,
  "summary_wm_p05": 911.955726146698,
  "summary_wm_p95": 1092.4174869060516,
  "summary_wm_stdv": 55.46138105356467,
  "tpm_overlap_csf": 0.17425823211669922,
  "tpm_overlap_gm": 0.44709670543670654,
  "tpm_overlap_wm": 0.5090155005455017,
  "wm2max": 0.4698397264898271
}