{
  "bids_meta": {
    "BandwidthPerPixelPhaseEncode": null,
    "Columns": 256,
    "EchoTime": 0.00194,
    "EchoTrainLength": 1,
    "FlipAngle": 8.0,
    "ImageType": "ORIGINAL/PRIMARY/M/ND/NORM",
    "ImagingFrequency": 123.191214,
    "InplanePhaseEncodingDirection": "ROW",
    "InversionTime": 1.0,
    "MRAcquisitionType": "3D",
    "MagneticFieldStrength": 3.0,
    "Manufacturer": "SIEMENS",
    "ManufacturersModelName": "Skyra",
    "NumberOfAverages": 1.0,
    "NumberOfEchoes": null,
    "NumberOfPhaseEncodingSteps": 282,
    "PATModeText": "p2",
    "PercentPhaseFieldOfView": 100.0,
    "PhaseEncodingDirection": "i-",
    "PixelBandwidth": 270.0,
    "PixelSpacing": [
      0.80078125,
      0.80078125
    ],
    "RealDwellTime": 7200,
    "RepetitionTime": 2.4,
    "Rows": 256,
    "ScanOptions": [
      "IR",
      "WE"
    ],
    "ScanningSequence": [
      "GR",
      "IR"
    ],
    "SequenceName": "*tfl3d1_16ns",
    "SequenceVariant": [
      "SK",
      "SP",
      "MP",
      "OSP"
    ],
    "SeriesDate": "18740228",
    "SeriesDescription": "T1w_MPR1_PMC",
    "SeriesNumber": 5,
    "SeriesTime": "135252.123000",
    "SliceThickness": 0.80000001192093,
    "SliceTiming": null,
    "SpacingBetweenSlices": null,
    "StudyID": "1",
    "StudyTime": "132258.884000",
    "dataset": "ds000053",
    "modality": "T1w",
    "subject_id": "009"
  },
  "cjv": 0.5332648828364976,
  "cnr": 2.427231548071881,
  "efc": 0.6487177022543086,
  "fber": 2712.4772220061013,
  "fwhm_avg": 3.769847371556233,
  "fwhm_x": 3.76232494393699,
  "fwhm_y": 3.706068292682927,
  "fwhm_z": 3.8411488780487804,
  "icvs_csf": 0.18127969673237765,
  "icvs_gm": 0.44248317461070563,
  "icvs_wm": 0.3762371286569167,
  "inu_med": 1.2865118980407715,
  "inu_range": 0.5049335002899169,
  "provenance": {
    "md5sum": "d55c6232147fd06a4ef99f9a9ce1aaef",
    "settings": {
      "testing": false
    },
    "software": "mriqc",
    "version": "22.0.0rc1",
    "warnings": {
      "large_rot_frame": true,
      "small_air_mask": false
    },
    "webapi_port": null,
    "webapi_url": "https://mriqc.nimh.nih.gov/api/v1"
  },
  "qi_1": 0.0,
  "qi_2": 0.0010481428455251752,
  "rpve_csf": 21.301664889964023,
  "rpve_gm": 9.86065694391271,
  "rpve_wm": 13.301421907824292,
  "size_x": 256,
  "size_y": 256,
  "size_z": 256,
  "snr_csf": 2.306585091932488,
  "snr_gm": 9.777673131591705,
  "snr_total": 10.059338536404177,
  "snr_wm": 18.09375738568834,
  "snrd_csf": 42.91964598150496,
  "snrd_gm": 88.16274008489145,
  "snrd_total": 82.03814984132234,
  "snrd_wm": 115.03206345757059,
  "spacing_x": 0.800000011920929,
  "spacing_y": 0.80078125,
  "spacing_z": 0.80078125,
  "summary_bg_k": 18.498594902526705,
  "summary_bg_mad": 5.695250252453623,
  "summary_bg_mean": 10.83218840585999,
  "summary_bg_median": 9.417596191167831,
  "summary_bg_n": 2992966.0,
  "summary_bg_p05": 1.9206939600408077,
  "summary_bg_p95": 25.092937219887972,
  "summary_bg_stdv": 7.895407584856112,
  "summary_csf_k": 19.80685182919414,
  "summary_csf_mad": 137.14530043408482,
  "summary_csf_mean": 407.85764709853066,
  "summary_csf_median": 373.1102912053466,
  "summary_csf_n": 38647.0,
  "summary_csf_p05": 225.03098267316818,
  "summary_csf_p95": 651.2391681931913,
  "summary_csf_stdv": 161.7566441931236,
  "summary_gm_k": 0.5624626432522644,
  "summary_gm_mad": 73.11966453150136,
  "summary_gm_mean": 770.5177289867825,
  "summary_gm_median": 766.418847925961,
  "summary_gm_n": 68578.0,
  "summary_gm_p05": 651.30112606287,
  "summary_gm_p95": 911.2143893651664,
  "summary_gm_stdv": 78.38401321619659,
  "summary_wm_k": 0.6791147013618462,
  "summary_wm_mad": 51.44097002216176,
  "summary_wm_mean": 999.1056609472391,
  "summary_wm_median": 1000.0000166147947,
  "summary_wm_n": 457974.0,
  "summary_wm_p05": 906.4436333999038,
  "summary_wm_p95": 1087.2366971224546,
  "summary_wm_stdv": 55.26762095528691,
  "tpm_overlap_csf": 0.16048353910446167,
  "tpm_overlap_gm": 0.44392716884613037,
  "tpm_overlap_wm": 0.5010262131690979,
  "wm2max": 0.42830984794204285
}