{
  "bids_meta": {
    "BandwidthPerPixelPhaseEncode": null,
    "Columns": 256,
    "EchoTime": 0.00194,
    "EchoTrainLength": 1,
    "FlipAngle": 8.0,
    "ImageType": "ORIGINAL/PRIMARY/M/ND/NORM",
    "ImagingFrequency": 123.190798,
    "InplanePhaseEncodingDirection": "ROW",
    "InversionTime": 1.0,
    "MRAcquisitionType": "3D",
    "MagneticFieldStrength": 3.0,
    "Manufacturer": "SIEMENS",
    "ManufacturersModelName": "Skyra",
    "NumberOfAverages": 1.0,
    "NumberOfEchoes": null,
    "NumberOfPhaseEncodingSteps": 282,
    "PATModeText": "p2",
    "PercentPhaseFieldOfView": 100.0,
    "PhaseEncodingDirection": "i-",
    "PixelBandwidth": 270.0,
    "PixelSpacing": [
      0.80078125,
      0.80078125
    ],
    "RealDwellTime": 7200,
    "RepetitionTime": 2.4,
    "Rows": 256,
    "ScanOptions": [
      "IR",
      "WE"
    ],
    "ScanningSequence": [
      "GR",
      "IR"
    ],
    "SequenceName": "*tfl3d1_16ns",
    "SequenceVariant": [
      "SK",
      "SP",
      "MP",
      "OSP"
    ],
    "SeriesDate": "18740424",
    "SeriesDescription": "T1w_MPR1_PMC",
    "SeriesNumber": 5,
    "SeriesTime": "115138.672000",
    "SliceThickness": 0.80000001192093,
    "SliceTiming": null,
    "SpacingBetweenSlices": null,
    "StudyID": "1",
    "StudyTime": "113206.456000",
    "dataset": "ds000053",
    "modality": "T1w",
    "subject_id": "036"
  },
  "cjv": 0.5743307316095981,
  "cnr": 2.202180054126032,
  "efc": 0.6656622217931208,
  "fber": 3399.743224271267,
  "fwhm_avg": 3.9796946065326195,
  "fwhm_x": 3.9225749415490783,
  "fwhm_y": 3.9617061463414633,
  "fwhm_z": 4.054802731707317,
  "icvs_csf": 0.1832274940583732,
  "icvs_gm": 0.4279342748265938,
  "icvs_wm": 0.388838231115033,
  "inu_med": 1.200728416442871,
  "inu_range": 0.5361067056655884,
  "provenance": {
    "md5sum": "7539d760eba795c7a2d94458cf49b249",
    "settings": {
      "testing": false
    },
    "software": "mriqc",
    "version": "22.0.0rc1",
    "warnings": {
      "large_rot_frame": true,
      "small_air_mask": false
    },
    "webapi_port": null,
    "webapi_url": "https://mriqc.nimh.nih.gov/api/v1"
  },
  "qi_1": 0.0,
  "qi_2": 0.0007826816836439866,
  "rpve_csf": 18.513308922299725,
  "rpve_gm": 8.775148848958377,
  "rpve_wm": 11.304526076578803,
  "size_x": 256,
  "size_y": 256,
  "size_z": 256,
  "snr_csf": 2.4912226028020448,
  "snr_gm": 8.965188898505735,
  "snr_total": 9.430490067099905,
  "snr_wm": 16.835058699991936,
  "snrd_csf": 40.24289527492014,
  "snrd_gm": 87.70320915339457,
  "snrd_total": 80.66464786217324,
  "snrd_wm": 114.04783915820502,
  "spacing_x": 0.800000011920929,
  "spacing_y": 0.80078125,
  "spacing_z": 0.80078125,
  "summary_bg_k": 5279.309128236022,
  "summary_bg_mad": 5.744753043281216,
  "summary_bg_mean": 10.70061370203428,
  "summary_bg_median": 8.672120053321123,
  "summary_bg_n": 3218502.0,
  "summary_bg_p05": 1.9066363237798214,
  "summary_bg_p95": 24.847776606678963,
  "summary_bg_stdv": 10.815572590004049,
  "summary_csf_k": 28.77028776838381,
  "summary_csf_mad": 113.70963563447106,
  "summary_csf_mean": 381.0667368891894,
  "summary_csf_median": 352.88148089312017,
  "summary_csf_n": 37720.0,
  "summary_csf_p05": 219.38618602976203,
  "summary_csf_p95": 613.5709450917316,
  "summary_csf_stdv": 141.6480417370093,
  "summary_gm_k": 0.4981237723252918,
  "summary_gm_mad": 78.05569214363048,
  "summary_gm_mean": 776.7773931573965,
  "summary_gm_median": 769.0509868562222,
  "summary_gm_n": 75465.0,
  "summary_gm_p05": 650.347499601543,
  "summary_gm_p95": 937.9912660226228,
  "summary_gm_stdv": 85.781337139758,
  "summary_wm_k": 0.728539677514151,
  "summary_wm_mad": 54.62074718929283,
  "summary_wm_mean": 1000.0831016514811,
  "summary_wm_median": 1000.061504021287,
  "summary_wm_n": 534922.0,
  "summary_wm_p05": 902.1465031355619,
  "summary_wm_p95": 1096.8079213537276,
  "summary_wm_stdv": 59.403450090026986,
  "tpm_overlap_csf": 0.1623302549123764,
  "tpm_overlap_gm": 0.4244663119316101,
  "tpm_overlap_wm": 0.4771829843521118,
  "wm2max": 0.528042087487416
}