{
  "bids_meta": {
    "BandwidthPerPixelPhaseEncode": null,
    "Columns": 256,
    "EchoTime": 0.00194,
    "EchoTrainLength": 1,
    "FlipAngle": 8.0,
    "ImageType": "ORIGINAL/PRIMARY/M/ND/NORM",
    "ImagingFrequency": 123.192739,
    "InplanePhaseEncodingDirection": "ROW",
    "InversionTime": 1.0,
    "MRAcquisitionType": "3D",
    "MagneticFieldStrength": 3.0,
    "Manufacturer": "SIEMENS",
    "ManufacturersModelName": "Skyra",
    "NumberOfAverages": 1.0,
    "NumberOfEchoes": null,
    "NumberOfPhaseEncodingSteps": 282,
    "PATModeText": "p2",
    "PercentPhaseFieldOfView": 100.0,
    "PhaseEncodingDirection": "i-",
    "PixelBandwidth": 270.0,
    "PixelSpacing": [
      0.80078125,
      0.80078125
    ],
    "RealDwellTime": 7200,
    "RepetitionTime": 2.4,
    "Rows": 256,
    "ScanOptions": [
      "IR",
      "WE"
    ],
    "ScanningSequence": [
      "GR",
      "IR"
    ],
    "SequenceName": "*tfl3d1_16ns",
    "SequenceVariant": [
      "SK",
      "SP",
      "MP",
      "OSP"
    ],
    "SeriesDate": "18740129",
    "SeriesDescription": "T1w_MPR1_PMC",
    "SeriesNumber": 5,
    "SeriesTime": "140522.366000",
    "SliceThickness": 0.80000001192093,
    "SliceTiming": null,
    "SpacingBetweenSlices": null,
    "StudyID": "1",
    "StudyTime": "134225.955000",
    "dataset": "ds000053",
    "modality": "T1w",
    "subject_id": "042"
  },
  "cjv": 0.5973103799569435,
  "cnr": 2.2008200194820846,
  "efc": 0.6481152899758849,
  "fber": 2802.8788938271605,
  "fwhm_avg": 3.7166418435966597,
  "fwhm_x": 3.662524945424125,
  "fwhm_y": 3.6571785365853655,
  "fwhm_z": 3.8302220487804877,
  "icvs_csf": 0.1638393954657534,
  "icvs_gm": 0.4512959591353607,
  "icvs_wm": 0.38486464539888593,
  "inu_med": 1.3256367444992065,
  "inu_range": 0.5089424848556516,
  "provenance": {
    "md5sum": "a1f65fe709f61b5e6bae0087c7ebcebc",
    "settings": {
      "testing": false
    },
    "software": "mriqc",
    "version": "22.0.0rc1",
    "warnings": {
      "large_rot_frame": true,
      "small_air_mask": false
    },
    "webapi_port": null,
    "webapi_url": "https://mriqc.nimh.nih.gov/api/v1"
  },
  "qi_1": 0.0,
  "qi_2": 0.0007762272756734876,
  "rpve_csf": 24.5238766363958,
  "rpve_gm": 10.432814209205127,
  "rpve_wm": 14.059018537386518,
  "size_x": 256,
  "size_y": 256,
  "size_z": 256,
  "snr_csf": 1.8860062290358304,
  "snr_gm": 9.698115541046338,
  "snr_total": 9.747786335182195,
  "snr_wm": 17.659237235464417,
  "snrd_csf": 52.400498520750304,
  "snrd_gm": 85.41933885745038,
  "snrd_total": 82.43946273070819,
  "snrd_wm": 109.49855081392387,
  "spacing_x": 0.800000011920929,
  "spacing_y": 0.80078125,
  "spacing_z": 0.80078125,
  "summary_bg_k": 2056.2759256563963,
  "summary_bg_mad": 5.9834311152324355,
  "summary_bg_mean": 11.95881152887793,
  "summary_bg_median": 9.93418574333191,
  "summary_bg_n": 2996590.0,
  "summary_bg_p05": 1.9868371486663818,
  "summary_bg_p95": 26.76021284610033,
  "summary_bg_stdv": 17.523167236706218,
  "summary_csf_k": 20.797068674181638,
  "summary_csf_mad": 172.23076333230597,
  "summary_csf_mean": 498.4785793060641,
  "summary_csf_median": 478.5793981850147,
  "summary_csf_n": 25529.0,
  "summary_csf_p05": 247.57232645601036,
  "summary_csf_p95": 722.4139872550962,
  "summary_csf_stdv": 253.74784954336278,
  "summary_gm_k": 0.2897649871840584,
  "summary_gm_mad": 77.04818220691614,
  "summary_gm_mean": 784.8681578344472,
  "summary_gm_median": 780.144024156034,
  "summary_gm_n": 78781.0,
  "summary_gm_p05": 662.361834436655,
  "summary_gm_p95": 928.7842783406377,
  "summary_gm_stdv": 80.44233639949618,
  "summary_wm_k": 0.3444771094563568,
  "summary_wm_mad": 54.31114396903288,
  "summary_wm_mean": 1000.383194598323,
  "summary_wm_median": 1000.0620610490441,
  "summary_wm_n": 434994.0,
  "summary_wm_p05": 907.4878676533699,
  "summary_wm_p95": 1093.7538503408432,
  "summary_wm_stdv": 56.631036675101655,
  "tpm_overlap_csf": 0.1537053883075714,
  "tpm_overlap_gm": 0.4448230564594269,
  "tpm_overlap_wm": 0.48156172037124634,
  "wm2max": 0.48310768986897695
}