{
  "bids_meta": {
    "BandwidthPerPixelPhaseEncode": null,
    "Columns": 256,
    "EchoTime": 0.00194,
    "EchoTrainLength": 1,
    "FlipAngle": 8.0,
    "ImageType": "ORIGINAL/PRIMARY/M/ND/NORM",
    "ImagingFrequency": 123.190717,
    "InplanePhaseEncodingDirection": "ROW",
    "InversionTime": 1.0,
    "MRAcquisitionType": "3D",
    "MagneticFieldStrength": 3.0,
    "Manufacturer": "SIEMENS",
    "ManufacturersModelName": "Skyra",
    "NumberOfAverages": 1.0,
    "NumberOfEchoes": null,
    "NumberOfPhaseEncodingSteps": 282,
    "PATModeText": "p2",
    "PercentPhaseFieldOfView": 100.0,
    "PhaseEncodingDirection": "i-",
    "PixelBandwidth": 270.0,
    "PixelSpacing": [
      0.80078125,
      0.80078125
    ],
    "RealDwellTime": 7200,
    "RepetitionTime": 2.4,
    "Rows": 256,
    "ScanOptions": [
      "IR",
      "WE"
    ],
    "ScanningSequence": [
      "GR",
      "IR"
    ],
    "SequenceName": "*tfl3d1_16ns",
    "SequenceVariant": [
      "SK",
      "SP",
      "MP",
      "OSP"
    ],
    "SeriesDate": "18740429",
    "SeriesDescription": "T1w_MPR1_PMC",
    "SeriesNumber": 5,
    "SeriesTime": "114959.100000",
    "SliceThickness": 0.80000001192093,
    "SliceTiming": null,
    "SpacingBetweenSlices": null,
    "StudyID": "1",
    "StudyTime": "113239.305000",
    "dataset": "ds000053",
    "modality": "T1w",
    "subject_id": "059"
  },
  "cjv": 0.8198205030618146,
  "cnr": 1.6509267811179411,
  "efc": 0.6474651675500414,
  "fber": 3200.020125334112,
  "fwhm_avg": 3.9067961148358648,
  "fwhm_x": 3.8877124420685703,
  "fwhm_y": 3.906697365853659,
  "fwhm_z": 3.925978536585366,
  "icvs_csf": 0.18234027728836338,
  "icvs_gm": 0.41667560101037604,
  "icvs_wm": 0.40098412170126063,
  "inu_med": 1.4990394115447998,
  "inu_range": 0.6194217920303344,
  "provenance": {
    "md5sum": "557b8868325de5708643080061444d3b",
    "settings": {
      "testing": false
    },
    "software": "mriqc",
    "version": "22.0.0rc1",
    "warnings": {
      "large_rot_frame": true,
      "small_air_mask": false
    },
    "webapi_port": null,
    "webapi_url": "https://mriqc.nimh.nih.gov/api/v1"
  },
  "qi_1": 0.0,
  "qi_2": 0.0006758873664019788,
  "rpve_csf": 21.855667229052234,
  "rpve_gm": 10.468507473685815,
  "rpve_wm": 12.971590802747572,
  "size_x": 256,
  "size_y": 256,
  "size_z": 256,
  "snr_csf": 3.1108945148744698,
  "snr_gm": 8.281861434939108,
  "snr_total": 9.203718156048502,
  "snr_wm": 16.218398518331927,
  "snrd_csf": 48.894998202001005,
  "snrd_gm": 85.32354608877185,
  "snrd_total": 79.96515954976941,
  "snrd_wm": 105.67693435853539,
  "spacing_x": 0.800000011920929,
  "spacing_y": 0.80078125,
  "spacing_z": 0.80078125,
  "summary_bg_k": 1985.1195166375205,
  "summary_bg_mad": 6.19981940103905,
  "summary_bg_mean": 12.518999091182339,
  "summary_bg_median": 9.377178281545639,
  "summary_bg_n": 3395568.0,
  "summary_bg_p05": 2.090857319533825,
  "summary_bg_p95": 31.362859793007374,
  "summary_bg_stdv": 17.43817220051041,
  "summary_csf_k": -0.9466475969096586,
  "summary_csf_mad": 191.16109819870405,
  "summary_csf_mean": 463.51817703596697,
  "summary_csf_median": 462.71306074410677,
  "summary_csf_n": 40881.0,
  "summary_csf_p05": 242.1592931896448,
  "summary_csf_p95": 689.2226036936045,
  "summary_csf_stdv": 148.73773418842043,
  "summary_gm_k": -0.2327670758349938,
  "summary_gm_mad": 100.41828696531431,
  "summary_gm_mean": 813.7044321248007,
  "summary_gm_median": 807.4510812163353,
  "summary_gm_n": 63402.0,
  "summary_gm_p05": 665.2727834880352,
  "summary_gm_p95": 985.3006720021367,
  "summary_gm_stdv": 97.49555940104935,
  "summary_wm_k": 1.2819174472532655,
  "summary_wm_mad": 57.48923444599846,
  "summary_wm_mean": 1002.1508708035853,
  "summary_wm_median": 1000.0633918642998,
  "summary_wm_n": 496240.0,
  "summary_wm_p05": 905.5946566089988,
  "summary_wm_p95": 1103.8459460884333,
  "summary_wm_stdv": 61.662215482777405,
  "tpm_overlap_csf": 0.1502218395471573,
  "tpm_overlap_gm": 0.42342400550842285,
  "tpm_overlap_wm": 0.4823603630065918,
  "wm2max": 0.554373391060656
}