{
  "bids_meta": {
    "BandwidthPerPixelPhaseEncode": null,
    "Columns": 256,
    "EchoTime": 0.00194,
    "EchoTrainLength": 1,
    "FlipAngle": 8.0,
    "ImageType": "ORIGINAL/PRIMARY/M/ND/NORM",
    "ImagingFrequency": 123.190899,
    "InplanePhaseEncodingDirection": "ROW",
    "InversionTime": 1.0,
    "MRAcquisitionType": "3D",
    "MagneticFieldStrength": 3.0,
    "Manufacturer": "SIEMENS",
    "ManufacturersModelName": "Skyra",
    "NumberOfAverages": 1.0,
    "NumberOfEchoes": null,
    "NumberOfPhaseEncodingSteps": 282,
    "PATModeText": "p2",
    "PercentPhaseFieldOfView": 100.0,
    "PhaseEncodingDirection": "i-",
    "PixelBandwidth": 270.0,
    "PixelSpacing": [
      0.80078125,
      0.80078125
    ],
    "RealDwellTime": 7200,
    "RepetitionTime": 2.4,
    "Rows": 256,
    "ScanOptions": [
      "IR",
      "WE"
    ],
    "ScanningSequence": [
      "GR",
      "IR"
    ],
    "SequenceName": "*tfl3d1_16ns",
    "SequenceVariant": [
      "SK",
      "SP",
      "MP",
      "OSP"
    ],
    "SeriesDate": "18740407",
    "SeriesDescription": "T1w_MPR1_PMC",
    "SeriesNumber": 5,
    "SeriesTime": "135209.024000",
    "SliceThickness": 0.80000001192093,
    "SliceTiming": null,
    "SpacingBetweenSlices": null,
    "StudyID": "1",
    "StudyTime": "131801.656000",
    "dataset": "ds000053",
    "modality": "T1w",
    "subject_id": "052"
  },
  "cjv": 0.44318001538325347,
  "cnr": 2.8858975158801696,
  "efc": 0.6306946100013251,
  "fber": 3651.0890725436184,
  "fwhm_avg": 3.8442453631111158,
  "fwhm_x": 3.8257499429918833,
  "fwhm_y": 3.7970669268292685,
  "fwhm_z": 3.9099192195121955,
  "icvs_csf": 0.17987308826033765,
  "icvs_gm": 0.44599317185773796,
  "icvs_wm": 0.3741337398819244,
  "inu_med": 1.2384636402130127,
  "inu_range": 0.4292690277099609,
  "provenance": {
    "md5sum": "cbdd98642f62b964d0adc47104de14ec",
    "settings": {
      "testing": false
    },
    "software": "mriqc",
    "version": "22.0.0rc1",
    "warnings": {
      "large_rot_frame": true,
      "small_air_mask": false
    },
    "webapi_port": null,
    "webapi_url": "https://mriqc.nimh.nih.gov/api/v1"
  },
  "qi_1": 0.0,
  "qi_2": 0.002086546184208837,
  "rpve_csf": 20.158342958922194,
  "rpve_gm": 9.250670738283988,
  "rpve_wm": 12.653047215787502,
  "size_x": 256,
  "size_y": 256,
  "size_z": 256,
  "snr_csf": 2.6626459490614596,
  "snr_gm": 10.498678644024627,
  "snr_total": 11.072793168232865,
  "snr_wm": 20.05705491161251,
  "snrd_csf": 40.61045214257975,
  "snrd_gm": 94.23506462428738,
  "snrd_total": 86.92261746769088,
  "snrd_wm": 125.9223356362055,
  "spacing_x": 0.800000011920929,
  "spacing_y": 0.80078125,
  "spacing_z": 0.80078125,
  "summary_bg_k": 8.259684675071961,
  "summary_bg_mad": 5.202701884267852,
  "summary_bg_mean": 9.098854529343447,
  "summary_bg_median": 7.867330711334944,
  "summary_bg_n": 3407783.0,
  "summary_bg_p05": 1.7545845471322536,
  "summary_bg_p95": 20.03622353821993,
  "summary_bg_stdv": 6.04655481504725,
  "summary_csf_k": 23.606482925464068,
  "summary_csf_mad": 94.23603574246448,
  "summary_csf_mean": 350.37681563878135,
  "summary_csf_median": 322.5039596632123,
  "summary_csf_n": 44104.0,
  "summary_csf_p05": 212.70092671364546,
  "summary_csf_p95": 568.759900853224,
  "summary_csf_stdv": 121.12023514816542,
  "summary_gm_k": 0.3909267809793606,
  "summary_gm_mad": 66.04074811159354,
  "summary_gm_mean": 752.2802498451217,
  "summary_gm_median": 748.3586091026664,
  "summary_gm_n": 82685.0,
  "summary_gm_p05": 641.906266643107,
  "summary_gm_p95": 880.6316441558301,
  "summary_gm_stdv": 71.28078771664907,
  "summary_wm_k": 1.0433262928582243,
  "summary_wm_mad": 45.48168421408349,
  "summary_wm_mean": 1000.011152638192,
  "summary_wm_median": 999.9999928623438,
  "summary_wm_n": 481146.0,
  "summary_wm_p05": 918.836307682097,
  "summary_wm_p95": 1080.201486516744,
  "summary_wm_stdv": 49.8577163039638,
  "tpm_overlap_csf": 0.18055713176727295,
  "tpm_overlap_gm": 0.4494526982307434,
  "tpm_overlap_wm": 0.49911943078041077,
  "wm2max": 0.6085488926394104
}