{
  "bids_meta": {
    "BandwidthPerPixelPhaseEncode": null,
    "Columns": 256,
    "EchoTime": 0.00194,
    "EchoTrainLength": 1,
    "FlipAngle": 8.0,
    "ImageType": "ORIGINAL/PRIMARY/M/ND/NORM",
    "ImagingFrequency": 123.190907,
    "InplanePhaseEncodingDirection": "ROW",
    "InversionTime": 1.0,
    "MRAcquisitionType": "3D",
    "MagneticFieldStrength": 3.0,
    "Manufacturer": "SIEMENS",
    "ManufacturersModelName": "Skyra",
    "NumberOfAverages": 1.0,
    "NumberOfEchoes": null,
    "NumberOfPhaseEncodingSteps": 282,
    "PATModeText": "p2",
    "PercentPhaseFieldOfView": 100.0,
    "PhaseEncodingDirection": "i-",
    "PixelBandwidth": 270.0,
    "PixelSpacing": [
      0.80078125,
      0.80078125
    ],
    "RealDwellTime": 7200,
    "RepetitionTime": 2.4,
    "Rows": 256,
    "ScanOptions": [
      "IR",
      "WE"
    ],
    "ScanningSequence": [
      "GR",
      "IR"
    ],
    "SequenceName": "*tfl3d1_16ns",
    "SequenceVariant": [
      "SK",
      "SP",
      "MP",
      "OSP"
    ],
    "SeriesDate": "18740403",
    "SeriesDescription": "T1w_MPR1_PMC",
    "SeriesNumber": 5,
    "SeriesTime": "095429.185000",
    "SliceThickness": 0.80000001192093,
    "SliceTiming": null,
    "SpacingBetweenSlices": null,
    "StudyID": "1",
    "StudyTime": "093616.928000",
    "dataset": "ds000053",
    "modality": "T1w",
    "subject_id": "050"
  },
  "cjv": 0.7851952812410554,
  "cnr": 1.737345651646947,
  "efc": 0.6415225874044951,
  "fber": 2494.3494861966064,
  "fwhm_avg": 4.298893844867671,
  "fwhm_x": 4.225037437042036,
  "fwhm_y": 4.166656,
  "fwhm_z": 4.504988097560975,
  "icvs_csf": 0.21302063290707282,
  "icvs_gm": 0.4096960443805699,
  "icvs_wm": 0.37728332271235726,
  "inu_med": 1.5850741863250732,
  "inu_range": 0.8109056115150453,
  "provenance": {
    "md5sum": "4c105586a7967a8ee82c27a6abfe5fa4",
    "settings": {
      "testing": false
    },
    "software": "mriqc",
    "version": "22.0.0rc1",
    "warnings": {
      "large_rot_frame": true,
      "small_air_mask": false
    },
    "webapi_port": null,
    "webapi_url": "https://mriqc.nimh.nih.gov/api/v1"
  },
  "qi_1": 3.362468962062697e-05,
  "qi_2": 0.0008256312196813974,
  "rpve_csf": 19.906506489245263,
  "rpve_gm": 10.312966786501859,
  "rpve_wm": 12.97066174413352,
  "size_x": 256,
  "size_y": 256,
  "size_z": 256,
  "snr_csf": 3.9487809882006135,
  "snr_gm": 9.692348072183558,
  "snr_total": 9.086234708083309,
  "snr_wm": 13.617575063865754,
  "snrd_csf": 41.7513593051437,
  "snrd_gm": 65.68740528213638,
  "snrd_total": 63.004024754648015,
  "snrd_wm": 81.57330967666397,
  "spacing_x": 0.800000011920929,
  "spacing_y": 0.80078125,
  "spacing_z": 0.80078125,
  "summary_bg_k": 16.780260922659163,
  "summary_bg_mad": 8.031259072260264,
  "summary_bg_mean": 15.591414064628148,
  "summary_bg_median": 10.7267364859581,
  "summary_bg_n": 3758509.0,
  "summary_bg_p05": 2.14534729719162,
  "summary_bg_p95": 45.856798477470875,
  "summary_bg_stdv": 16.423828998539143,
  "summary_csf_k": 23.115700806943618,
  "summary_csf_mad": 124.60379174486964,
  "summary_csf_mean": 508.2923303834342,
  "summary_csf_median": 511.8262314274907,
  "summary_csf_n": 77643.0,
  "summary_csf_p05": 300.08045319467783,
  "summary_csf_p95": 702.4403387829661,
  "summary_csf_stdv": 129.61542737448232,
  "summary_gm_k": -0.09164430037687676,
  "summary_gm_mad": 84.92460088291051,
  "summary_gm_mean": 808.9825636264098,
  "summary_gm_median": 805.2561080008745,
  "summary_gm_n": 55546.0,
  "summary_gm_p05": 679.4851227030158,
  "summary_gm_p95": 951.0860905274749,
  "summary_gm_stdv": 83.08088539737258,
  "summary_wm_k": 0.8538188581196962,
  "summary_wm_mad": 67.98739115626263,
  "summary_wm_mean": 1005.4347490284356,
  "summary_wm_median": 1000.0000089034438,
  "summary_wm_n": 427704.0,
  "summary_wm_p05": 894.8779913410544,
  "summary_wm_p95": 1134.4060170724988,
  "summary_wm_stdv": 73.43442831634972,
  "tpm_overlap_csf": 0.1502351611852646,
  "tpm_overlap_gm": 0.45327696204185486,
  "tpm_overlap_wm": 0.5124019980430603,
  "wm2max": 0.5400842366298906
}