{
  "aor": 0.0002580392156862745,
  "aqi": 0.01877913137254902,
  "bids_meta": {
    "BandwidthPerPixelPhaseEncode": 33.602,
    "CogAtlasID": "trm_4cacee4a1d875",
    "Columns": 768,
    "EchoTime": 0.03,
    "EchoTrainLength": 48,
    "FlipAngle": 63.0,
    "ImageType": "ORIGINAL/PRIMARY/M/ND/NORM/MOSAIC",
    "ImagingFrequency": 123.190885,
    "InplanePhaseEncodingDirection": "COL",
    "InversionTime": 0.0,
    "MRAcquisitionType": "2D",
    "MagneticFieldStrength": 3.0,
    "Manufacturer": "SIEMENS",
    "ManufacturersModelName": "Skyra",
    "NumberOfAverages": 1.0,
    "NumberOfEchoes": null,
    "NumberOfPhaseEncodingSteps": 96,
    "PATModeText": "p2",
    "PercentPhaseFieldOfView": 100.0,
    "PhaseEncodingDirection": "j-",
    "PixelBandwidth": 2005.0,
    "PixelSpacing": [
      2.3958332538605,
      2.3958332538605
    ],
    "RealDwellTime": 2600,
    "RepetitionTime": 1.16,
    "Rows": 768,
    "ScanOptions": "FS",
    "ScanningSequence": "EP",
    "SequenceName": "epfid2d1_96",
    "SequenceVariant": "SK",
    "SeriesDate": "18740501",
    "SeriesDescription": "task003_run002",
    "SeriesNumber": 21,
    "SeriesTime": "164701.453000",
    "SliceThickness": 2.0,
    "SliceTiming": [
      0.0,
      497.5,
      997.5,
      355.0,
      855.0,
      212.5,
      712.5,
      70.0,
      570.0,
      1067.5,
      427.5,
      925.0,
      285.0,
      782.5,
      142.5,
      640.0,
      0.0,
      497.5,
      997.5,
      355.0,
      855.0,
      212.5,
      712.5,
      70.0,
      570.0,
      1067.5,
      427.5,
      925.0,
      285.0,
      782.5,
      142.5,
      640.0,
      0.0,
      497.5,
      997.5,
      355.0,
      855.0,
      212.5,
      712.5,
      70.0,
      570.0,
      1067.5,
      427.5,
      925.0,
      285.0,
      782.5,
      142.5,
      640.0,
      0.0,
      497.5,
      997.5,
      355.0,
      855.0,
      212.5,
      712.5,
      70.0,
      570.0,
      1067.5,
      427.5,
      925.0,
      285.0,
      782.5,
      142.5,
      640.0
    ],
    "SpacingBetweenSlices": 2.4000000788751,
    "StudyID": "1",
    "StudyTime": "153915.106000",
    "TaskDescription": "This phase was designed to evaluate how the previous experience in the two decision contexts would influence the participants' decision-making under risk without the guidance of immediate feedback. The timeline was the same as in the previous phase, except that 1) no feedback was presented, and 2) the stimuli in each decision context were the same set of stocks used in the first phase. The participants were requested to maximize their reward points that were accumulated in the background by applying what they had learned about each client's preference when making a suggestion. The decision criterion and payment structure in each context was exactly the same as in the training phase. At the end of the probe phase, the total reward points that were collected by the participant over the three phases was converted into a bonus and added to the subject’s base compensation (500 reward points = 1 USD).",
    "TaskName": "Post-test",
    "dataset": "ds000053",
    "modality": "bold",
    "run_id": 2,
    "subject_id": "060",
    "task_id": "posttest"
  },
  "dummy_trs": 3,
  "dvars_nstd": 46.130771219016864,
  "dvars_std": 1.2170484415168545,
  "dvars_vstd": 1.0028125208707865,
  "efc": 0.45114481261443473,
  "fber": 7342.576171875,
  "fd_mean": 0.10199273033766401,
  "fd_num": 2,
  "fd_perc": 0.5602240896358543,
  "fwhm_avg": 1.7460175691863327,
  "fwhm_x": 1.6956564040731812,
  "fwhm_y": 1.8194755386152033,
  "fwhm_z": 1.7229207648706133,
  "gcor": 0.00447182,
  "gsr_x": -0.021752499043941498,
  "gsr_y": 0.03008476458489895,
  "provenance": {
    "md5sum": "bb6f623181f8227f856d59b999f30d10",
    "settings": {
      "fd_thres": 0.2,
      "testing": false
    },
    "software": "mriqc",
    "version": "22.0.0rc1",
    "webapi_port": null,
    "webapi_url": "https://mriqc.nimh.nih.gov/api/v1"
  },
  "size_t": 357,
  "size_x": 96,
  "size_y": 96,
  "size_z": 64,
  "snr": 6.4311818653099255,
  "spacing_tr": 1.159999966621399,
  "spacing_x": 2.3958332538604736,
  "spacing_y": 2.3958332538604736,
  "spacing_z": 2.4000000953674316,
  "summary_bg_k": 23.6657546778708,
  "summary_bg_mad": 109.19805577318235,
  "summary_bg_mean": 544.9369506835938,
  "summary_bg_median": 159.35655212402344,
  "summary_bg_n": 426278.0,
  "summary_bg_p05": 70.634273147583,
  "summary_bg_p95": 2436.188061523437,
  "summary_bg_stdv": 1168.2960205078125,
  "summary_fg_k": 4.010795191495109,
  "summary_fg_mad": 1793.9704021977134,
  "summary_fg_mean": 13776.52734375,
  "summary_fg_median": 13682.01953125,
  "summary_fg_n": 88441.0,
  "summary_fg_p05": 10840.8916015625,
  "summary_fg_p95": 17132.072265625,
  "summary_fg_stdv": 2127.438232421875,
  "tsnr": 42.12956237792969
}