{
  "bids_meta": {
    "BandwidthPerPixelPhaseEncode": null,
    "Columns": 256,
    "EchoTime": 0.00194,
    "EchoTrainLength": 1,
    "FlipAngle": 8.0,
    "ImageType": "ORIGINAL/PRIMARY/M/ND/NORM",
    "ImagingFrequency": 123.190915,
    "InplanePhaseEncodingDirection": "ROW",
    "InversionTime": 1.0,
    "MRAcquisitionType": "3D",
    "MagneticFieldStrength": 3.0,
    "Manufacturer": "SIEMENS",
    "ManufacturersModelName": "Skyra",
    "NumberOfAverages": 1.0,
    "NumberOfEchoes": null,
    "NumberOfPhaseEncodingSteps": 282,
    "PATModeText": "p2",
    "PercentPhaseFieldOfView": 100.0,
    "PhaseEncodingDirection": "i-",
    "PixelBandwidth": 270.0,
    "PixelSpacing": [
      0.80078125,
      0.80078125
    ],
    "RealDwellTime": 7200,
    "RepetitionTime": 2.4,
    "Rows": 256,
    "ScanOptions": [
      "IR",
      "WE"
    ],
    "ScanningSequence": [
      "GR",
      "IR"
    ],
    "SequenceName": "*tfl3d1_16ns",
    "SequenceVariant": [
      "SK",
      "SP",
      "MP",
      "OSP"
    ],
    "SeriesDate": "18740407",
    "SeriesDescription": "T1w_MPR1_PMC",
    "SeriesNumber": 5,
    "SeriesTime": "154746.307000",
    "SliceThickness": 0.80000001192093,
    "SliceTiming": null,
    "SpacingBetweenSlices": null,
    "StudyID": "1",
    "StudyTime": "152742.058000",
    "dataset": "ds000053",
    "modality": "T1w",
    "subject_id": "053"
  },
  "cjv": 0.5600331095270205,
  "cnr": 2.333883634139936,
  "efc": 0.6487875632447201,
  "fber": 2931.2764610770996,
  "fwhm_avg": 3.98037111018316,
  "fwhm_x": 4.0060249403055765,
  "fwhm_y": 3.8434840975609754,
  "fwhm_z": 4.091604292682927,
  "icvs_csf": 0.1534991223871246,
  "icvs_gm": 0.4302671845197397,
  "icvs_wm": 0.4162336930931357,
  "inu_med": 1.2634975910186768,
  "inu_range": 0.5555402934551239,
  "provenance": {
    "md5sum": "7421c2dee3938c464c535e40a7c039ca",
    "settings": {
      "testing": false
    },
    "software": "mriqc",
    "version": "22.0.0rc1",
    "warnings": {
      "large_rot_frame": true,
      "small_air_mask": false
    },
    "webapi_port": null,
    "webapi_url": "https://mriqc.nimh.nih.gov/api/v1"
  },
  "qi_1": 0.0,
  "qi_2": 0.0013147244633722193,
  "rpve_csf": 21.03576768490783,
  "rpve_gm": 8.822066098582221,
  "rpve_wm": 10.792390555199363,
  "size_x": 256,
  "size_y": 256,
  "size_z": 256,
  "snr_csf": 3.0494411727513344,
  "snr_gm": 9.819385683495302,
  "snr_total": 10.001255274806555,
  "snr_wm": 17.134938968173028,
  "snrd_csf": 47.232957237546145,
  "snrd_gm": 78.19169532422072,
  "snrd_total": 75.6257215872428,
  "snrd_wm": 101.4525121999615,
  "spacing_x": 0.800000011920929,
  "spacing_y": 0.80078125,
  "spacing_z": 0.80078125,
  "summary_bg_k": 8.063032625348797,
  "summary_bg_mad": 6.457738273949015,
  "summary_bg_mean": 12.450821706635983,
  "summary_bg_median": 10.251779355108738,
  "summary_bg_n": 3999319.0,
  "summary_bg_p05": 2.0716030821204185,
  "summary_bg_p95": 29.58674145489931,
  "summary_bg_stdv": 9.183946765201325,
  "summary_csf_k": 0.6519118063095042,
  "summary_csf_mad": 185.62059892314423,
  "summary_csf_mean": 467.37358309353584,
  "summary_csf_median": 465.5795131996274,
  "summary_csf_n": 23728.0,
  "summary_csf_p05": 237.509293365106,
  "summary_csf_p95": 695.6868093982339,
  "summary_csf_stdv": 152.67377724633263,
  "summary_gm_k": 0.5089989526589331,
  "summary_gm_mad": 73.7127198099546,
  "summary_gm_mean": 776.7017541362238,
  "summary_gm_median": 770.742582604289,
  "summary_gm_n": 107347.0,
  "summary_gm_p05": 659.1416063085198,
  "summary_gm_p95": 918.0919915735722,
  "summary_gm_stdv": 78.49156937920844,
  "summary_wm_k": 0.7057084106655469,
  "summary_wm_mad": 54.693893064116956,
  "summary_wm_mean": 1001.9709613981748,
  "summary_wm_median": 1000.026549372822,
  "summary_wm_n": 636486.0,
  "summary_wm_p05": 909.6993431895971,
  "summary_wm_p95": 1099.915000550449,
  "summary_wm_stdv": 58.361793155254496,
  "tpm_overlap_csf": 0.14832116663455963,
  "tpm_overlap_gm": 0.4304839074611664,
  "tpm_overlap_wm": 0.5005303621292114,
  "wm2max": 0.5419664127064218
}