{
  "bids_meta": {
    "BandwidthPerPixelPhaseEncode": null,
    "Columns": 256,
    "EchoTime": 0.00194,
    "EchoTrainLength": 1,
    "FlipAngle": 8.0,
    "ImageType": "ORIGINAL/PRIMARY/M/ND/NORM",
    "ImagingFrequency": 123.192788,
    "InplanePhaseEncodingDirection": "ROW",
    "InversionTime": 1.0,
    "MRAcquisitionType": "3D",
    "MagneticFieldStrength": 3.0,
    "Manufacturer": "SIEMENS",
    "ManufacturersModelName": "Skyra",
    "NumberOfAverages": 1.0,
    "NumberOfEchoes": null,
    "NumberOfPhaseEncodingSteps": 282,
    "PATModeText": "p2",
    "PercentPhaseFieldOfView": 100.0,
    "PhaseEncodingDirection": "i-",
    "PixelBandwidth": 270.0,
    "PixelSpacing": [
      0.80078125,
      0.80078125
    ],
    "RealDwellTime": 7200,
    "RepetitionTime": 2.4,
    "Rows": 256,
    "ScanOptions": [
      "IR",
      "WE"
    ],
    "ScanningSequence": [
      "GR",
      "IR"
    ],
    "SequenceName": "*tfl3d1_16ns",
    "SequenceVariant": [
      "SK",
      "SP",
      "MP",
      "OSP"
    ],
    "SeriesDate": "18740127",
    "SeriesDescription": "T1w_MPR1_PMC",
    "SeriesNumber": 5,
    "SeriesTime": "142941.651000",
    "SliceThickness": 0.80000001192093,
    "SliceTiming": null,
    "SpacingBetweenSlices": null,
    "StudyID": "1",
    "StudyTime": "142002.284000",
    "dataset": "ds000053",
    "modality": "T1w",
    "subject_id": "001"
  },
  "cjv": 0.5519802500672716,
  "cnr": 2.2764174769381427,
  "efc": 0.6627450553635307,
  "fber": 2652.713984254525,
  "fwhm_avg": 3.7409839568575145,
  "fwhm_x": 3.7753249437432745,
  "fwhm_y": 3.650535024390244,
  "fwhm_z": 3.797091902439024,
  "icvs_csf": 0.16178365036227094,
  "icvs_gm": 0.43661211818165374,
  "icvs_wm": 0.4016042314560753,
  "inu_med": 1.1475982666015625,
  "inu_range": 0.45109900236129763,
  "provenance": {
    "md5sum": "1a674f07df0c690add8176c100f035ad",
    "settings": {
      "testing": false
    },
    "software": "mriqc",
    "version": "22.0.0rc1",
    "warnings": {
      "large_rot_frame": true,
      "small_air_mask": false
    },
    "webapi_port": null,
    "webapi_url": "https://mriqc.nimh.nih.gov/api/v1"
  },
  "qi_1": 0.0,
  "qi_2": 0.0024472742426034934,
  "rpve_csf": 18.49892221682278,
  "rpve_gm": 7.919118356416005,
  "rpve_wm": 9.920677009097258,
  "size_x": 256,
  "size_y": 256,
  "size_z": 256,
  "snr_csf": 2.0548943231880465,
  "snr_gm": 9.435462995314825,
  "snr_total": 9.714403990180662,
  "snr_wm": 17.65285465203911,
  "snrd_csf": 40.42175258725311,
  "snrd_gm": 82.41113691201292,
  "snrd_total": 76.49364857848654,
  "snrd_wm": 106.64805623619358,
  "spacing_x": 0.800000011920929,
  "spacing_y": 0.80078125,
  "spacing_z": 0.80078125,
  "summary_bg_k": 966.323369207484,
  "summary_bg_mad": 6.14337964974,
  "summary_bg_mean": 10.784467552238803,
  "summary_bg_median": 9.33964790403843,
  "summary_bg_n": 3174033.0,
  "summary_bg_p05": 2.0389372184872627,
  "summary_bg_p95": 22.757170245051384,
  "summary_bg_stdv": 7.103729902730428,
  "summary_csf_k": 23.371718734044915,
  "summary_csf_mad": 161.28809429634856,
  "summary_csf_mean": 422.4212697131329,
  "summary_csf_median": 379.04500613361597,
  "summary_csf_n": 44605.0,
  "summary_csf_p05": 221.59958956539631,
  "summary_csf_p95": 667.6532808020711,
  "summary_csf_stdv": 184.45754262175413,
  "summary_gm_k": 0.8853719432550857,
  "summary_gm_mad": 72.30660333781286,
  "summary_gm_mean": 779.5079278800317,
  "summary_gm_median": 772.7900918908417,
  "summary_gm_n": 94924.0,
  "summary_gm_p05": 659.2344432547688,
  "summary_gm_p95": 934.6882842555642,
  "summary_gm_stdv": 81.90228944685771,
  "summary_wm_k": 0.6825641231591288,
  "summary_wm_mad": 53.14510966838571,
  "summary_wm_mean": 1000.2843225813175,
  "summary_wm_median": 1000.0658195838332,
  "summary_wm_n": 637987.0,
  "summary_wm_p05": 908.1163282468915,
  "summary_wm_p95": 1092.6072604358196,
  "summary_wm_stdv": 56.65174588073746,
  "tpm_overlap_csf": 0.16928644478321075,
  "tpm_overlap_gm": 0.4419715702533722,
  "tpm_overlap_wm": 0.4903794825077057,
  "wm2max": 0.42603226665556926
}