{
  "bids_meta": {
    "BandwidthPerPixelPhaseEncode": null,
    "Columns": 256,
    "EchoTime": 0.00194,
    "EchoTrainLength": 1,
    "FlipAngle": 8.0,
    "ImageType": "ORIGINAL/PRIMARY/M/ND/NORM",
    "ImagingFrequency": 123.191304,
    "InplanePhaseEncodingDirection": "ROW",
    "InversionTime": 1.0,
    "MRAcquisitionType": "3D",
    "MagneticFieldStrength": 3.0,
    "Manufacturer": "SIEMENS",
    "ManufacturersModelName": "Skyra",
    "NumberOfAverages": 1.0,
    "NumberOfEchoes": null,
    "NumberOfPhaseEncodingSteps": 282,
    "PATModeText": "p2",
    "PercentPhaseFieldOfView": 100.0,
    "PhaseEncodingDirection": "i-",
    "PixelBandwidth": 270.0,
    "PixelSpacing": [
      0.80078125,
      0.80078125
    ],
    "RealDwellTime": 7200,
    "RepetitionTime": 2.4,
    "Rows": 256,
    "ScanOptions": [
      "IR",
      "WE"
    ],
    "ScanningSequence": [
      "GR",
      "IR"
    ],
    "SequenceName": "*tfl3d1_16ns",
    "SequenceVariant": [
      "SK",
      "SP",
      "MP",
      "OSP"
    ],
    "SeriesDate": "18740221",
    "SeriesDescription": "T1w_MPR1_PMC",
    "SeriesNumber": 5,
    "SeriesTime": "110005.951000",
    "SliceThickness": 0.80000001192093,
    "SliceTiming": null,
    "SpacingBetweenSlices": null,
    "StudyID": "1",
    "StudyTime": "104857.928000",
    "dataset": "ds000053",
    "modality": "T1w",
    "subject_id": "043"
  },
  "cjv": 0.6687642925668651,
  "cnr": 1.920357111052458,
  "efc": 0.6840867302825301,
  "fber": 3936.648718069564,
  "fwhm_avg": 3.799867087018164,
  "fwhm_x": 3.7593499439813205,
  "fwhm_y": 3.7367008780487807,
  "fwhm_z": 3.9035504390243903,
  "icvs_csf": 0.17006357071679692,
  "icvs_gm": 0.4186974695917422,
  "icvs_wm": 0.4112389596914609,
  "inu_med": 1.1376670598983765,
  "inu_range": 0.4569219946861267,
  "provenance": {
    "md5sum": "33fcdeb200e15e924552e3767e7f3168",
    "settings": {
      "testing": false
    },
    "software": "mriqc",
    "version": "22.0.0rc1",
    "warnings": {
      "large_rot_frame": true,
      "small_air_mask": false
    },
    "webapi_port": null,
    "webapi_url": "https://mriqc.nimh.nih.gov/api/v1"
  },
  "qi_1": 0.0,
  "qi_2": 0.001029754041332863,
  "rpve_csf": 18.207836374274528,
  "rpve_gm": 8.40378775468414,
  "rpve_wm": 10.180067427344554,
  "size_x": 256,
  "size_y": 256,
  "size_z": 256,
  "snr_csf": 2.2431634446592064,
  "snr_gm": 8.528341245362355,
  "snr_total": 9.14039604326022,
  "snr_wm": 16.649683439759098,
  "snrd_csf": 46.031756852579605,
  "snrd_gm": 90.6826300437649,
  "snrd_total": 83.93701335785364,
  "snrd_wm": 115.09665317721644,
  "spacing_x": 0.800000011920929,
  "spacing_y": 0.80078125,
  "spacing_z": 0.80078125,
  "summary_bg_k": 23.101884359525915,
  "summary_bg_mad": 5.69239564808189,
  "summary_bg_mean": 10.949352904388725,
  "summary_bg_median": 9.478673093020916,
  "summary_bg_n": 3476307.0,
  "summary_bg_p05": 1.9197312593460083,
  "summary_bg_p95": 23.93664913997054,
  "summary_bg_stdv": 7.668218489178745,
  "summary_csf_k": 20.116136695364723,
  "summary_csf_mad": 163.7453185643556,
  "summary_csf_mean": 430.2568477653814,
  "summary_csf_median": 399.9640095643699,
  "summary_csf_n": 35267.0,
  "summary_csf_p05": 224.92651283331216,
  "summary_csf_p95": 690.4073507830498,
  "summary_csf_stdv": 178.30102392351057,
  "summary_gm_k": 0.36231733793633936,
  "summary_gm_mad": 84.94121631122195,
  "summary_gm_mean": 797.2774848381995,
  "summary_gm_median": 787.9296987578273,
  "summary_gm_n": 74072.0,
  "summary_gm_p05": 662.0673180669546,
  "summary_gm_p95": 972.5838492661715,
  "summary_gm_stdv": 92.38893676938099,
  "summary_wm_k": 0.5389387094770033,
  "summary_wm_mad": 56.9239564808189,
  "summary_wm_mean": 1001.8373646529091,
  "summary_wm_median": 1000.0600029155612,
  "summary_wm_n": 650216.0,
  "summary_wm_p05": 906.4131124205887,
  "summary_wm_p95": 1102.5256588831544,
  "summary_wm_stdv": 60.06475964016056,
  "tpm_overlap_csf": 0.18367750942707062,
  "tpm_overlap_gm": 0.44476231932640076,
  "tpm_overlap_wm": 0.514467716217041,
  "wm2max": 0.5265259975764569
}