{
  "bids_meta": {
    "BandwidthPerPixelPhaseEncode": null,
    "Columns": 256,
    "EchoTime": 0.00194,
    "EchoTrainLength": 1,
    "FlipAngle": 8.0,
    "ImageType": "ORIGINAL/PRIMARY/M/ND/NORM",
    "ImagingFrequency": 123.191135,
    "InplanePhaseEncodingDirection": "ROW",
    "InversionTime": 1.0,
    "MRAcquisitionType": "3D",
    "MagneticFieldStrength": 3.0,
    "Manufacturer": "SIEMENS",
    "ManufacturersModelName": "Skyra",
    "NumberOfAverages": 1.0,
    "NumberOfEchoes": null,
    "NumberOfPhaseEncodingSteps": 282,
    "PATModeText": "p2",
    "PercentPhaseFieldOfView": 100.0,
    "PhaseEncodingDirection": "i-",
    "PixelBandwidth": 270.0,
    "PixelSpacing": [
      0.80078125,
      0.80078125
    ],
    "RealDwellTime": 7200,
    "RepetitionTime": 2.4,
    "Rows": 256,
    "ScanOptions": [
      "IR",
      "WE"
    ],
    "ScanningSequence": [
      "GR",
      "IR"
    ],
    "SequenceName": "*tfl3d1_16ns",
    "SequenceVariant": [
      "SK",
      "SP",
      "MP",
      "OSP"
    ],
    "SeriesDate": "18740304",
    "SeriesDescription": "T1w_MPR1_PMC",
    "SeriesNumber": 5,
    "SeriesTime": "115524.521000",
    "SliceThickness": 0.80000001192093,
    "SliceTiming": null,
    "SpacingBetweenSlices": null,
    "StudyID": "1",
    "StudyTime": "113647.163000",
    "dataset": "ds000053",
    "modality": "T1w",
    "subject_id": "012"
  },
  "cjv": 0.5399455864336066,
  "cnr": 2.4017287162993766,
  "efc": 0.6493277713676858,
  "fber": 3104.5023967086495,
  "fwhm_avg": 3.8552493061671433,
  "fwhm_x": 3.832474942891673,
  "fwhm_y": 3.7881506341463416,
  "fwhm_z": 3.945122341463415,
  "icvs_csf": 0.16290878365113268,
  "icvs_gm": 0.450117541922774,
  "icvs_wm": 0.3869736744260934,
  "inu_med": 1.1246658563613892,
  "inu_range": 0.4562361806631088,
  "provenance": {
    "md5sum": "b0b10f2dead5753b0f6764d2f6359215",
    "settings": {
      "testing": false
    },
    "software": "mriqc",
    "version": "22.0.0rc1",
    "warnings": {
      "large_rot_frame": true,
      "small_air_mask": false
    },
    "webapi_port": null,
    "webapi_url": "https://mriqc.nimh.nih.gov/api/v1"
  },
  "qi_1": 0.0,
  "qi_2": 0.0012948505683064093,
  "rpve_csf": 22.14577060607191,
  "rpve_gm": 9.385899717187284,
  "rpve_wm": 12.495758920851735,
  "size_x": 256,
  "size_y": 256,
  "size_z": 256,
  "snr_csf": 1.607112763954894,
  "snr_gm": 10.561830448131149,
  "snr_total": 9.960610632445999,
  "snr_wm": 17.71288868525195,
  "snrd_csf": 44.26985552246056,
  "snrd_gm": 89.63422067930628,
  "snrd_total": 83.1056859864209,
  "snrd_wm": 115.41298175749584,
  "spacing_x": 0.800000011920929,
  "spacing_y": 0.80078125,
  "spacing_z": 0.80078125,
  "summary_bg_k": 8.875778798777072,
  "summary_bg_mad": 5.67678759334124,
  "summary_bg_mean": 10.751924452769696,
  "summary_bg_median": 9.48397757485509,
  "summary_bg_n": 3005746.0,
  "summary_bg_p05": 1.8850141763687134,
  "summary_bg_p95": 23.975024055689573,
  "summary_bg_stdv": 7.400062844974621,
  "summary_csf_k": 22.02344453165196,
  "summary_csf_mad": 151.8759019203141,
  "summary_csf_mean": 436.8299748562401,
  "summary_csf_median": 383.6003848910332,
  "summary_csf_n": 28462.0,
  "summary_csf_p05": 228.14562203362584,
  "summary_csf_p95": 690.1419793190429,
  "summary_csf_stdv": 238.6849601464583,
  "summary_gm_k": 0.7489379158419682,
  "summary_gm_mad": 68.994803057532,
  "summary_gm_mean": 779.088804425191,
  "summary_gm_median": 776.6847473569214,
  "summary_gm_n": 88148.0,
  "summary_gm_p05": 665.5484349867329,
  "summary_gm_p95": 904.9246180430055,
  "summary_gm_stdv": 73.53652812233013,
  "summary_wm_k": 0.9978200485341064,
  "summary_wm_mad": 51.61509950253343,
  "summary_wm_mean": 1000.7472751735202,
  "summary_wm_median": 1000.058927256614,
  "summary_wm_n": 501958.0,
  "summary_wm_p05": 909.3426200188696,
  "summary_wm_p95": 1093.0725955218077,
  "summary_wm_stdv": 56.45933584682944,
  "tpm_overlap_csf": 0.1680605411529541,
  "tpm_overlap_gm": 0.44801563024520874,
  "tpm_overlap_wm": 0.5069904327392578,
  "wm2max": 0.5500691474535717
}