{
  "bids_meta": {
    "BandwidthPerPixelPhaseEncode": null,
    "Columns": 256,
    "EchoTime": 0.00194,
    "EchoTrainLength": 1,
    "FlipAngle": 8.0,
    "ImageType": "ORIGINAL/PRIMARY/M/ND/NORM",
    "ImagingFrequency": 123.190894,
    "InplanePhaseEncodingDirection": "ROW",
    "InversionTime": 1.0,
    "MRAcquisitionType": "3D",
    "MagneticFieldStrength": 3.0,
    "Manufacturer": "SIEMENS",
    "ManufacturersModelName": "Skyra",
    "NumberOfAverages": 1.0,
    "NumberOfEchoes": null,
    "NumberOfPhaseEncodingSteps": 282,
    "PATModeText": "p2",
    "PercentPhaseFieldOfView": 100.0,
    "PhaseEncodingDirection": "i-",
    "PixelBandwidth": 270.0,
    "PixelSpacing": [
      0.80078125,
      0.80078125
    ],
    "RealDwellTime": 7200,
    "RepetitionTime": 2.4,
    "Rows": 256,
    "ScanOptions": [
      "IR",
      "WE"
    ],
    "ScanningSequence": [
      "GR",
      "IR"
    ],
    "SequenceName": "*tfl3d1_16ns",
    "SequenceVariant": [
      "SK",
      "SP",
      "MP",
      "OSP"
    ],
    "SeriesDate": "18740331",
    "SeriesDescription": "T1w_MPR1_PMC",
    "SeriesNumber": 5,
    "SeriesTime": "153943.705000",
    "SliceThickness": 0.80000001192093,
    "SliceTiming": null,
    "SpacingBetweenSlices": null,
    "StudyID": "1",
    "StudyTime": "153021.663000",
    "dataset": "ds000053",
    "modality": "T1w",
    "subject_id": "025"
  },
  "cjv": 0.5620663340109265,
  "cnr": 2.317754239330781,
  "efc": 0.6481855646346695,
  "fber": 2607.494958677686,
  "fwhm_avg": 3.9228242042986725,
  "fwhm_x": 3.8812874421643104,
  "fwhm_y": 3.894671609756098,
  "fwhm_z": 3.9925135609756097,
  "icvs_csf": 0.16868275394549373,
  "icvs_gm": 0.4402455706523298,
  "icvs_wm": 0.3910716754021765,
  "inu_med": 1.0949888229370117,
  "inu_range": 0.42845745682716363,
  "provenance": {
    "md5sum": "682ba24ee1224c953a6d89b518fac80f",
    "settings": {
      "testing": false
    },
    "software": "mriqc",
    "version": "22.0.0rc1",
    "warnings": {
      "large_rot_frame": true,
      "small_air_mask": false
    },
    "webapi_port": null,
    "webapi_url": "https://mriqc.nimh.nih.gov/api/v1"
  },
  "qi_1": 0.00026993551442792133,
  "qi_2": 0.001189343387114866,
  "rpve_csf": 21.808063489981308,
  "rpve_gm": 9.62462988594355,
  "rpve_wm": 12.49777452475226,
  "size_x": 256,
  "size_y": 256,
  "size_z": 256,
  "snr_csf": 3.5125890667469606,
  "snr_gm": 9.721552886703105,
  "snr_total": 10.834252018883555,
  "snr_wm": 19.268614103200598,
  "snrd_csf": 51.80425669946121,
  "snrd_gm": 77.61540918444113,
  "snrd_total": 76.3937332863605,
  "snrd_wm": 99.76153397517919,
  "spacing_x": 0.800000011920929,
  "spacing_y": 0.80078125,
  "spacing_z": 0.80078125,
  "summary_bg_k": 15.154679969241066,
  "summary_bg_mad": 6.567451436029704,
  "summary_bg_mean": 12.358013229000244,
  "summary_bg_median": 10.87876969575882,
  "summary_bg_n": 3126450.0,
  "summary_bg_p05": 2.149697005748749,
  "summary_bg_p95": 27.49006474018097,
  "summary_bg_stdv": 8.688841195924255,
  "summary_csf_k": 7.46526735419795,
  "summary_csf_mad": 136.46777763397017,
  "summary_csf_mean": 484.1418959901039,
  "summary_csf_median": 519.3146827220917,
  "summary_csf_n": 47625.0,
  "summary_csf_p05": 239.72378730773926,
  "summary_csf_p95": 668.0867439866063,
  "summary_csf_stdv": 147.84229544156582,
  "summary_gm_k": 0.2687588393708995,
  "summary_gm_mad": 77.36071470970283,
  "summary_gm_mean": 781.0657863380092,
  "summary_gm_median": 778.060031414032,
  "summary_gm_n": 84304.0,
  "summary_gm_p05": 656.7096354395152,
  "summary_gm_p95": 923.0017234683037,
  "summary_gm_stdv": 80.03406717617428,
  "summary_wm_k": 0.8734005089757564,
  "summary_wm_mad": 47.42086257486154,
  "summary_wm_mean": 999.6331417224735,
  "summary_wm_median": 1000.065104007721,
  "summary_wm_n": 519655.0,
  "summary_wm_p05": 913.7515121102333,
  "summary_wm_p95": 1083.1867215633392,
  "summary_wm_stdv": 51.901197274051626,
  "tpm_overlap_csf": 0.1565128117799759,
  "tpm_overlap_gm": 0.4403311312198639,
  "tpm_overlap_wm": 0.4878540337085724,
  "wm2max": 0.5242453216773665
}