{
  "bids_meta": {
    "BandwidthPerPixelPhaseEncode": null,
    "Columns": 256,
    "EchoTime": 0.00194,
    "EchoTrainLength": 1,
    "FlipAngle": 8.0,
    "ImageType": "ORIGINAL/PRIMARY/M/ND/NORM",
    "ImagingFrequency": 123.192826,
    "InplanePhaseEncodingDirection": "ROW",
    "InversionTime": 1.0,
    "MRAcquisitionType": "3D",
    "MagneticFieldStrength": 3.0,
    "Manufacturer": "SIEMENS",
    "ManufacturersModelName": "Skyra",
    "NumberOfAverages": 1.0,
    "NumberOfEchoes": null,
    "NumberOfPhaseEncodingSteps": 282,
    "PATModeText": "p2",
    "PercentPhaseFieldOfView": 100.0,
    "PhaseEncodingDirection": "i-",
    "PixelBandwidth": 270.0,
    "PixelSpacing": [
      0.80078125,
      0.80078125
    ],
    "RealDwellTime": 7200,
    "RepetitionTime": 2.4,
    "Rows": 256,
    "ScanOptions": [
      "IR",
      "WE"
    ],
    "ScanningSequence": [
      "GR",
      "IR"
    ],
    "SequenceName": "*tfl3d1_16ns",
    "SequenceVariant": [
      "SK",
      "SP",
      "MP",
      "OSP"
    ],
    "SeriesDate": "18740131",
    "SeriesDescription": "T1w_MPR1_PMC",
    "SeriesNumber": 5,
    "SeriesTime": "114613.757000",
    "SliceThickness": 0.80000001192093,
    "SliceTiming": null,
    "SpacingBetweenSlices": null,
    "StudyID": "1",
    "StudyTime": "112625.967000",
    "dataset": "ds000053",
    "modality": "T1w",
    "subject_id": "003"
  },
  "cjv": 0.5943157603266007,
  "cnr": 2.1691041863183385,
  "efc": 0.6676679206272765,
  "fber": 3286.6273033167763,
  "fwhm_avg": 3.7833321725273787,
  "fwhm_x": 3.730487444411405,
  "fwhm_y": 3.747877463414634,
  "fwhm_z": 3.8716316097560974,
  "icvs_csf": 0.18010048929394457,
  "icvs_gm": 0.4355094767692518,
  "icvs_wm": 0.38439003393680365,
  "inu_med": 1.1767950057983398,
  "inu_range": 0.47957780957221974,
  "provenance": {
    "md5sum": "407cadb7ede09b7c180ac62296cd3e80",
    "settings": {
      "testing": false
    },
    "software": "mriqc",
    "version": "22.0.0rc1",
    "warnings": {
      "large_rot_frame": true,
      "small_air_mask": false
    },
    "webapi_port": null,
    "webapi_url": "https://mriqc.nimh.nih.gov/api/v1"
  },
  "qi_1": 0.0,
  "qi_2": 0.0012194621775106322,
  "rpve_csf": 21.898382094387706,
  "rpve_gm": 10.115855360717784,
  "rpve_wm": 13.258750132514361,
  "size_x": 256,
  "size_y": 256,
  "size_z": 256,
  "snr_csf": 2.9178548215020608,
  "snr_gm": 9.520617758852005,
  "snr_total": 9.798346086136927,
  "snr_wm": 16.956565678056716,
  "snrd_csf": 37.82086917041106,
  "snrd_gm": 86.21623855674393,
  "snrd_total": 78.1733583867117,
  "snrd_wm": 110.48296743298009,
  "spacing_x": 0.800000011920929,
  "spacing_y": 0.80078125,
  "spacing_z": 0.80078125,
  "summary_bg_k": 14.877938101341009,
  "summary_bg_mad": 5.930079254002314,
  "summary_bg_mean": 10.588793567327004,
  "summary_bg_median": 8.832842364907265,
  "summary_bg_n": 2885395.0,
  "summary_bg_p05": 1.8887839019298553,
  "summary_bg_p95": 24.109770983457565,
  "summary_bg_stdv": 7.574134008006926,
  "summary_csf_k": 6.046834349463914,
  "summary_csf_mad": 95.74607128857905,
  "summary_csf_mean": 367.8677464193183,
  "summary_csf_median": 342.3420822247863,
  "summary_csf_n": 40382.0,
  "summary_csf_p05": 224.7652843296528,
  "summary_csf_p95": 603.9608736291525,
  "summary_csf_stdv": 117.32518043059594,
  "summary_gm_k": 0.7535972056394291,
  "summary_gm_mad": 74.04362846316779,
  "summary_gm_mean": 785.8497683062501,
  "summary_gm_median": 780.4010663032532,
  "summary_gm_n": 64553.0,
  "summary_gm_p05": 662.2965199649334,
  "summary_gm_p95": 935.2813462615013,
  "summary_gm_stdv": 81.96894796038939,
  "summary_wm_k": 0.6116730556287941,
  "summary_wm_mad": 56.500477336744275,
  "summary_wm_mean": 1000.8334269927633,
  "summary_wm_median": 1000.0555236041546,
  "summary_wm_n": 460632.0,
  "summary_wm_p05": 905.7274334430695,
  "summary_wm_p95": 1097.4389994889498,
  "summary_wm_stdv": 58.9774165987083,
  "tpm_overlap_csf": 0.17880859971046448,
  "tpm_overlap_gm": 0.43827366828918457,
  "tpm_overlap_wm": 0.5000024437904358,
  "wm2max": 0.4957619131089239
}