{
  "bids_meta": {
    "BandwidthPerPixelPhaseEncode": null,
    "Columns": 256,
    "EchoTime": 0.00194,
    "EchoTrainLength": 1,
    "FlipAngle": 8.0,
    "ImageType": "ORIGINAL/PRIMARY/M/ND/NORM",
    "ImagingFrequency": 123.190817,
    "InplanePhaseEncodingDirection": "ROW",
    "InversionTime": 1.0,
    "MRAcquisitionType": "3D",
    "MagneticFieldStrength": 3.0,
    "Manufacturer": "SIEMENS",
    "ManufacturersModelName": "Skyra",
    "NumberOfAverages": 1.0,
    "NumberOfEchoes": null,
    "NumberOfPhaseEncodingSteps": 282,
    "PATModeText": "p2",
    "PercentPhaseFieldOfView": 100.0,
    "PhaseEncodingDirection": "i-",
    "PixelBandwidth": 270.0,
    "PixelSpacing": [
      0.80078125,
      0.80078125
    ],
    "RealDwellTime": 7200,
    "RepetitionTime": 2.4,
    "Rows": 256,
    "ScanOptions": [
      "IR",
      "WE"
    ],
    "ScanningSequence": [
      "GR",
      "IR"
    ],
    "SequenceName": "*tfl3d1_16ns",
    "SequenceVariant": [
      "SK",
      "SP",
      "MP",
      "OSP"
    ],
    "SeriesDate": "18740430",
    "SeriesDescription": "T1w_MPR1_PMC",
    "SeriesNumber": 5,
    "SeriesTime": "094841.424000",
    "SliceThickness": 0.80000001192093,
    "SliceTiming": null,
    "SpacingBetweenSlices": null,
    "StudyID": "1",
    "StudyTime": "093256.983000",
    "dataset": "ds000053",
    "modality": "T1w",
    "subject_id": "039"
  },
  "cjv": 0.630038917448131,
  "cnr": 2.1180505685584374,
  "efc": 0.611096872599647,
  "fber": 4608.373225,
  "fwhm_avg": 4.008576557342846,
  "fwhm_x": 4.0049749403212225,
  "fwhm_y": 3.968699317073171,
  "fwhm_z": 4.052055414634147,
  "icvs_csf": 0.19727173314564,
  "icvs_gm": 0.41699800885997107,
  "icvs_wm": 0.3857302579943889,
  "inu_med": 1.4749749898910522,
  "inu_range": 0.6478589057922362,
  "provenance": {
    "md5sum": "3c5a55bacdee6e77e040b6a289718a2b",
    "settings": {
      "testing": false
    },
    "software": "mriqc",
    "version": "22.0.0rc1",
    "warnings": {
      "large_rot_frame": true,
      "small_air_mask": false
    },
    "webapi_port": null,
    "webapi_url": "https://mriqc.nimh.nih.gov/api/v1"
  },
  "qi_1": 0.0,
  "qi_2": 0.002031213887307088,
  "rpve_csf": 19.38515290571641,
  "rpve_gm": 9.768861935490001,
  "rpve_wm": 12.537626832230663,
  "size_x": 256,
  "size_y": 256,
  "size_z": 256,
  "snr_csf": 2.93452470333766,
  "snr_gm": 9.612371706871341,
  "snr_total": 9.81547621748036,
  "snr_wm": 16.899532242232073,
  "snrd_csf": 42.58031485668347,
  "snrd_gm": 87.13682766434015,
  "snrd_total": 80.20376880735445,
  "snrd_wm": 110.89416390103975,
  "spacing_x": 0.800000011920929,
  "spacing_y": 0.80078125,
  "spacing_z": 0.80078125,
  "summary_bg_k": 39.25942386251237,
  "summary_bg_mad": 5.908089577828081,
  "summary_bg_mean": 10.027930526762955,
  "summary_bg_median": 9.021474663168192,
  "summary_bg_n": 5056940.0,
  "summary_bg_p05": 1.9924729317426682,
  "summary_bg_p95": 22.02789518982172,
  "summary_bg_stdv": 6.861879280468842,
  "summary_csf_k": -0.16161166523285164,
  "summary_csf_mad": 135.31166269220148,
  "summary_csf_mean": 404.14811779710396,
  "summary_csf_median": 383.9938111230731,
  "summary_csf_n": 39195.0,
  "summary_csf_p05": 223.76577952876687,
  "summary_csf_p95": 641.5928879622368,
  "summary_csf_stdv": 130.8521656505515,
  "summary_gm_k": 0.4065394700503555,
  "summary_gm_mad": 78.11807330683796,
  "summary_gm_mean": 789.5368844140926,
  "summary_gm_median": 785.8091856911778,
  "summary_gm_n": 52531.0,
  "summary_gm_p05": 663.1060609780252,
  "summary_gm_p95": 932.7263911720365,
  "summary_gm_stdv": 81.74899287480793,
  "summary_wm_k": 0.5248936606489649,
  "summary_wm_mad": 56.865362186595284,
  "summary_wm_mean": 1001.5070502840874,
  "summary_wm_median": 1000.0553723238409,
  "summary_wm_n": 484246.0,
  "summary_wm_p05": 906.9626092351973,
  "summary_wm_p95": 1099.6790189109743,
  "summary_wm_stdv": 59.17645088625225,
  "tpm_overlap_csf": 0.17692363262176514,
  "tpm_overlap_gm": 0.43287667632102966,
  "tpm_overlap_wm": 0.513778030872345,
  "wm2max": 0.6483780680350223
}