{
  "bids_meta": {
    "BandwidthPerPixelPhaseEncode": null,
    "Columns": 256,
    "EchoTime": 0.00194,
    "EchoTrainLength": 1,
    "FlipAngle": 8.0,
    "ImageType": "ORIGINAL/PRIMARY/M/ND/NORM",
    "ImagingFrequency": 123.190736,
    "InplanePhaseEncodingDirection": "ROW",
    "InversionTime": 1.0,
    "MRAcquisitionType": "3D",
    "MagneticFieldStrength": 3.0,
    "Manufacturer": "SIEMENS",
    "ManufacturersModelName": "Skyra",
    "NumberOfAverages": 1.0,
    "NumberOfEchoes": null,
    "NumberOfPhaseEncodingSteps": 282,
    "PATModeText": "p2",
    "PercentPhaseFieldOfView": 100.0,
    "PhaseEncodingDirection": "i-",
    "PixelBandwidth": 270.0,
    "PixelSpacing": [
      0.80078125,
      0.80078125
    ],
    "RealDwellTime": 7200,
    "RepetitionTime": 2.4,
    "Rows": 256,
    "ScanOptions": [
      "IR",
      "WE"
    ],
    "ScanningSequence": [
      "GR",
      "IR"
    ],
    "SequenceName": "*tfl3d1_16ns",
    "SequenceVariant": [
      "SK",
      "SP",
      "MP",
      "OSP"
    ],
    "SeriesDate": "18740422",
    "SeriesDescription": "T1w_MPR1_PMC",
    "SeriesNumber": 5,
    "SeriesTime": "095256.590000",
    "SliceThickness": 0.80000001192093,
    "SliceTiming": null,
    "SpacingBetweenSlices": null,
    "StudyID": "1",
    "StudyTime": "093526.349000",
    "dataset": "ds000053",
    "modality": "T1w",
    "subject_id": "034"
  },
  "cjv": 0.5732621376325889,
  "cnr": 2.352077273511791,
  "efc": 0.6300741890650876,
  "fber": 4383.63691787162,
  "fwhm_avg": 4.009946143088804,
  "fwhm_x": 3.928449941461534,
  "fwhm_y": 4.012056975609756,
  "fwhm_z": 4.0893315121951215,
  "icvs_csf": 0.17718919986682893,
  "icvs_gm": 0.4204577601279431,
  "icvs_wm": 0.402353040005228,
  "inu_med": 1.2891920804977417,
  "inu_range": 0.5355353474617004,
  "provenance": {
    "md5sum": "14965893ec566008430024719a93b07b",
    "settings": {
      "testing": false
    },
    "software": "mriqc",
    "version": "22.0.0rc1",
    "warnings": {
      "large_rot_frame": true,
      "small_air_mask": false
    },
    "webapi_port": null,
    "webapi_url": "https://mriqc.nimh.nih.gov/api/v1"
  },
  "qi_1": 0.0,
  "qi_2": 0.000953236534434121,
  "rpve_csf": 21.847246342896735,
  "rpve_gm": 10.227235274869313,
  "rpve_wm": 12.710373934922911,
  "size_x": 256,
  "size_y": 256,
  "size_z": 256,
  "snr_csf": 2.851173145014449,
  "snr_gm": 9.995715360020524,
  "snr_total": 10.053314775422228,
  "snr_wm": 17.313055821231707,
  "snrd_csf": 45.05132945298964,
  "snrd_gm": 86.27070674561004,
  "snrd_total": 81.01874588677366,
  "snrd_wm": 111.73420146172127,
  "spacing_x": 0.800000011920929,
  "spacing_y": 0.80078125,
  "spacing_z": 0.80078125,
  "summary_bg_k": 1543.0081415795762,
  "summary_bg_mad": 5.863709335071799,
  "summary_bg_mean": 10.822168969465968,
  "summary_bg_median": 8.898776650428772,
  "summary_bg_n": 4270564.0,
  "summary_bg_p05": 1.9775059223175049,
  "summary_bg_p95": 25.398591689765453,
  "summary_bg_stdv": 9.22176521816746,
  "summary_csf_k": 0.3251966246806859,
  "summary_csf_mad": 169.58946842527968,
  "summary_csf_mean": 420.1824237851083,
  "summary_csf_median": 403.22581697255373,
  "summary_csf_n": 40875.0,
  "summary_csf_p05": 222.2036889024079,
  "summary_csf_p95": 646.6444365978241,
  "summary_csf_stdv": 141.4227982686918,
  "summary_gm_k": 0.2936095084869148,
  "summary_gm_mad": 75.03715539724692,
  "summary_gm_mean": 775.5538789254016,
  "summary_gm_median": 772.1542656049132,
  "summary_gm_n": 63231.0,
  "summary_gm_p05": 656.2847779691219,
  "summary_gm_p95": 910.208897806704,
  "summary_gm_stdv": 77.24791392606619,
  "summary_wm_k": 0.4192734663003277,
  "summary_wm_mad": 55.613618224821586,
  "summary_wm_mean": 1000.7090484421668,
  "summary_wm_median": 1000.0618231520057,
  "summary_wm_n": 508691.0,
  "summary_wm_p05": 907.2426389232278,
  "summary_wm_p95": 1095.9708603844047,
  "summary_wm_stdv": 57.76339258083881,
  "tpm_overlap_csf": 0.15468928217887878,
  "tpm_overlap_gm": 0.4213215708732605,
  "tpm_overlap_wm": 0.4837246835231781,
  "wm2max": 0.6583807973962571
}