{
  "bids_meta": {
    "BandwidthPerPixelPhaseEncode": null,
    "Columns": 256,
    "EchoTime": 0.00194,
    "EchoTrainLength": 1,
    "FlipAngle": 8.0,
    "ImageType": "ORIGINAL/PRIMARY/M/ND/NORM",
    "ImagingFrequency": 123.190876,
    "InplanePhaseEncodingDirection": "ROW",
    "InversionTime": 1.0,
    "MRAcquisitionType": "3D",
    "MagneticFieldStrength": 3.0,
    "Manufacturer": "SIEMENS",
    "ManufacturersModelName": "Skyra",
    "NumberOfAverages": 1.0,
    "NumberOfEchoes": null,
    "NumberOfPhaseEncodingSteps": 282,
    "PATModeText": "p2",
    "PercentPhaseFieldOfView": 100.0,
    "PhaseEncodingDirection": "i-",
    "PixelBandwidth": 270.0,
    "PixelSpacing": [
      0.80078125,
      0.80078125
    ],
    "RealDwellTime": 7200,
    "RepetitionTime": 2.4,
    "Rows": 256,
    "ScanOptions": [
      "IR",
      "WE"
    ],
    "ScanningSequence": [
      "GR",
      "IR"
    ],
    "SequenceName": "*tfl3d1_16ns",
    "SequenceVariant": [
      "SK",
      "SP",
      "MP",
      "OSP"
    ],
    "SeriesDate": "18740402",
    "SeriesDescription": "T1w_MPR1_PMC",
    "SeriesNumber": 5,
    "SeriesTime": "095209.185000",
    "SliceThickness": 0.80000001192093,
    "SliceTiming": null,
    "SpacingBetweenSlices": null,
    "StudyID": "1",
    "StudyTime": "093540.731000",
    "dataset": "ds000053",
    "modality": "T1w",
    "subject_id": "049"
  },
  "cjv": 0.6619173189082145,
  "cnr": 1.9858641154034196,
  "efc": 0.6523616542165196,
  "fber": 3859.752145120977,
  "fwhm_avg": 3.9268390660550048,
  "fwhm_x": 3.8877874420674527,
  "fwhm_y": 3.9312608780487808,
  "fwhm_z": 3.961468878048781,
  "icvs_csf": 0.20230407626458408,
  "icvs_gm": 0.43100530869488524,
  "icvs_wm": 0.3666906150405307,
  "inu_med": 1.1921485662460327,
  "inu_range": 0.5221546590328217,
  "provenance": {
    "md5sum": "d3dbcaef1644f87399c03ab4cfe6c276",
    "settings": {
      "testing": false
    },
    "software": "mriqc",
    "version": "22.0.0rc1",
    "warnings": {
      "large_rot_frame": true,
      "small_air_mask": false
    },
    "webapi_port": null,
    "webapi_url": "https://mriqc.nimh.nih.gov/api/v1"
  },
  "qi_1": 3.7446039927989734e-05,
  "qi_2": 0.0012964848408762554,
  "rpve_csf": 17.207765815969807,
  "rpve_gm": 8.721249671355768,
  "rpve_wm": 11.88484671946592,
  "size_x": 256,
  "size_y": 256,
  "size_z": 256,
  "snr_csf": 3.010961425091989,
  "snr_gm": 10.560793893983874,
  "snr_total": 9.547309498255666,
  "snr_wm": 15.070173175691139,
  "snrd_csf": 45.60910023037284,
  "snrd_gm": 86.72459258292834,
  "snrd_total": 80.27763624788533,
  "snrd_wm": 108.49921593035482,
  "spacing_x": 0.800000011920929,
  "spacing_y": 0.80078125,
  "spacing_z": 0.80078125,
  "summary_bg_k": 2092.3562265779688,
  "summary_bg_mad": 6.038545261621591,
  "summary_bg_mean": 11.39076887040802,
  "summary_bg_median": 10.088351361453533,
  "summary_bg_n": 4249966.0,
  "summary_bg_p05": 2.067798726260662,
  "summary_bg_p95": 25.001566417515278,
  "summary_bg_stdv": 9.021214124283889,
  "summary_csf_k": 8.19060491945519,
  "summary_csf_mad": 145.57539115324667,
  "summary_csf_mean": 434.2910418018926,
  "summary_csf_median": 420.38974710553885,
  "summary_csf_n": 47515.0,
  "summary_csf_p05": 237.35822954773903,
  "summary_csf_p95": 663.6380699947476,
  "summary_csf_stdv": 139.6183025862456,
  "summary_gm_k": 0.578808198820405,
  "summary_gm_mad": 68.37491250082294,
  "summary_gm_mean": 801.6778430524165,
  "summary_gm_median": 799.360859118402,
  "summary_gm_n": 72678.0,
  "summary_gm_p05": 680.9950471818447,
  "summary_gm_p95": 934.7703454047441,
  "summary_gm_stdv": 75.69083989255269,
  "summary_wm_k": 0.38516098156360723,
  "summary_wm_mad": 64.47308325485207,
  "summary_wm_mean": 1001.1511967988263,
  "summary_wm_median": 1000.0626567006111,
  "summary_wm_n": 512589.0,
  "summary_wm_p05": 893.7276737168431,
  "summary_wm_p95": 1110.345255434513,
  "summary_wm_stdv": 66.36033106851082,
  "tpm_overlap_csf": 0.16043128073215485,
  "tpm_overlap_gm": 0.4370940625667572,
  "tpm_overlap_wm": 0.4877046048641205,
  "wm2max": 0.6032201980497393
}