{
  "bids_meta": {
    "BandwidthPerPixelPhaseEncode": null,
    "Columns": 256,
    "EchoTime": 0.00194,
    "EchoTrainLength": 1,
    "FlipAngle": 8.0,
    "ImageType": "ORIGINAL/PRIMARY/M/ND/NORM",
    "ImagingFrequency": 123.192781,
    "InplanePhaseEncodingDirection": "ROW",
    "InversionTime": 1.0,
    "MRAcquisitionType": "3D",
    "MagneticFieldStrength": 3.0,
    "Manufacturer": "SIEMENS",
    "ManufacturersModelName": "Skyra",
    "NumberOfAverages": 1.0,
    "NumberOfEchoes": null,
    "NumberOfPhaseEncodingSteps": 282,
    "PATModeText": "p2",
    "PercentPhaseFieldOfView": 100.0,
    "PhaseEncodingDirection": "i-",
    "PixelBandwidth": 270.0,
    "PixelSpacing": [
      0.80078125,
      0.80078125
    ],
    "RealDwellTime": 7200,
    "RepetitionTime": 2.4,
    "Rows": 256,
    "ScanOptions": [
      "IR",
      "WE"
    ],
    "ScanningSequence": [
      "GR",
      "IR"
    ],
    "SequenceName": "*tfl3d1_16ns",
    "SequenceVariant": [
      "SK",
      "SP",
      "MP",
      "OSP"
    ],
    "SeriesDate": "18740203",
    "SeriesDescription": "T1w_MPR1_PMC",
    "SeriesNumber": 5,
    "SeriesTime": "135153.306000",
    "SliceThickness": 0.80000001192093,
    "SliceTiming": null,
    "SpacingBetweenSlices": null,
    "StudyID": "1",
    "StudyTime": "134020.981000",
    "dataset": "ds000053",
    "modality": "T1w",
    "subject_id": "005"
  },
  "cjv": 0.5245521867876963,
  "cnr": 2.474111092134965,
  "efc": 0.6285584833437642,
  "fber": 2320.286745577523,
  "fwhm_avg": 3.7609875909682167,
  "fwhm_x": 3.7824999436363584,
  "fwhm_y": 3.6870743414634144,
  "fwhm_z": 3.813388487804878,
  "icvs_csf": 0.18278749502421945,
  "icvs_gm": 0.4251879320898024,
  "icvs_wm": 0.39202457288597814,
  "inu_med": 1.3763580322265625,
  "inu_range": 0.44612196683883676,
  "provenance": {
    "md5sum": "af882eef0d6751faddfacb01fdfc1da6",
    "settings": {
      "testing": false
    },
    "software": "mriqc",
    "version": "22.0.0rc1",
    "warnings": {
      "large_rot_frame": true,
      "small_air_mask": false
    },
    "webapi_port": null,
    "webapi_url": "https://mriqc.nimh.nih.gov/api/v1"
  },
  "qi_1": 0.0,
  "qi_2": 0.0016687930553533799,
  "rpve_csf": 24.225627491112785,
  "rpve_gm": 11.604944802498746,
  "rpve_wm": 14.889169817427245,
  "size_x": 256,
  "size_y": 256,
  "size_z": 256,
  "snr_csf": 2.4777472046156044,
  "snr_gm": 10.304907424696674,
  "snr_total": 11.114501335408903,
  "snr_wm": 20.56084937691443,
  "snrd_csf": 37.87303588650817,
  "snrd_gm": 80.14035044660893,
  "snrd_total": 73.71259272201495,
  "snrd_wm": 103.1243918329277,
  "spacing_x": 0.800000011920929,
  "spacing_y": 0.80078125,
  "spacing_z": 0.80078125,
  "summary_bg_k": 7.1685472524982625,
  "summary_bg_mad": 6.353253168170933,
  "summary_bg_mean": 12.179433749465487,
  "summary_bg_median": 11.129627425223589,
  "summary_bg_n": 2962483.0,
  "summary_bg_p05": 3.035352934151888,
  "summary_bg_p95": 26.30639209598303,
  "summary_bg_stdv": 7.911684407440051,
  "summary_csf_k": 37.39078219980915,
  "summary_csf_mad": 123.09428013331183,
  "summary_csf_mean": 396.38636524455745,
  "summary_csf_median": 367.27770503237844,
  "summary_csf_n": 31287.0,
  "summary_csf_p05": 230.8058564439416,
  "summary_csf_p95": 608.618021659553,
  "summary_csf_stdv": 148.2281302981656,
  "summary_gm_k": 0.34761905330684906,
  "summary_gm_mad": 71.12113963258017,
  "summary_gm_mean": 780.443045051443,
  "summary_gm_median": 777.1693845912814,
  "summary_gm_n": 54167.0,
  "summary_gm_p05": 662.7782406806946,
  "summary_gm_p95": 913.7007499039173,
  "summary_gm_stdv": 75.41670960270187,
  "summary_wm_k": 0.7551355759198168,
  "summary_wm_mad": 45.79636658723214,
  "summary_wm_mean": 1000.0606538403,
  "summary_wm_median": 1000.0595167167485,
  "summary_wm_n": 431855.0,
  "summary_wm_p05": 920.6046899110079,
  "summary_wm_p95": 1078.8596595562994,
  "summary_wm_stdv": 48.638961383278684,
  "tpm_overlap_csf": 0.17470043897628784,
  "tpm_overlap_gm": 0.4304874539375305,
  "tpm_overlap_wm": 0.5016801953315735,
  "wm2max": 0.5510193390473334
}