{
  "bids_meta": {
    "BandwidthPerPixelPhaseEncode": null,
    "Columns": 256,
    "EchoTime": 0.00194,
    "EchoTrainLength": 1,
    "FlipAngle": 8.0,
    "ImageType": "ORIGINAL/PRIMARY/M/ND/NORM",
    "ImagingFrequency": 123.190807,
    "InplanePhaseEncodingDirection": "ROW",
    "InversionTime": 1.0,
    "MRAcquisitionType": "3D",
    "MagneticFieldStrength": 3.0,
    "Manufacturer": "SIEMENS",
    "ManufacturersModelName": "Skyra",
    "NumberOfAverages": 1.0,
    "NumberOfEchoes": null,
    "NumberOfPhaseEncodingSteps": 282,
    "PATModeText": "p2",
    "PercentPhaseFieldOfView": 100.0,
    "PhaseEncodingDirection": "i-",
    "PixelBandwidth": 270.0,
    "PixelSpacing": [
      0.80078125,
      0.80078125
    ],
    "RealDwellTime": 7200,
    "RepetitionTime": 2.4,
    "Rows": 256,
    "ScanOptions": [
      "IR",
      "WE"
    ],
    "ScanningSequence": [
      "GR",
      "IR"
    ],
    "SequenceName": "*tfl3d1_16ns",
    "SequenceVariant": [
      "SK",
      "SP",
      "MP",
      "OSP"
    ],
    "SeriesDate": "18740411",
    "SeriesDescription": "T1w_MPR1_PMC",
    "SeriesNumber": 5,
    "SeriesTime": "093617.409000",
    "SliceThickness": 0.80000001192093,
    "SliceTiming": null,
    "SpacingBetweenSlices": null,
    "StudyID": "1",
    "StudyTime": "091614.821000",
    "dataset": "ds000053",
    "modality": "T1w",
    "subject_id": "030"
  },
  "cjv": 0.6481274139533924,
  "cnr": 2.0804765107546244,
  "efc": 0.6174288981448898,
  "fber": 4829.422654478458,
  "fwhm_avg": 3.7777870178102138,
  "fwhm_x": 3.779937443674543,
  "fwhm_y": 3.7496507317073173,
  "fwhm_z": 3.8037728780487807,
  "icvs_csf": 0.18717132487463967,
  "icvs_gm": 0.4190609959372677,
  "icvs_wm": 0.39376767918809263,
  "inu_med": 1.3875443935394287,
  "inu_range": 0.529127299785614,
  "provenance": {
    "md5sum": "c750252fb818133f832fe6de2ffcfb2d",
    "settings": {
      "testing": false
    },
    "software": "mriqc",
    "version": "22.0.0rc1",
    "warnings": {
      "large_rot_frame": true,
      "small_air_mask": false
    },
    "webapi_port": null,
    "webapi_url": "https://mriqc.nimh.nih.gov/api/v1"
  },
  "qi_1": 0.0,
  "qi_2": 0.001261898286474412,
  "rpve_csf": 21.785126696328525,
  "rpve_gm": 10.77484910639632,
  "rpve_wm": 13.730472284239845,
  "size_x": 256,
  "size_y": 256,
  "size_z": 256,
  "snr_csf": 2.5536465560413015,
  "snr_gm": 9.107807399393975,
  "snr_total": 9.408937474383977,
  "snr_wm": 16.56535846771666,
  "snrd_csf": 42.43523403775957,
  "snrd_gm": 89.12992823499381,
  "snrd_total": 81.8835337119873,
  "snrd_wm": 114.08543886320851,
  "spacing_x": 0.800000011920929,
  "spacing_y": 0.80078125,
  "spacing_z": 0.80078125,
  "summary_bg_k": 11.121834167383895,
  "summary_bg_mad": 5.7428713316192574,
  "summary_bg_mean": 10.131517857313225,
  "summary_bg_median": 8.763017758727074,
  "summary_bg_n": 4546962.0,
  "summary_bg_p05": 1.905003860592842,
  "summary_bg_p95": 22.66954594105482,
  "summary_bg_stdv": 7.258907961639341,
  "summary_csf_k": 9.484834591316957,
  "summary_csf_mad": 146.20785537712635,
  "summary_csf_mean": 399.83856335308656,
  "summary_csf_median": 371.98375384509563,
  "summary_csf_n": 28525.0,
  "summary_csf_p05": 213.93193354457617,
  "summary_csf_p95": 644.8819068878888,
  "summary_csf_stdv": 145.66512056915005,
  "summary_gm_k": 0.032236800100373664,
  "summary_gm_mad": 83.03627072931451,
  "summary_gm_mean": 788.4173411927873,
  "summary_gm_median": 781.305583357811,
  "summary_gm_n": 54695.0,
  "summary_gm_p05": 658.6233347356319,
  "summary_gm_p95": 943.6754124090075,
  "summary_gm_stdv": 85.78337317402485,
  "summary_wm_k": 0.24538857011251247,
  "summary_wm_mad": 58.74674935951503,
  "summary_wm_mean": 1000.0716328207604,
  "summary_wm_median": 1000.0635266825557,
  "summary_wm_n": 486215.0,
  "summary_wm_p05": 900.6223251596093,
  "summary_wm_p95": 1098.742726661265,
  "summary_wm_stdv": 60.37071278680822,
  "tpm_overlap_csf": 0.1676320731639862,
  "tpm_overlap_gm": 0.4267374575138092,
  "tpm_overlap_wm": 0.4938932955265045,
  "wm2max": 0.5848993537844462
}