{
  "bids_meta": {
    "BandwidthPerPixelPhaseEncode": null,
    "Columns": 256,
    "EchoTime": 0.00194,
    "EchoTrainLength": 1,
    "FlipAngle": 8.0,
    "ImageType": "ORIGINAL/PRIMARY/M/ND/NORM",
    "ImagingFrequency": 123.190965,
    "InplanePhaseEncodingDirection": "ROW",
    "InversionTime": 1.0,
    "MRAcquisitionType": "3D",
    "MagneticFieldStrength": 3.0,
    "Manufacturer": "SIEMENS",
    "ManufacturersModelName": "Skyra",
    "NumberOfAverages": 1.0,
    "NumberOfEchoes": null,
    "NumberOfPhaseEncodingSteps": 282,
    "PATModeText": "p2",
    "PercentPhaseFieldOfView": 100.0,
    "PhaseEncodingDirection": "i-",
    "PixelBandwidth": 270.0,
    "PixelSpacing": [
      0.80078125,
      0.80078125
    ],
    "RealDwellTime": 7200,
    "RepetitionTime": 2.4,
    "Rows": 256,
    "ScanOptions": [
      "IR",
      "WE"
    ],
    "ScanningSequence": [
      "GR",
      "IR"
    ],
    "SequenceName": "*tfl3d1_16ns",
    "SequenceVariant": [
      "SK",
      "SP",
      "MP",
      "OSP"
    ],
    "SeriesDate": "18740404",
    "SeriesDescription": "T1w_MPR1_PMC",
    "SeriesNumber": 5,
    "SeriesTime": "094925.967000",
    "SliceThickness": 0.80000001192093,
    "SliceTiming": null,
    "SpacingBetweenSlices": null,
    "StudyID": "1",
    "StudyTime": "093155.580000",
    "dataset": "ds000053",
    "modality": "T1w",
    "subject_id": "027"
  },
  "cjv": 0.4946603542328618,
  "cnr": 2.592809201412915,
  "efc": 0.6075473368612386,
  "fber": 4502.8476193289225,
  "fwhm_avg": 3.7668561111141092,
  "fwhm_x": 3.8185999430984263,
  "fwhm_y": 3.6341884878048782,
  "fwhm_z": 3.8477799024390245,
  "icvs_csf": 0.18284798451588283,
  "icvs_gm": 0.4330785296773563,
  "icvs_wm": 0.3840734858067609,
  "inu_med": 1.3696928024291992,
  "inu_range": 0.49815155863761906,
  "provenance": {
    "md5sum": "8b505a4e74872571176566e09d2badc8",
    "settings": {
      "testing": false
    },
    "software": "mriqc",
    "version": "22.0.0rc1",
    "warnings": {
      "large_rot_frame": true,
      "small_air_mask": false
    },
    "webapi_port": null,
    "webapi_url": "https://mriqc.nimh.nih.gov/api/v1"
  },
  "qi_1": 0.0,
  "qi_2": 0.0014352759655141354,
  "rpve_csf": 20.684122695783003,
  "rpve_gm": 9.759428383608373,
  "rpve_wm": 12.852060901782162,
  "size_x": 256,
  "size_y": 256,
  "size_z": 256,
  "snr_csf": 2.4934592495891987,
  "snr_gm": 9.932016465127589,
  "snr_total": 10.611689277792088,
  "snr_wm": 19.40959211865948,
  "snrd_csf": 49.85361001303715,
  "snrd_gm": 89.88027480588309,
  "snrd_total": 85.99346515279626,
  "snrd_wm": 118.24651063946858,
  "spacing_x": 0.800000011920929,
  "spacing_y": 0.80078125,
  "spacing_z": 0.80078125,
  "summary_bg_k": 11.538732106801417,
  "summary_bg_mad": 5.540737957348823,
  "summary_bg_mean": 9.681966690702211,
  "summary_bg_median": 8.589915342628956,
  "summary_bg_n": 4611311.0,
  "summary_bg_p05": 1.9522534869611263,
  "summary_bg_p95": 21.809460382908583,
  "summary_bg_stdv": 6.993114076154486,
  "summary_csf_k": 52.737101742242274,
  "summary_csf_mad": 144.22458205397535,
  "summary_csf_mean": 418.53925622574263,
  "summary_csf_median": 421.63097451254725,
  "summary_csf_n": 52096.0,
  "summary_csf_p05": 225.8338944381103,
  "summary_csf_p95": 599.9274965431541,
  "summary_csf_stdv": 169.09316961541967,
  "summary_gm_k": 0.46991119774944634,
  "summary_gm_mad": 70.37564181647535,
  "summary_gm_mean": 765.0016065271386,
  "summary_gm_median": 760.1517291516066,
  "summary_gm_n": 64300.0,
  "summary_gm_p05": 647.866475382261,
  "summary_gm_p95": 903.3913564234972,
  "summary_gm_stdv": 76.53489307230859,
  "summary_wm_k": 0.5891781741582967,
  "summary_wm_mad": 48.29538756853303,
  "summary_wm_mean": 998.4677122841144,
  "summary_wm_median": 1000.055793363601,
  "summary_wm_n": 480095.0,
  "summary_wm_p05": 910.8656983450055,
  "summary_wm_p95": 1079.763514302671,
  "summary_wm_stdv": 51.52373866130869,
  "tpm_overlap_csf": 0.1686805784702301,
  "tpm_overlap_gm": 0.44144150614738464,
  "tpm_overlap_wm": 0.4964103102684021,
  "wm2max": 0.6029884739706608
}