{
  "bids_meta": {
    "BandwidthPerPixelPhaseEncode": null,
    "Columns": 256,
    "EchoTime": 0.00194,
    "EchoTrainLength": 1,
    "FlipAngle": 8.0,
    "ImageType": "ORIGINAL/PRIMARY/M/ND/NORM",
    "ImagingFrequency": 123.190993,
    "InplanePhaseEncodingDirection": "ROW",
    "InversionTime": 1.0,
    "MRAcquisitionType": "3D",
    "MagneticFieldStrength": 3.0,
    "Manufacturer": "SIEMENS",
    "ManufacturersModelName": "Skyra",
    "NumberOfAverages": 1.0,
    "NumberOfEchoes": null,
    "NumberOfPhaseEncodingSteps": 282,
    "PATModeText": "p2",
    "PercentPhaseFieldOfView": 100.0,
    "PhaseEncodingDirection": "i-",
    "PixelBandwidth": 270.0,
    "PixelSpacing": [
      0.80078125,
      0.80078125
    ],
    "RealDwellTime": 7200,
    "RepetitionTime": 2.4,
    "Rows": 256,
    "ScanOptions": [
      "IR",
      "WE"
    ],
    "ScanningSequence": [
      "GR",
      "IR"
    ],
    "SequenceName": "*tfl3d1_16ns",
    "SequenceVariant": [
      "SK",
      "SP",
      "MP",
      "OSP"
    ],
    "SeriesDate": "18740320",
    "SeriesDescription": "T1w_MPR1_PMC",
    "SeriesNumber": 5,
    "SeriesTime": "095011.583000",
    "SliceThickness": 0.80000001192093,
    "SliceTiming": null,
    "SpacingBetweenSlices": null,
    "StudyID": "1",
    "StudyTime": "092649.031000",
    "dataset": "ds000053",
    "modality": "T1w",
    "subject_id": "017"
  },
  "cjv": 0.5284300121569512,
  "cnr": 2.362372328618531,
  "efc": 0.6466845420788692,
  "fber": 3778.523645546373,
  "fwhm_avg": 3.805261883383668,
  "fwhm_x": 3.836349942833931,
  "fwhm_y": 3.747103219512195,
  "fwhm_z": 3.832332487804878,
  "icvs_csf": 0.1728937671529864,
  "icvs_gm": 0.45048939743005306,
  "icvs_wm": 0.3766168354169605,
  "inu_med": 1.3909399509429932,
  "inu_range": 0.5520795583724976,
  "provenance": {
    "md5sum": "5e5f63ed4012dec7887b641b8e0b4176",
    "settings": {
      "testing": false
    },
    "software": "mriqc",
    "version": "22.0.0rc1",
    "warnings": {
      "large_rot_frame": true,
      "small_air_mask": false
    },
    "webapi_port": null,
    "webapi_url": "https://mriqc.nimh.nih.gov/api/v1"
  },
  "qi_1": 3.834689638875876e-05,
  "qi_2": 0.0009734508271526831,
  "rpve_csf": 21.943640220328223,
  "rpve_gm": 9.700126799266283,
  "rpve_wm": 13.26288004466422,
  "size_x": 256,
  "size_y": 256,
  "size_z": 256,
  "snr_csf": 2.969427832811799,
  "snr_gm": 9.58323410808531,
  "snr_total": 9.754874636404418,
  "snr_wm": 16.711961968316146,
  "snrd_csf": 45.10150155935363,
  "snrd_gm": 94.21677162782674,
  "snrd_total": 87.556616297404,
  "snrd_wm": 123.35157570503168,
  "spacing_x": 0.800000011920929,
  "spacing_y": 0.80078125,
  "spacing_z": 0.80078125,
  "summary_bg_k": 307.4312468094586,
  "summary_bg_mad": 5.311448068904208,
  "summary_bg_mean": 10.517923156393511,
  "summary_bg_median": 8.95629320293665,
  "summary_bg_n": 3569079.0,
  "summary_bg_p05": 1.7912586405873299,
  "summary_bg_p95": 23.823739919811487,
  "summary_bg_stdv": 7.9614348973591085,
  "summary_csf_k": 18.96158834910958,
  "summary_csf_mad": 107.46829926082847,
  "summary_csf_mean": 385.94017141850003,
  "summary_csf_median": 365.65559716522694,
  "summary_csf_n": 29064.0,
  "summary_csf_p05": 231.55898989979178,
  "summary_csf_p95": 599.8238538181408,
  "summary_csf_stdv": 123.137967034062,
  "summary_gm_k": 0.7603333945006998,
  "summary_gm_mad": 69.93406624057206,
  "summary_gm_mean": 771.0788008063421,
  "summary_gm_median": 763.8523929677904,
  "summary_gm_n": 78265.0,
  "summary_gm_p05": 652.9137744940817,
  "summary_gm_p95": 920.9338340230288,
  "summary_gm_stdv": 79.70665272564239,
  "summary_wm_k": 0.8945855488546228,
  "summary_wm_mad": 54.884963378676815,
  "summary_wm_mean": 1000.1216609398701,
  "summary_wm_median": 1000.0596990399063,
  "summary_wm_n": 457630.0,
  "summary_wm_p05": 902.1375600211322,
  "summary_wm_p95": 1096.907082874328,
  "summary_wm_stdv": 59.840885725108734,
  "tpm_overlap_csf": 0.17465434968471527,
  "tpm_overlap_gm": 0.44900575280189514,
  "tpm_overlap_wm": 0.5080057382583618,
  "wm2max": 0.5967293715262932
}