{
  "bids_meta": {
    "BandwidthPerPixelPhaseEncode": null,
    "Columns": 256,
    "EchoTime": 0.00194,
    "EchoTrainLength": 1,
    "FlipAngle": 8.0,
    "ImageType": "ORIGINAL/PRIMARY/M/ND/NORM",
    "ImagingFrequency": 123.19112,
    "InplanePhaseEncodingDirection": "ROW",
    "InversionTime": 1.0,
    "MRAcquisitionType": "3D",
    "MagneticFieldStrength": 3.0,
    "Manufacturer": "SIEMENS",
    "ManufacturersModelName": "Skyra",
    "NumberOfAverages": 1.0,
    "NumberOfEchoes": null,
    "NumberOfPhaseEncodingSteps": 282,
    "PATModeText": "p2",
    "PercentPhaseFieldOfView": 100.0,
    "PhaseEncodingDirection": "i-",
    "PixelBandwidth": 270.0,
    "PixelSpacing": [
      0.80078125,
      0.80078125
    ],
    "RealDwellTime": 7200,
    "RepetitionTime": 2.4,
    "Rows": 256,
    "ScanOptions": [
      "IR",
      "WE"
    ],
    "ScanningSequence": [
      "GR",
      "IR"
    ],
    "SequenceName": "*tfl3d1_16ns",
    "SequenceVariant": [
      "SK",
      "SP",
      "MP",
      "OSP"
    ],
    "SeriesDate": "18740319",
    "SeriesDescription": "T1w_MPR1_PMC",
    "SeriesNumber": 5,
    "SeriesTime": "125937.761000",
    "SliceThickness": 0.80000001192093,
    "SliceTiming": null,
    "SpacingBetweenSlices": null,
    "StudyID": "1",
    "StudyTime": "124914.477000",
    "dataset": "ds000053",
    "modality": "T1w",
    "subject_id": "047"
  },
  "cjv": 0.5645091091712593,
  "cnr": 2.3357766368505284,
  "efc": 0.6445924821229756,
  "fber": 2909.1884484871334,
  "fwhm_avg": 3.895639911653992,
  "fwhm_x": 3.873587442279049,
  "fwhm_y": 3.8427348292682924,
  "fwhm_z": 3.9705974634146344,
  "icvs_csf": 0.17190196544428982,
  "icvs_gm": 0.4383692494564605,
  "icvs_wm": 0.3897287850992497,
  "inu_med": 1.3701715469360352,
  "inu_range": 0.5296688079833984,
  "provenance": {
    "md5sum": "85a7e8db8d3042605f08468b27dd4784",
    "settings": {
      "testing": false
    },
    "software": "mriqc",
    "version": "22.0.0rc1",
    "warnings": {
      "large_rot_frame": true,
      "small_air_mask": false
    },
    "webapi_port": null,
    "webapi_url": "https://mriqc.nimh.nih.gov/api/v1"
  },
  "qi_1": 0.0,
  "qi_2": 0.0014502567799126909,
  "rpve_csf": 22.452700914438186,
  "rpve_gm": 10.009142741923728,
  "rpve_wm": 12.98511740212845,
  "size_x": 256,
  "size_y": 256,
  "size_z": 256,
  "snr_csf": 2.7188242358604517,
  "snr_gm": 10.323992205595278,
  "snr_total": 10.891799124466893,
  "snr_wm": 19.632580931944947,
  "snrd_csf": 50.45058456904142,
  "snrd_gm": 85.64240467967564,
  "snrd_total": 81.70918771747081,
  "snrd_wm": 109.03457390369539,
  "spacing_x": 0.800000011920929,
  "spacing_y": 0.80078125,
  "spacing_z": 0.80078125,
  "summary_bg_k": 40.36914964668958,
  "summary_bg_mad": 6.008899795954535,
  "summary_bg_mean": 10.46379950749517,
  "summary_bg_median": 9.119117975234985,
  "summary_bg_n": 3156718.0,
  "summary_bg_p05": 2.02647066116333,
  "summary_bg_p95": 23.114430978894234,
  "summary_bg_stdv": 7.318891828810084,
  "summary_csf_k": 15.938430069016487,
  "summary_csf_mad": 186.088115555967,
  "summary_csf_mean": 465.1689045447116,
  "summary_csf_median": 462.73191003501415,
  "summary_csf_n": 39931.0,
  "summary_csf_p05": 235.0389330908656,
  "summary_csf_p95": 688.4934071302414,
  "summary_csf_stdv": 170.1934644217709,
  "summary_gm_k": 0.37279526405199714,
  "summary_gm_mad": 74.07846779700199,
  "summary_gm_mean": 787.5708051647205,
  "summary_gm_median": 785.5106900334358,
  "summary_gm_n": 70125.0,
  "summary_gm_p05": 669.3052630573511,
  "summary_gm_p95": 919.1310992538929,
  "summary_gm_stdv": 76.08540122671883,
  "summary_wm_k": 0.8355773841126823,
  "summary_wm_mad": 47.03841871520659,
  "summary_wm_mean": 1001.5172381949529,
  "summary_wm_median": 1000.0632712841034,
  "summary_wm_n": 475509.0,
  "summary_wm_p05": 920.9042610824108,
  "summary_wm_p95": 1086.5049104243517,
  "summary_wm_stdv": 50.938907277594424,
  "tpm_overlap_csf": 0.16744302213191986,
  "tpm_overlap_gm": 0.45279693603515625,
  "tpm_overlap_wm": 0.49750465154647827,
  "wm2max": 0.5102953343941843
}