{
  "bids_meta": {
    "BandwidthPerPixelPhaseEncode": null,
    "Columns": 256,
    "EchoTime": 0.00194,
    "EchoTrainLength": 1,
    "FlipAngle": 8.0,
    "ImageType": "ORIGINAL/PRIMARY/M/ND/NORM",
    "ImagingFrequency": 123.190938,
    "InplanePhaseEncodingDirection": "ROW",
    "InversionTime": 1.0,
    "MRAcquisitionType": "3D",
    "MagneticFieldStrength": 3.0,
    "Manufacturer": "SIEMENS",
    "ManufacturersModelName": "Skyra",
    "NumberOfAverages": 1.0,
    "NumberOfEchoes": null,
    "NumberOfPhaseEncodingSteps": 282,
    "PATModeText": "p2",
    "PercentPhaseFieldOfView": 100.0,
    "PhaseEncodingDirection": "i-",
    "PixelBandwidth": 270.0,
    "PixelSpacing": [
      0.80078125,
      0.80078125
    ],
    "RealDwellTime": 7200,
    "RepetitionTime": 2.4,
    "Rows": 256,
    "ScanOptions": [
      "IR",
      "WE"
    ],
    "ScanningSequence": [
      "GR",
      "IR"
    ],
    "SequenceName": "*tfl3d1_16ns",
    "SequenceVariant": [
      "SK",
      "SP",
      "MP",
      "OSP"
    ],
    "SeriesDate": "18740317",
    "SeriesDescription": "T1w_MPR1_PMC",
    "SeriesNumber": 5,
    "SeriesTime": "134554.880000",
    "SliceThickness": 0.80000001192093,
    "SliceTiming": null,
    "SpacingBetweenSlices": null,
    "StudyID": "1",
    "StudyTime": "131959.386000",
    "dataset": "ds000053",
    "modality": "T1w",
    "subject_id": "013"
  },
  "cjv": 0.5660622543991977,
  "cnr": 2.365374874192211,
  "efc": 0.638050704867046,
  "fber": 2943.906449382716,
  "fwhm_avg": 3.9713706510382707,
  "fwhm_x": 3.9648124409196908,
  "fwhm_y": 3.924829658536585,
  "fwhm_z": 4.024469853658537,
  "icvs_csf": 0.1716270446238059,
  "icvs_gm": 0.4510948694426545,
  "icvs_wm": 0.3772780859335396,
  "inu_med": 1.3280158042907715,
  "inu_range": 0.5321820616722106,
  "provenance": {
    "md5sum": "c7b78d81fa0f42b1a5c959d3a41deb76",
    "settings": {
      "testing": false
    },
    "software": "mriqc",
    "version": "22.0.0rc1",
    "warnings": {
      "large_rot_frame": true,
      "small_air_mask": false
    },
    "webapi_port": null,
    "webapi_url": "https://mriqc.nimh.nih.gov/api/v1"
  },
  "qi_1": 0.0,
  "qi_2": 0.001327606303842649,
  "rpve_csf": 22.357357648004538,
  "rpve_gm": 9.753299172735913,
  "rpve_wm": 13.160760584989863,
  "size_x": 256,
  "size_y": 256,
  "size_z": 256,
  "snr_csf": 3.288512770647671,
  "snr_gm": 10.986104332385917,
  "snr_total": 10.660523375182851,
  "snr_wm": 17.706953022514966,
  "snrd_csf": 45.523394396092,
  "snrd_gm": 83.30752767735231,
  "snrd_total": 78.36790955145035,
  "snrd_wm": 106.27280658090673,
  "spacing_x": 0.800000011920929,
  "spacing_y": 0.80078125,
  "spacing_z": 0.80078125,
  "summary_bg_k": 836.8508057916856,
  "summary_bg_mad": 6.165032304908435,
  "summary_bg_mean": 10.666929646153838,
  "summary_bg_median": 9.029345244169235,
  "summary_bg_n": 3081068.0,
  "summary_bg_p05": 1.9009147882461548,
  "summary_bg_p95": 23.999049201607704,
  "summary_bg_stdv": 8.102589745566885,
  "summary_csf_k": -0.11945767085268022,
  "summary_csf_mad": 157.34043161027026,
  "summary_csf_mean": 435.16676628559287,
  "summary_csf_median": 428.3889686074108,
  "summary_csf_n": 38554.0,
  "summary_csf_p05": 241.35677452012897,
  "summary_csf_p95": 640.5696713073178,
  "summary_csf_stdv": 130.26661069840625,
  "summary_gm_k": 0.346169649724978,
  "summary_gm_mad": 69.48872126532507,
  "summary_gm_mean": 785.7920988321985,
  "summary_gm_median": 783.9491393901408,
  "summary_gm_n": 90116.0,
  "summary_gm_p05": 673.3396601490676,
  "summary_gm_p95": 906.7957575805485,
  "summary_gm_stdv": 71.35785042568045,
  "summary_wm_k": 0.5720112874438912,
  "summary_wm_mad": 52.84313404207229,
  "summary_wm_mean": 1001.1087983327064,
  "summary_wm_median": 1000.0593893788755,
  "summary_wm_n": 466113.0,
  "summary_wm_p05": 910.2411656342447,
  "summary_wm_p95": 1095.1051287911832,
  "summary_wm_stdv": 56.47828371949321,
  "tpm_overlap_csf": 0.17568540573120117,
  "tpm_overlap_gm": 0.4564192593097687,
  "tpm_overlap_wm": 0.5082086324691772,
  "wm2max": 0.5766003356509231
}