{
  "bids_meta": {
    "BandwidthPerPixelPhaseEncode": null,
    "Columns": 256,
    "EchoTime": 0.00194,
    "EchoTrainLength": 1,
    "FlipAngle": 8.0,
    "ImageType": "ORIGINAL/PRIMARY/M/ND/NORM",
    "ImagingFrequency": 123.190777,
    "InplanePhaseEncodingDirection": "ROW",
    "InversionTime": 1.0,
    "MRAcquisitionType": "3D",
    "MagneticFieldStrength": 3.0,
    "Manufacturer": "SIEMENS",
    "ManufacturersModelName": "Skyra",
    "NumberOfAverages": 1.0,
    "NumberOfEchoes": null,
    "NumberOfPhaseEncodingSteps": 282,
    "PATModeText": "p2",
    "PercentPhaseFieldOfView": 100.0,
    "PhaseEncodingDirection": "i-",
    "PixelBandwidth": 270.0,
    "PixelSpacing": [
      0.80078125,
      0.80078125
    ],
    "RealDwellTime": 7200,
    "RepetitionTime": 2.4,
    "Rows": 256,
    "ScanOptions": [
      "IR",
      "WE"
    ],
    "ScanningSequence": [
      "GR",
      "IR"
    ],
    "SequenceName": "*tfl3d1_16ns",
    "SequenceVariant": [
      "SK",
      "SP",
      "MP",
      "OSP"
    ],
    "SeriesDate": "18740501",
    "SeriesDescription": "T1w_MPR1_PMC",
    "SeriesNumber": 5,
    "SeriesTime": "113641.568000",
    "SliceThickness": 0.80000001192093,
    "SliceTiming": null,
    "SpacingBetweenSlices": null,
    "StudyID": "1",
    "StudyTime": "111303.196000",
    "dataset": "ds000053",
    "modality": "T1w",
    "subject_id": "041"
  },
  "cjv": 0.47768561914515595,
  "cnr": 2.7637592269874696,
  "efc": 0.6149745648148652,
  "fber": 3496.1879591836732,
  "fwhm_avg": 3.8663785377712077,
  "fwhm_x": 3.853262442581915,
  "fwhm_y": 3.833993365853659,
  "fwhm_z": 3.9118798048780485,
  "icvs_csf": 0.19836347012977576,
  "icvs_gm": 0.42292272115375906,
  "icvs_wm": 0.3787138087164652,
  "inu_med": 1.2124147415161133,
  "inu_range": 0.4495199739933011,
  "provenance": {
    "md5sum": "48173e286451dce9693743e3b67201e5",
    "settings": {
      "testing": false
    },
    "software": "mriqc",
    "version": "22.0.0rc1",
    "warnings": {
      "large_rot_frame": true,
      "small_air_mask": false
    },
    "webapi_port": null,
    "webapi_url": "https://mriqc.nimh.nih.gov/api/v1"
  },
  "qi_1": 0.0,
  "qi_2": 0.0016565169238718133,
  "rpve_csf": 20.14031646175451,
  "rpve_gm": 10.060530394929874,
  "rpve_wm": 13.168833955726173,
  "size_x": 256,
  "size_y": 256,
  "size_z": 256,
  "snr_csf": 3.0618365896269957,
  "snr_gm": 10.958014461361298,
  "snr_total": 11.20318073993881,
  "snr_wm": 19.58969116882814,
  "snrd_csf": 38.98965632172193,
  "snrd_gm": 89.8256698891937,
  "snrd_total": 82.27900529892264,
  "snrd_wm": 118.02168968585228,
  "spacing_x": 0.800000011920929,
  "spacing_y": 0.80078125,
  "spacing_z": 0.80078125,
  "summary_bg_k": 8.762942694833685,
  "summary_bg_mad": 5.550982738673396,
  "summary_bg_mean": 9.50892234164069,
  "summary_bg_median": 8.58936220407486,
  "summary_bg_n": 4217156.0,
  "summary_bg_p05": 1.927100494503975,
  "summary_bg_p95": 21.198105439543724,
  "summary_bg_stdv": 6.516344306725148,
  "summary_csf_k": 0.5527220865573348,
  "summary_csf_mad": 93.22385717007379,
  "summary_csf_mean": 353.3145964113398,
  "summary_csf_median": 330.36008477211,
  "summary_csf_n": 51383.0,
  "summary_csf_p05": 215.0699211880565,
  "summary_csf_p95": 571.3577666133642,
  "summary_csf_stdv": 107.89500366967356,
  "summary_gm_k": 0.32351699604056217,
  "summary_gm_mad": 66.53016076498261,
  "summary_gm_mean": 761.7499119221519,
  "summary_gm_median": 761.0945753008127,
  "summary_gm_n": 50135.0,
  "summary_gm_p05": 649.2126265913248,
  "summary_gm_p95": 878.0971053242683,
  "summary_gm_stdv": 69.4548257346322,
  "summary_wm_k": 0.6648257897568239,
  "summary_wm_mad": 47.59151377421455,
  "summary_wm_mean": 999.3909582691475,
  "summary_wm_median": 999.9999766051769,
  "summary_wm_n": 464673.0,
  "summary_wm_p05": 914.0512945502996,
  "summary_wm_p95": 1081.268557459116,
  "summary_wm_stdv": 51.04720089566054,
  "tpm_overlap_csf": 0.1742616444826126,
  "tpm_overlap_gm": 0.4210874140262604,
  "tpm_overlap_wm": 0.48928841948509216,
  "wm2max": 0.6033686588485432
}