{
  "bids_meta": {
    "BandwidthPerPixelPhaseEncode": null,
    "Columns": 256,
    "EchoTime": 0.00194,
    "EchoTrainLength": 1,
    "FlipAngle": 8.0,
    "ImageType": "ORIGINAL/PRIMARY/M/ND/NORM",
    "ImagingFrequency": 123.190709,
    "InplanePhaseEncodingDirection": "ROW",
    "InversionTime": 1.0,
    "MRAcquisitionType": "3D",
    "MagneticFieldStrength": 3.0,
    "Manufacturer": "SIEMENS",
    "ManufacturersModelName": "Skyra",
    "NumberOfAverages": 1.0,
    "NumberOfEchoes": null,
    "NumberOfPhaseEncodingSteps": 282,
    "PATModeText": "p2",
    "PercentPhaseFieldOfView": 100.0,
    "PhaseEncodingDirection": "i-",
    "PixelBandwidth": 270.0,
    "PixelSpacing": [
      0.80078125,
      0.80078125
    ],
    "RealDwellTime": 7200,
    "RepetitionTime": 2.4,
    "Rows": 256,
    "ScanOptions": [
      "IR",
      "WE"
    ],
    "ScanningSequence": [
      "GR",
      "IR"
    ],
    "SequenceName": "*tfl3d1_16ns",
    "SequenceVariant": [
      "SK",
      "SP",
      "MP",
      "OSP"
    ],
    "SeriesDate": "18740421",
    "SeriesDescription": "T1w_MPR1_PMC",
    "SeriesNumber": 5,
    "SeriesTime": "155155.682000",
    "SliceThickness": 0.80000001192093,
    "SliceTiming": null,
    "SpacingBetweenSlices": null,
    "StudyID": "1",
    "StudyTime": "153150.393000",
    "dataset": "ds000053",
    "modality": "T1w",
    "subject_id": "057"
  },
  "cjv": 0.5401476603779559,
  "cnr": 2.35319454988412,
  "efc": 0.6660345986771735,
  "fber": 4305.9844,
  "fwhm_avg": 3.8354870421668057,
  "fwhm_x": 3.7867124435735877,
  "fwhm_y": 3.7722911219512194,
  "fwhm_z": 3.9474575609756095,
  "icvs_csf": 0.18057649482701751,
  "icvs_gm": 0.4419945881942842,
  "icvs_wm": 0.3774289169786983,
  "inu_med": 1.2210623025894165,
  "inu_range": 0.4822854995727539,
  "provenance": {
    "md5sum": "1d40e529fcfe699e515ea9eff6e771d9",
    "settings": {
      "testing": false
    },
    "software": "mriqc",
    "version": "22.0.0rc1",
    "warnings": {
      "large_rot_frame": true,
      "small_air_mask": false
    },
    "webapi_port": null,
    "webapi_url": "https://mriqc.nimh.nih.gov/api/v1"
  },
  "qi_1": 0.0,
  "qi_2": 0.0012878769990536517,
  "rpve_csf": 18.384740631946915,
  "rpve_gm": 8.549200311616882,
  "rpve_wm": 11.523056457021738,
  "size_x": 256,
  "size_y": 256,
  "size_z": 256,
  "snr_csf": 2.6477467077275216,
  "snr_gm": 10.221378675996458,
  "snr_total": 9.79299264889994,
  "snr_wm": 16.50985256297584,
  "snrd_csf": 42.8911374155923,
  "snrd_gm": 98.7109094725745,
  "snrd_total": 89.83999404608609,
  "snrd_wm": 127.91793525009149,
  "spacing_x": 0.800000011920929,
  "spacing_y": 0.80078125,
  "spacing_z": 0.80078125,
  "summary_bg_k": 11.478533060392154,
  "summary_bg_mad": 5.121821791594912,
  "summary_bg_mean": 9.909340758959107,
  "summary_bg_median": 8.580821134150028,
  "summary_bg_n": 3583171.0,
  "summary_bg_p05": 1.7273081503808498,
  "summary_bg_p95": 21.786370541900396,
  "summary_bg_stdv": 6.796027757313574,
  "summary_csf_k": 25.124735642322094,
  "summary_csf_mad": 98.6363745026504,
  "summary_csf_mean": 365.3078616107394,
  "summary_csf_median": 335.32065964490175,
  "summary_csf_n": 39318.0,
  "summary_csf_p05": 218.03086427226663,
  "summary_csf_p95": 604.7250114865601,
  "summary_csf_stdv": 126.64217254093042,
  "summary_gm_k": 0.7103036720722402,
  "summary_gm_mad": 66.33585320404377,
  "summary_gm_mean": 776.370823856893,
  "summary_gm_median": 771.7167058959603,
  "summary_gm_n": 88339.0,
  "summary_gm_p05": 660.9461058005691,
  "summary_gm_p95": 915.5847589373589,
  "summary_gm_stdv": 75.49982858655845,
  "summary_wm_k": 0.6449385175727573,
  "summary_wm_mad": 57.000919938717566,
  "summary_wm_mean": 999.2666941807074,
  "summary_wm_median": 1000.0556994527578,
  "summary_wm_n": 549976.0,
  "summary_wm_p05": 898.3116774335504,
  "summary_wm_p95": 1095.7820027545094,
  "summary_wm_stdv": 60.5732114479204,
  "tpm_overlap_csf": 0.18004049360752106,
  "tpm_overlap_gm": 0.4487423598766327,
  "tpm_overlap_wm": 0.5157071948051453,
  "wm2max": 0.5781957107755381
}