{
  "bids_meta": {
    "BandwidthPerPixelPhaseEncode": null,
    "Columns": 256,
    "EchoTime": 0.00194,
    "EchoTrainLength": 1,
    "FlipAngle": 8.0,
    "ImageType": "ORIGINAL/PRIMARY/M/ND/NORM",
    "ImagingFrequency": 123.191005,
    "InplanePhaseEncodingDirection": "ROW",
    "InversionTime": 1.0,
    "MRAcquisitionType": "3D",
    "MagneticFieldStrength": 3.0,
    "Manufacturer": "SIEMENS",
    "ManufacturersModelName": "Skyra",
    "NumberOfAverages": 1.0,
    "NumberOfEchoes": null,
    "NumberOfPhaseEncodingSteps": 282,
    "PATModeText": "p2",
    "PercentPhaseFieldOfView": 100.0,
    "PhaseEncodingDirection": "i-",
    "PixelBandwidth": 270.0,
    "PixelSpacing": [
      0.80078125,
      0.80078125
    ],
    "RealDwellTime": 7200,
    "RepetitionTime": 2.4,
    "Rows": 256,
    "ScanOptions": [
      "IR",
      "WE"
    ],
    "ScanningSequence": [
      "GR",
      "IR"
    ],
    "SequenceName": "*tfl3d1_16ns",
    "SequenceVariant": [
      "SK",
      "SP",
      "MP",
      "OSP"
    ],
    "SeriesDate": "18740324",
    "SeriesDescription": "T1w_MPR1_PMC",
    "SeriesNumber": 5,
    "SeriesTime": "155214.953000",
    "SliceThickness": 0.80000001192093,
    "SliceTiming": null,
    "SpacingBetweenSlices": null,
    "StudyID": "1",
    "StudyTime": "152532.183000",
    "dataset": "ds000053",
    "modality": "T1w",
    "subject_id": "019"
  },
  "cjv": 0.5877099864102666,
  "cnr": 2.276922826071497,
  "efc": 0.6282172497172347,
  "fber": 2943.5841577292895,
  "fwhm_avg": 3.7724662131381734,
  "fwhm_x": 3.7384624442925682,
  "fwhm_y": 3.7023469268292684,
  "fwhm_z": 3.876589268292683,
  "icvs_csf": 0.167594222453897,
  "icvs_gm": 0.44655824204645783,
  "icvs_wm": 0.3858475354996452,
  "inu_med": 1.3270560503005981,
  "inu_range": 0.49927933216094966,
  "provenance": {
    "md5sum": "9db3e0c5141ad9aaf3e9a843a1df868a",
    "settings": {
      "testing": false
    },
    "software": "mriqc",
    "version": "22.0.0rc1",
    "warnings": {
      "large_rot_frame": true,
      "small_air_mask": false
    },
    "webapi_port": null,
    "webapi_url": "https://mriqc.nimh.nih.gov/api/v1"
  },
  "qi_1": 0.0,
  "qi_2": 0.0013617075659590298,
  "rpve_csf": 21.827871112418205,
  "rpve_gm": 9.445161467880439,
  "rpve_wm": 12.497127160455776,
  "size_x": 256,
  "size_y": 256,
  "size_z": 256,
  "snr_csf": 2.0810627563548874,
  "snr_gm": 10.099426740893147,
  "snr_total": 10.057978699243147,
  "snr_wm": 17.993446600481406,
  "snrd_csf": 39.9810552824658,
  "snrd_gm": 75.79223088883384,
  "snrd_total": 70.89417819467123,
  "snrd_wm": 96.90924841271405,
  "spacing_x": 0.800000011920929,
  "spacing_y": 0.80078125,
  "spacing_z": 0.80078125,
  "summary_bg_k": 11.937113889525511,
  "summary_bg_mad": 6.7607423169343726,
  "summary_bg_mean": 12.176449666978211,
  "summary_bg_median": 10.340398237109184,
  "summary_bg_n": 3854729.0,
  "summary_bg_p05": 2.3121387362480164,
  "summary_bg_p95": 27.23185622692108,
  "summary_bg_stdv": 8.563429829031861,
  "summary_csf_k": 22.721206347893755,
  "summary_csf_mad": 167.68545380452719,
  "summary_csf_mean": 444.0563540796086,
  "summary_csf_median": 412.58831226825714,
  "summary_csf_n": 35759.0,
  "summary_csf_p05": 229.28709134459496,
  "summary_csf_p95": 675.735390883684,
  "summary_csf_stdv": 198.25569505506962,
  "summary_gm_k": 0.04908246975646158,
  "summary_gm_mad": 75.51082615956278,
  "summary_gm_mean": 785.3975394843279,
  "summary_gm_median": 782.1451536118984,
  "summary_gm_n": 77810.0,
  "summary_gm_p05": 664.9325648993254,
  "summary_gm_p95": 922.6718079149723,
  "summary_gm_stdv": 77.4440121868532,
  "summary_wm_k": 0.5913250773704588,
  "summary_wm_mad": 52.562390971095404,
  "summary_wm_mean": 999.6501054608882,
  "summary_wm_median": 1000.064229503274,
  "summary_wm_n": 496605.0,
  "summary_wm_p05": 907.3217757493258,
  "summary_wm_p95": 1089.402701228857,
  "summary_wm_stdv": 55.57930310999578,
  "tpm_overlap_csf": 0.1723642498254776,
  "tpm_overlap_gm": 0.44620174169540405,
  "tpm_overlap_wm": 0.49331122636795044,
  "wm2max": 0.5653474439640237
}