{
  "bids_meta": {
    "BandwidthPerPixelPhaseEncode": null,
    "Columns": 256,
    "EchoTime": 0.00194,
    "EchoTrainLength": 1,
    "FlipAngle": 8.0,
    "ImageType": "ORIGINAL/PRIMARY/M/ND/NORM",
    "ImagingFrequency": 123.192799,
    "InplanePhaseEncodingDirection": "ROW",
    "InversionTime": 1.0,
    "MRAcquisitionType": "3D",
    "MagneticFieldStrength": 3.0,
    "Manufacturer": "SIEMENS",
    "ManufacturersModelName": "Skyra",
    "NumberOfAverages": 1.0,
    "NumberOfEchoes": null,
    "NumberOfPhaseEncodingSteps": 282,
    "PATModeText": "p2",
    "PercentPhaseFieldOfView": 100.0,
    "PhaseEncodingDirection": "i-",
    "PixelBandwidth": 270.0,
    "PixelSpacing": [
      0.80078125,
      0.80078125
    ],
    "RealDwellTime": 7200,
    "RepetitionTime": 2.4,
    "Rows": 256,
    "ScanOptions": [
      "IR",
      "WE"
    ],
    "ScanningSequence": [
      "GR",
      "IR"
    ],
    "SequenceName": "*tfl3d1_16ns",
    "SequenceVariant": [
      "SK",
      "SP",
      "MP",
      "OSP"
    ],
    "SeriesDate": "18740130",
    "SeriesDescription": "T1w_MPR1_PMC",
    "SeriesNumber": 5,
    "SeriesTime": "104133.187000",
    "SliceThickness": 0.80000001192093,
    "SliceTiming": null,
    "SpacingBetweenSlices": null,
    "StudyID": "1",
    "StudyTime": "101503.554000",
    "dataset": "ds000053",
    "modality": "T1w",
    "subject_id": "002"
  },
  "cjv": 0.670890369623551,
  "cnr": 1.9499866042150367,
  "efc": 0.6541746962083883,
  "fber": 3120.2451894465385,
  "fwhm_avg": 3.7927855096068064,
  "fwhm_x": 3.7946999434545643,
  "fwhm_y": 3.731193756097561,
  "fwhm_z": 3.8524628292682923,
  "icvs_csf": 0.18444290345539244,
  "icvs_gm": 0.4497481516297814,
  "icvs_wm": 0.3658089449148262,
  "inu_med": 1.4310922622680664,
  "inu_range": 0.6210115253925323,
  "provenance": {
    "md5sum": "726dbb1216b6b785936f61a0763c0f3b",
    "settings": {
      "testing": false
    },
    "software": "mriqc",
    "version": "22.0.0rc1",
    "warnings": {
      "large_rot_frame": true,
      "small_air_mask": false
    },
    "webapi_port": null,
    "webapi_url": "https://mriqc.nimh.nih.gov/api/v1"
  },
  "qi_1": 0.0,
  "qi_2": 0.0010438761388490993,
  "rpve_csf": 21.35520099876439,
  "rpve_gm": 9.794596316821584,
  "rpve_wm": 13.587766994258628,
  "size_x": 256,
  "size_y": 256,
  "size_z": 256,
  "snr_csf": 2.9810275653411695,
  "snr_gm": 9.909015690964887,
  "snr_total": 9.257696820428256,
  "snr_wm": 14.88304720497871,
  "snrd_csf": 40.67330057197811,
  "snrd_gm": 82.06298684950382,
  "snrd_total": 75.33878083450408,
  "snrd_wm": 103.28005508203033,
  "spacing_x": 0.800000011920929,
  "spacing_y": 0.80078125,
  "spacing_z": 0.80078125,
  "summary_bg_k": 2083.630978347943,
  "summary_bg_mad": 6.343710999976658,
  "summary_bg_mean": 12.291728943767046,
  "summary_bg_median": 10.567260481417179,
  "summary_bg_n": 3013164.0,
  "summary_bg_p05": 2.1393840238451958,
  "summary_bg_p95": 27.617502853274345,
  "summary_bg_stdv": 12.428153534644064,
  "summary_csf_k": 3.935897717079687,
  "summary_csf_mad": 129.27714083285764,
  "summary_csf_mean": 416.25784139570817,
  "summary_csf_median": 393.8411498442292,
  "summary_csf_n": 32703.0,
  "summary_csf_p05": 239.35169139504433,
  "summary_csf_p95": 658.3468109741807,
  "summary_csf_stdv": 132.1138834452955,
  "summary_gm_k": 0.7045308394591889,
  "summary_gm_mad": 71.51092399973687,
  "summary_gm_mean": 801.7170801202282,
  "summary_gm_median": 794.6190903112292,
  "summary_gm_n": 78134.0,
  "summary_gm_p05": 682.398673787713,
  "summary_gm_p95": 949.7795373860741,
  "summary_gm_stdv": 80.19101292201053,
  "summary_wm_k": 0.234702798896544,
  "summary_wm_mad": 66.32061499975596,
  "summary_wm_mean": 1000.8343008181242,
  "summary_wm_median": 1000.0647864192724,
  "summary_wm_n": 430544.0,
  "summary_wm_p05": 891.7341590300202,
  "summary_wm_p95": 1111.6369047537446,
  "summary_wm_stdv": 67.19481644103942,
  "tpm_overlap_csf": 0.16791373491287231,
  "tpm_overlap_gm": 0.4508873522281647,
  "tpm_overlap_wm": 0.5044229030609131,
  "wm2max": 0.4906644613378288
}