{
  "bids_meta": {
    "BandwidthPerPixelPhaseEncode": null,
    "Columns": 256,
    "EchoTime": 0.00194,
    "EchoTrainLength": 1,
    "FlipAngle": 8.0,
    "ImageType": "ORIGINAL/PRIMARY/M/ND/NORM",
    "ImagingFrequency": 123.191316,
    "InplanePhaseEncodingDirection": "ROW",
    "InversionTime": 1.0,
    "MRAcquisitionType": "3D",
    "MagneticFieldStrength": 3.0,
    "Manufacturer": "SIEMENS",
    "ManufacturersModelName": "Skyra",
    "NumberOfAverages": 1.0,
    "NumberOfEchoes": null,
    "NumberOfPhaseEncodingSteps": 282,
    "PATModeText": "p2",
    "PercentPhaseFieldOfView": 100.0,
    "PhaseEncodingDirection": "i-",
    "PixelBandwidth": 270.0,
    "PixelSpacing": [
      0.80078125,
      0.80078125
    ],
    "RealDwellTime": 7200,
    "RepetitionTime": 2.4,
    "Rows": 256,
    "ScanOptions": [
      "IR",
      "WE"
    ],
    "ScanningSequence": [
      "GR",
      "IR"
    ],
    "SequenceName": "*tfl3d1_16ns",
    "SequenceVariant": [
      "SK",
      "SP",
      "MP",
      "OSP"
    ],
    "SeriesDate": "18740226",
    "SeriesDescription": "T1w_MPR1_PMC",
    "SeriesNumber": 5,
    "SeriesTime": "094647.966000",
    "SliceThickness": 0.80000001192093,
    "SliceTiming": null,
    "SpacingBetweenSlices": null,
    "StudyID": "1",
    "StudyTime": "091842.936000",
    "dataset": "ds000053",
    "modality": "T1w",
    "subject_id": "007"
  },
  "cjv": 0.5618048346708696,
  "cnr": 2.3271128863306956,
  "efc": 0.6629663005027833,
  "fber": 3161.937856790124,
  "fwhm_avg": 3.7650928673764525,
  "fwhm_x": 3.7854249435927727,
  "fwhm_y": 3.704045268292683,
  "fwhm_z": 3.805808390243903,
  "icvs_csf": 0.16901192153480604,
  "icvs_gm": 0.43367563426256306,
  "icvs_wm": 0.39731244420263084,
  "inu_med": 1.3698623180389404,
  "inu_range": 0.5182840585708619,
  "provenance": {
    "md5sum": "c350c7fe7bda54ef372fe2c6cbd3e095",
    "settings": {
      "testing": false
    },
    "software": "mriqc",
    "version": "22.0.0rc1",
    "warnings": {
      "large_rot_frame": true,
      "small_air_mask": false
    },
    "webapi_port": null,
    "webapi_url": "https://mriqc.nimh.nih.gov/api/v1"
  },
  "qi_1": 0.0,
  "qi_2": 0.0008956688765385375,
  "rpve_csf": 22.83733045529567,
  "rpve_gm": 10.132399595191703,
  "rpve_wm": 12.792180115744745,
  "size_x": 256,
  "size_y": 256,
  "size_z": 256,
  "snr_csf": 2.468679945770803,
  "snr_gm": 9.97290963100475,
  "snr_total": 9.956728063366517,
  "snr_wm": 17.428594613323998,
  "snrd_csf": 47.893779835422606,
  "snrd_gm": 86.79840157335715,
  "snrd_total": 82.25963424744852,
  "snrd_wm": 112.08672133356579,
  "spacing_x": 0.800000011920929,
  "spacing_y": 0.80078125,
  "spacing_z": 0.80078125,
  "summary_bg_k": 14.6986678874323,
  "summary_bg_mad": 5.845235270709056,
  "summary_bg_mean": 11.518851161578446,
  "summary_bg_median": 9.687411710619926,
  "summary_bg_n": 3108596.0,
  "summary_bg_p05": 1.9712756387889385,
  "summary_bg_p95": 26.97831517085433,
  "summary_bg_stdv": 8.82955072564244,
  "summary_csf_k": 16.436990294680392,
  "summary_csf_mad": 169.09430604551196,
  "summary_csf_mean": 453.35390180547495,
  "summary_csf_median": 427.3162363283336,
  "summary_csf_n": 41916.0,
  "summary_csf_p05": 245.11404514312744,
  "summary_csf_p95": 688.8200303539634,
  "summary_csf_stdv": 173.09296806065885,
  "summary_gm_k": 0.6496934402293144,
  "summary_gm_mad": 72.56442071780242,
  "summary_gm_mean": 779.3398861163272,
  "summary_gm_median": 774.4297152385116,
  "summary_gm_n": 61265.0,
  "summary_gm_p05": 662.4049367941916,
  "summary_gm_p95": 918.1638703867793,
  "summary_gm_stdv": 77.65270352773744,
  "summary_wm_k": 0.6860035901999395,
  "summary_wm_mad": 54.19368129557396,
  "summary_wm_mean": 1000.8841137393965,
  "summary_wm_median": 1000.0562926381826,
  "summary_wm_n": 492064.0,
  "summary_wm_p05": 908.2511700317264,
  "summary_wm_p95": 1095.5223557166755,
  "summary_wm_stdv": 57.380144448821454,
  "tpm_overlap_csf": 0.16874265670776367,
  "tpm_overlap_gm": 0.4514189660549164,
  "tpm_overlap_wm": 0.5114954113960266,
  "wm2max": 0.5245029982571707
}