{
  "bids_meta": {
    "BandwidthPerPixelPhaseEncode": null,
    "Columns": 256,
    "EchoTime": 0.00194,
    "EchoTrainLength": 1,
    "FlipAngle": 8.0,
    "ImageType": "ORIGINAL/PRIMARY/M/ND/NORM",
    "ImagingFrequency": 123.190991,
    "InplanePhaseEncodingDirection": "ROW",
    "InversionTime": 1.0,
    "MRAcquisitionType": "3D",
    "MagneticFieldStrength": 3.0,
    "Manufacturer": "SIEMENS",
    "ManufacturersModelName": "Skyra",
    "NumberOfAverages": 1.0,
    "NumberOfEchoes": null,
    "NumberOfPhaseEncodingSteps": 282,
    "PATModeText": "p2",
    "PercentPhaseFieldOfView": 100.0,
    "PhaseEncodingDirection": "i-",
    "PixelBandwidth": 270.0,
    "PixelSpacing": [
      0.80078125,
      0.80078125
    ],
    "RealDwellTime": 7200,
    "RepetitionTime": 2.4,
    "Rows": 256,
    "ScanOptions": [
      "IR",
      "WE"
    ],
    "ScanningSequence": [
      "GR",
      "IR"
    ],
    "SequenceName": "*tfl3d1_16ns",
    "SequenceVariant": [
      "SK",
      "SP",
      "MP",
      "OSP"
    ],
    "SeriesDate": "18740317",
    "SeriesDescription": "T1w_MPR1_PMC",
    "SeriesNumber": 5,
    "SeriesTime": "154712.537000",
    "SliceThickness": 0.80000001192093,
    "SliceTiming": null,
    "SpacingBetweenSlices": null,
    "StudyID": "1",
    "StudyTime": "152154.359000",
    "dataset": "ds000053",
    "modality": "T1w",
    "subject_id": "014"
  },
  "cjv": 0.5996966371692379,
  "cnr": 2.131763732929624,
  "efc": 0.6467520213633303,
  "fber": 3381.9425606451186,
  "fwhm_avg": 3.962787403388124,
  "fwhm_x": 3.900924941871689,
  "fwhm_y": 4.041178536585366,
  "fwhm_z": 3.946258731707317,
  "icvs_csf": 0.1880057709877498,
  "icvs_gm": 0.4233144405658423,
  "icvs_wm": 0.38867978844640794,
  "inu_med": 1.4047924280166626,
  "inu_range": 0.5379232287406923,
  "provenance": {
    "md5sum": "d5a740a92c804a04df03e5f47e67beb9",
    "settings": {
      "testing": false
    },
    "software": "mriqc",
    "version": "22.0.0rc1",
    "warnings": {
      "large_rot_frame": true,
      "small_air_mask": false
    },
    "webapi_port": null,
    "webapi_url": "https://mriqc.nimh.nih.gov/api/v1"
  },
  "qi_1": 0.0,
  "qi_2": 0.0008912974271455331,
  "rpve_csf": 21.00055977457385,
  "rpve_gm": 10.185396288215008,
  "rpve_wm": 13.015788072625917,
  "size_x": 256,
  "size_y": 256,
  "size_z": 256,
  "snr_csf": 2.9542295041533353,
  "snr_gm": 9.544790556838326,
  "snr_total": 10.002852828145933,
  "snr_wm": 17.509538423446138,
  "snrd_csf": 42.03700577634073,
  "snrd_gm": 93.05120891349337,
  "snrd_total": 84.50814199500051,
  "snrd_wm": 118.43621129516744,
  "spacing_x": 0.800000011920929,
  "spacing_y": 0.80078125,
  "spacing_z": 0.80078125,
  "summary_bg_k": 19.071705754616755,
  "summary_bg_mad": 5.531826181919853,
  "summary_bg_mean": 10.687958059666276,
  "summary_bg_median": 9.18061751499772,
  "summary_bg_n": 3382711.0,
  "summary_bg_p05": 1.865580029785633,
  "summary_bg_p95": 25.33261303603649,
  "summary_bg_stdv": 8.47698831458694,
  "summary_csf_k": 1.2313758378920445,
  "summary_csf_mad": 111.58275706425178,
  "summary_csf_mean": 377.6450590927435,
  "summary_csf_median": 354.95114777237177,
  "summary_csf_n": 39729.0,
  "summary_csf_p05": 220.1384435147047,
  "summary_csf_p95": 606.3429662071168,
  "summary_csf_stdv": 120.14864792695558,
  "summary_gm_k": 0.4347025395729207,
  "summary_gm_mad": 76.13539718800219,
  "summary_gm_mean": 790.1256800804215,
  "summary_gm_median": 785.7037578076124,
  "summary_gm_n": 52042.0,
  "summary_gm_p05": 663.9501137584448,
  "summary_gm_p95": 940.7432771250606,
  "summary_gm_stdv": 82.31675743389468,
  "summary_wm_k": 0.7727096667697255,
  "summary_wm_mad": 52.40677435503019,
  "summary_wm_mean": 999.9999659535803,
  "summary_wm_median": 1000.0490843877196,
  "summary_wm_n": 476292.0,
  "summary_wm_p05": 905.6409160383046,
  "summary_wm_p95": 1092.88623797521,
  "summary_wm_stdv": 57.114471573981625,
  "tpm_overlap_csf": 0.167998269200325,
  "tpm_overlap_gm": 0.43446969985961914,
  "tpm_overlap_wm": 0.4942311644554138,
  "wm2max": 0.6177708284035364
}