{
  "bids_meta": {
    "BandwidthPerPixelPhaseEncode": null,
    "Columns": 256,
    "EchoTime": 0.00194,
    "EchoTrainLength": 1,
    "FlipAngle": 8.0,
    "ImageType": "ORIGINAL/PRIMARY/M/ND/NORM",
    "ImagingFrequency": 123.190795,
    "InplanePhaseEncodingDirection": "ROW",
    "InversionTime": 1.0,
    "MRAcquisitionType": "3D",
    "MagneticFieldStrength": 3.0,
    "Manufacturer": "SIEMENS",
    "ManufacturersModelName": "Skyra",
    "NumberOfAverages": 1.0,
    "NumberOfEchoes": null,
    "NumberOfPhaseEncodingSteps": 282,
    "PATModeText": "p2",
    "PercentPhaseFieldOfView": 100.0,
    "PhaseEncodingDirection": "i-",
    "PixelBandwidth": 270.0,
    "PixelSpacing": [
      0.80078125,
      0.80078125
    ],
    "RealDwellTime": 7200,
    "RepetitionTime": 2.4,
    "Rows": 256,
    "ScanOptions": [
      "IR",
      "WE"
    ],
    "ScanningSequence": [
      "GR",
      "IR"
    ],
    "SequenceName": "*tfl3d1_16ns",
    "SequenceVariant": [
      "SK",
      "SP",
      "MP",
      "OSP"
    ],
    "SeriesDate": "18740501",
    "SeriesDescription": "T1w_MPR1_PMC",
    "SeriesNumber": 5,
    "SeriesTime": "154819.619000",
    "SliceThickness": 0.80000001192093,
    "SliceTiming": null,
    "SpacingBetweenSlices": null,
    "StudyID": "1",
    "StudyTime": "153915.106000",
    "dataset": "ds000053",
    "modality": "T1w",
    "subject_id": "060"
  },
  "cjv": 0.4739494402813018,
  "cnr": 2.750124312015664,
  "efc": 0.5992391407746469,
  "fber": 3819.0023113905327,
  "fwhm_avg": 3.7778001802107983,
  "fwhm_x": 3.8204124430714184,
  "fwhm_y": 3.6985506341463417,
  "fwhm_z": 3.8144374634146345,
  "icvs_csf": 0.16934722311155334,
  "icvs_gm": 0.4525677823393402,
  "icvs_wm": 0.3780849945491065,
  "inu_med": 1.4016990661621094,
  "inu_range": 0.5369480609893793,
  "provenance": {
    "md5sum": "9ff588e139ce7569d2225dac56f9c48a",
    "settings": {
      "testing": false
    },
    "software": "mriqc",
    "version": "22.0.0rc1",
    "warnings": {
      "large_rot_frame": true,
      "small_air_mask": false
    },
    "webapi_port": null,
    "webapi_url": "https://mriqc.nimh.nih.gov/api/v1"
  },
  "qi_1": 0.0,
  "qi_2": 0.0025906859163844173,
  "rpve_csf": 23.084178031827072,
  "rpve_gm": 9.878778711920857,
  "rpve_wm": 13.350592856179386,
  "size_x": 256,
  "size_y": 256,
  "size_z": 256,
  "snr_csf": 2.0960201633156945,
  "snr_gm": 11.672019885204234,
  "snr_total": 10.46925183890932,
  "snr_wm": 17.63971546820803,
  "snrd_csf": 45.021541819722415,
  "snrd_gm": 86.64058629776923,
  "snrd_total": 81.8051262537553,
  "snrd_wm": 113.75325064377425,
  "spacing_x": 0.800000011920929,
  "spacing_y": 0.80078125,
  "spacing_z": 0.80078125,
  "summary_bg_k": 4.859486125872307,
  "summary_bg_mad": 5.75959575877615,
  "summary_bg_mean": 9.692845495624098,
  "summary_bg_median": 8.713025197386742,
  "summary_bg_n": 4375875.0,
  "summary_bg_p05": 1.9423941522836685,
  "summary_bg_p95": 21.199844747781754,
  "summary_bg_stdv": 6.273816912835201,
  "summary_csf_k": 36.484969442841404,
  "summary_csf_mad": 168.7561557321412,
  "summary_csf_mean": 425.4838204379929,
  "summary_csf_median": 395.8044312596321,
  "summary_csf_n": 36559.0,
  "summary_csf_p05": 227.59309767186642,
  "summary_csf_p95": 632.2770450562239,
  "summary_csf_stdv": 188.83359278764738,
  "summary_gm_k": 0.7546684599404974,
  "summary_gm_mad": 60.06435577009413,
  "summary_gm_mean": 762.1829677543898,
  "summary_gm_median": 761.6959925740957,
  "summary_gm_n": 74247.0,
  "summary_gm_p05": 657.1396902054548,
  "summary_gm_p95": 871.0250348597765,
  "summary_gm_stdv": 65.25784487817477,
  "summary_wm_k": 0.5190918302289402,
  "summary_wm_mad": 52.90600104132949,
  "summary_wm_mean": 998.8275787566823,
  "summary_wm_median": 1000.0555035471916,
  "summary_wm_n": 454997.0,
  "summary_wm_p05": 902.7138080298901,
  "summary_wm_p95": 1089.5166285037994,
  "summary_wm_stdv": 56.69334102240159,
  "tpm_overlap_csf": 0.18733954429626465,
  "tpm_overlap_gm": 0.46609920263290405,
  "tpm_overlap_wm": 0.5258104801177979,
  "wm2max": 0.5703543753848078
}