{
  "bids_meta": {
    "BandwidthPerPixelPhaseEncode": null,
    "Columns": 256,
    "EchoTime": 0.00194,
    "EchoTrainLength": 1,
    "FlipAngle": 8.0,
    "ImageType": "ORIGINAL/PRIMARY/M/ND/NORM",
    "ImagingFrequency": 123.190819,
    "InplanePhaseEncodingDirection": "ROW",
    "InversionTime": 1.0,
    "MRAcquisitionType": "3D",
    "MagneticFieldStrength": 3.0,
    "Manufacturer": "SIEMENS",
    "ManufacturersModelName": "Skyra",
    "NumberOfAverages": 1.0,
    "NumberOfEchoes": null,
    "NumberOfPhaseEncodingSteps": 282,
    "PATModeText": "p2",
    "PercentPhaseFieldOfView": 100.0,
    "PhaseEncodingDirection": "i-",
    "PixelBandwidth": 270.0,
    "PixelSpacing": [
      0.80078125,
      0.80078125
    ],
    "RealDwellTime": 7200,
    "RepetitionTime": 2.4,
    "Rows": 256,
    "ScanOptions": [
      "IR",
      "WE"
    ],
    "ScanningSequence": [
      "GR",
      "IR"
    ],
    "SequenceName": "*tfl3d1_16ns",
    "SequenceVariant": [
      "SK",
      "SP",
      "MP",
      "OSP"
    ],
    "SeriesDate": "18740326",
    "SeriesDescription": "T1w_MPR1_PMC",
    "SeriesNumber": 5,
    "SeriesTime": "094945.460000",
    "SliceThickness": 0.80000001192093,
    "SliceTiming": null,
    "SpacingBetweenSlices": null,
    "StudyID": "1",
    "StudyTime": "094014.451000",
    "dataset": "ds000053",
    "modality": "T1w",
    "subject_id": "022"
  },
  "cjv": 0.522325015972193,
  "cnr": 2.497046380851434,
  "efc": 0.661133030255376,
  "fber": 4287.778657885368,
  "fwhm_avg": 3.7801503714205076,
  "fwhm_x": 3.7896499435298154,
  "fwhm_y": 3.679019707317073,
  "fwhm_z": 3.871781463414634,
  "icvs_csf": 0.18443358822237,
  "icvs_gm": 0.42145538308627434,
  "icvs_wm": 0.39411102869135567,
  "inu_med": 1.2199108600616455,
  "inu_range": 0.4991180062294007,
  "provenance": {
    "md5sum": "0ede61b684255a67214e23032972d24c",
    "settings": {
      "testing": false
    },
    "software": "mriqc",
    "version": "22.0.0rc1",
    "warnings": {
      "large_rot_frame": true,
      "small_air_mask": false
    },
    "webapi_port": null,
    "webapi_url": "https://mriqc.nimh.nih.gov/api/v1"
  },
  "qi_1": 0.0,
  "qi_2": 0.0013410133379145,
  "rpve_csf": 18.299957236037237,
  "rpve_gm": 8.755207858965571,
  "rpve_wm": 11.014136869728185,
  "size_x": 256,
  "size_y": 256,
  "size_z": 256,
  "snr_csf": 2.8680941991797058,
  "snr_gm": 11.675209951464431,
  "snr_total": 10.370766252496763,
  "snr_wm": 16.568994606846154,
  "snrd_csf": 45.79265153551817,
  "snrd_gm": 97.26859533405492,
  "snrd_total": 89.50732101155147,
  "snrd_wm": 125.46071616508132,
  "spacing_x": 0.800000011920929,
  "spacing_y": 0.80078125,
  "spacing_z": 0.80078125,
  "summary_bg_k": 10.715564597620677,
  "summary_bg_mad": 5.2221278369010875,
  "summary_bg_mean": 9.797261593199153,
  "summary_bg_median": 8.778584852814674,
  "summary_bg_n": 3868064.0,
  "summary_bg_p05": 1.7882302477955818,
  "summary_bg_p95": 21.56714056432247,
  "summary_bg_stdv": 6.7877700769936045,
  "summary_csf_k": 0.279728679910074,
  "summary_csf_mad": 120.06877003459499,
  "summary_csf_mean": 390.1254419045286,
  "summary_csf_median": 365.01572573184967,
  "summary_csf_n": 40906.0,
  "summary_csf_p05": 224.61255688220263,
  "summary_csf_p95": 634.3882276043296,
  "summary_csf_stdv": 127.26613518083235,
  "summary_gm_k": 1.139206311698577,
  "summary_gm_mad": 59.45191691241238,
  "summary_gm_mean": 775.1092887405431,
  "summary_gm_median": 775.3332844078541,
  "summary_gm_n": 58743.0,
  "summary_gm_p05": 667.0640712231398,
  "summary_gm_p95": 883.1147984340787,
  "summary_gm_stdv": 66.40794368884704,
  "summary_wm_k": 0.3877055979742132,
  "summary_wm_mad": 57.925448775472056,
  "summary_wm_mean": 999.8229772769085,
  "summary_wm_median": 1000.0542188808322,
  "summary_wm_n": 575179.0,
  "summary_wm_p05": 900.1842689812183,
  "summary_wm_p95": 1097.810805760324,
  "summary_wm_stdv": 60.356912007534085,
  "tpm_overlap_csf": 0.17516931891441345,
  "tpm_overlap_gm": 0.4259869158267975,
  "tpm_overlap_wm": 0.4997878074645996,
  "wm2max": 0.5842778446147027
}