{
  "bids_meta": {
    "BandwidthPerPixelPhaseEncode": null,
    "Columns": 256,
    "EchoTime": 0.00194,
    "EchoTrainLength": 1,
    "FlipAngle": 8.0,
    "ImageType": "ORIGINAL/PRIMARY/M/ND/NORM",
    "ImagingFrequency": 123.191238,
    "InplanePhaseEncodingDirection": "ROW",
    "InversionTime": 1.0,
    "MRAcquisitionType": "3D",
    "MagneticFieldStrength": 3.0,
    "Manufacturer": "SIEMENS",
    "ManufacturersModelName": "Skyra",
    "NumberOfAverages": 1.0,
    "NumberOfEchoes": null,
    "NumberOfPhaseEncodingSteps": 282,
    "PATModeText": "p2",
    "PercentPhaseFieldOfView": 100.0,
    "PhaseEncodingDirection": "i-",
    "PixelBandwidth": 270.0,
    "PixelSpacing": [
      0.80078125,
      0.80078125
    ],
    "RealDwellTime": 7200,
    "RepetitionTime": 2.4,
    "Rows": 256,
    "ScanOptions": [
      "IR",
      "WE"
    ],
    "ScanningSequence": [
      "GR",
      "IR"
    ],
    "SequenceName": "*tfl3d1_16ns",
    "SequenceVariant": [
      "SK",
      "SP",
      "MP",
      "OSP"
    ],
    "SeriesDate": "18740303",
    "SeriesDescription": "T1w_MPR1_PMC",
    "SeriesNumber": 9,
    "SeriesTime": "154311.182000",
    "SliceThickness": 0.80000001192093,
    "SliceTiming": null,
    "SpacingBetweenSlices": null,
    "StudyID": "1",
    "StudyTime": "151808.787000",
    "dataset": "ds000053",
    "modality": "T1w",
    "subject_id": "011"
  },
  "cjv": 0.6035593490875846,
  "cnr": 2.1069060034369476,
  "efc": 0.672225298294681,
  "fber": 3728.7030115939297,
  "fwhm_avg": 3.700386038667947,
  "fwhm_x": 3.6727249452721336,
  "fwhm_y": 3.5912429268292683,
  "fwhm_z": 3.8371902439024392,
  "icvs_csf": 0.17507753013174163,
  "icvs_gm": 0.4398603684103037,
  "icvs_wm": 0.3850621014579547,
  "inu_med": 1.2256760597229004,
  "inu_range": 0.4985526323318481,
  "provenance": {
    "md5sum": "c74783cefb49af91e82f62010a87dc4e",
    "settings": {
      "testing": false
    },
    "software": "mriqc",
    "version": "22.0.0rc1",
    "warnings": {
      "large_rot_frame": true,
      "small_air_mask": false
    },
    "webapi_port": null,
    "webapi_url": "https://mriqc.nimh.nih.gov/api/v1"
  },
  "qi_1": 0.0,
  "qi_2": 0.0007487864117069463,
  "rpve_csf": 18.69181618792841,
  "rpve_gm": 8.432462798990077,
  "rpve_wm": 11.073324524901606,
  "size_x": 256,
  "size_y": 256,
  "size_z": 256,
  "snr_csf": 2.252578788201861,
  "snr_gm": 10.304221674706428,
  "snr_total": 9.555354443791764,
  "snr_wm": 16.109262868467006,
  "snrd_csf": 46.091772180940204,
  "snrd_gm": 91.49012832022024,
  "snrd_total": 84.40640758090761,
  "snrd_wm": 115.63732224156237,
  "spacing_x": 0.800000011920929,
  "spacing_y": 0.80078125,
  "spacing_z": 0.80078125,
  "summary_bg_k": 26.179776797166557,
  "summary_bg_mad": 5.665773739139358,
  "summary_bg_mean": 11.042421806650033,
  "summary_bg_median": 9.347992368042469,
  "summary_bg_n": 3409667.0,
  "summary_bg_p05": 1.881356954574585,
  "summary_bg_p95": 25.868658125400543,
  "summary_bg_stdv": 8.614257663775808,
  "summary_csf_k": 34.46439598650157,
  "summary_csf_mad": 140.11894285640798,
  "summary_csf_mean": 428.20733963284476,
  "summary_csf_median": 398.6125047504902,
  "summary_csf_n": 31854.0,
  "summary_csf_p05": 234.87565729767084,
  "summary_csf_p95": 668.4520052008329,
  "summary_csf_stdv": 176.95551868009477,
  "summary_gm_k": 0.7066410909708383,
  "summary_gm_mad": 67.72778762017356,
  "summary_gm_mean": 794.0304851266262,
  "summary_gm_median": 791.2281842082739,
  "summary_gm_n": 69212.0,
  "summary_gm_p05": 672.8790732845664,
  "summary_gm_p95": 932.741502635181,
  "summary_gm_stdv": 76.78624288085592,
  "summary_wm_k": 0.5539075648989265,
  "summary_wm_mad": 58.31388663821894,
  "summary_wm_mean": 1001.7849372811272,
  "summary_wm_median": 1000.0588061660528,
  "summary_wm_n": 539896.0,
  "summary_wm_p05": 902.698583766818,
  "summary_wm_p95": 1105.7675500512123,
  "summary_wm_stdv": 62.07967975768989,
  "tpm_overlap_csf": 0.1658143848180771,
  "tpm_overlap_gm": 0.4367237091064453,
  "tpm_overlap_wm": 0.49419453740119934,
  "wm2max": 0.49144247974190064
}