{
  "bids_meta": {
    "BandwidthPerPixelPhaseEncode": null,
    "Columns": 256,
    "EchoTime": 0.00194,
    "EchoTrainLength": 1,
    "FlipAngle": 8.0,
    "ImageType": "ORIGINAL/PRIMARY/M/ND/NORM",
    "ImagingFrequency": 123.190935,
    "InplanePhaseEncodingDirection": "ROW",
    "InversionTime": 1.0,
    "MRAcquisitionType": "3D",
    "MagneticFieldStrength": 3.0,
    "Manufacturer": "SIEMENS",
    "ManufacturersModelName": "Skyra",
    "NumberOfAverages": 1.0,
    "NumberOfEchoes": null,
    "NumberOfPhaseEncodingSteps": 282,
    "PATModeText": "p2",
    "PercentPhaseFieldOfView": 100.0,
    "PhaseEncodingDirection": "i-",
    "PixelBandwidth": 270.0,
    "PixelSpacing": [
      0.80078125,
      0.80078125
    ],
    "RealDwellTime": 7200,
    "RepetitionTime": 2.4,
    "Rows": 256,
    "ScanOptions": [
      "IR",
      "WE"
    ],
    "ScanningSequence": [
      "GR",
      "IR"
    ],
    "SequenceName": "*tfl3d1_16ns",
    "SequenceVariant": [
      "SK",
      "SP",
      "MP",
      "OSP"
    ],
    "SeriesDate": "18740324",
    "SeriesDescription": "T1w_MPR1_PMC",
    "SeriesNumber": 5,
    "SeriesTime": "135236.317000",
    "SliceThickness": 0.80000001192093,
    "SliceTiming": null,
    "SpacingBetweenSlices": null,
    "StudyID": "1",
    "StudyTime": "132413.501000",
    "dataset": "ds000053",
    "modality": "T1w",
    "subject_id": "018"
  },
  "cjv": 0.5932203791962488,
  "cnr": 2.2822440858738346,
  "efc": 0.6387961245692703,
  "fber": 1598.5133566423901,
  "fwhm_avg": 3.872133062070244,
  "fwhm_x": 3.871624942308293,
  "fwhm_y": 3.8584444878048783,
  "fwhm_z": 3.886329756097561,
  "icvs_csf": 0.20235566686554643,
  "icvs_gm": 0.429024567768501,
  "icvs_wm": 0.36861976536595253,
  "inu_med": 1.1340655088424683,
  "inu_range": 0.46042074561119084,
  "provenance": {
    "md5sum": "053c60a369eabe85f24339ed815bd04d",
    "settings": {
      "testing": false
    },
    "software": "mriqc",
    "version": "22.0.0rc1",
    "warnings": {
      "large_rot_frame": true,
      "small_air_mask": false
    },
    "webapi_port": null,
    "webapi_url": "https://mriqc.nimh.nih.gov/api/v1"
  },
  "qi_1": 0.0,
  "qi_2": 0.0009490819806016649,
  "rpve_csf": 23.834465918611397,
  "rpve_gm": 12.126763861322184,
  "rpve_wm": 16.404252427031455,
  "size_x": 256,
  "size_y": 256,
  "size_z": 256,
  "snr_csf": 2.7819296934398894,
  "snr_gm": 10.292817896033123,
  "snr_total": 10.00076465726358,
  "snr_wm": 16.927546382317733,
  "snrd_csf": 26.465452022249817,
  "snrd_gm": 55.254352166381175,
  "snrd_total": 50.890957772527294,
  "snrd_wm": 70.9530691289509,
  "spacing_x": 0.800000011920929,
  "spacing_y": 0.80078125,
  "spacing_z": 0.80078125,
  "summary_bg_k": 1030.2968448589347,
  "summary_bg_mad": 9.23337626012642,
  "summary_bg_mean": 16.229650124794208,
  "summary_bg_median": 14.129779823124409,
  "summary_bg_n": 3282109.0,
  "summary_bg_p05": 3.817049525678158,
  "summary_bg_p95": 36.09455604106188,
  "summary_bg_stdv": 13.583349365794204,
  "summary_csf_k": 23.95299927479583,
  "summary_csf_mad": 116.55896483213351,
  "summary_csf_mean": 395.998018958078,
  "summary_csf_median": 372.9994010180235,
  "summary_csf_n": 32332.0,
  "summary_csf_p05": 224.40233264118433,
  "summary_csf_p95": 621.978175342083,
  "summary_csf_stdv": 134.07730381653482,
  "summary_gm_k": 0.11429321195798314,
  "summary_gm_mad": 75.05841346941476,
  "summary_gm_mean": 779.6887207685385,
  "summary_gm_median": 778.7450690194964,
  "summary_gm_n": 49535.0,
  "summary_gm_p05": 657.6039709150791,
  "summary_gm_p95": 906.9175741448998,
  "summary_gm_stdv": 75.65831012381075,
  "summary_wm_k": 0.47851878253774727,
  "summary_wm_mad": 56.194526486360786,
  "summary_wm_mean": 1001.020895219434,
  "summary_wm_median": 1000.0000099465251,
  "summary_wm_n": 372971.0,
  "summary_wm_p05": 905.7791558653116,
  "summary_wm_p95": 1098.9754344895482,
  "summary_wm_stdv": 59.07522843377913,
  "tpm_overlap_csf": 0.16363941133022308,
  "tpm_overlap_gm": 0.4349493682384491,
  "tpm_overlap_wm": 0.48570045828819275,
  "wm2max": 0.5118949677773207
}