{
  "bids_meta": {
    "BandwidthPerPixelPhaseEncode": null,
    "Columns": 256,
    "EchoTime": 0.00194,
    "EchoTrainLength": 1,
    "FlipAngle": 8.0,
    "ImageType": "ORIGINAL/PRIMARY/M/ND/NORM",
    "ImagingFrequency": 123.190919,
    "InplanePhaseEncodingDirection": "ROW",
    "InversionTime": 1.0,
    "MRAcquisitionType": "3D",
    "MagneticFieldStrength": 3.0,
    "Manufacturer": "SIEMENS",
    "ManufacturersModelName": "Skyra",
    "NumberOfAverages": 1.0,
    "NumberOfEchoes": null,
    "NumberOfPhaseEncodingSteps": 282,
    "PATModeText": "p2",
    "PercentPhaseFieldOfView": 100.0,
    "PhaseEncodingDirection": "i-",
    "PixelBandwidth": 270.0,
    "PixelSpacing": [
      0.80078125,
      0.80078125
    ],
    "RealDwellTime": 7200,
    "RepetitionTime": 2.4,
    "Rows": 256,
    "ScanOptions": [
      "IR",
      "WE"
    ],
    "ScanningSequence": [
      "GR",
      "IR"
    ],
    "SequenceName": "*tfl3d1_16ns",
    "SequenceVariant": [
      "SK",
      "SP",
      "MP",
      "OSP"
    ],
    "SeriesDate": "18740404",
    "SeriesDescription": "T1w_MPR1_PMC",
    "SeriesNumber": 5,
    "SeriesTime": "114637.751000",
    "SliceThickness": 0.80000001192093,
    "SliceTiming": null,
    "SpacingBetweenSlices": null,
    "StudyID": "1",
    "StudyTime": "112402.914000",
    "dataset": "ds000053",
    "modality": "T1w",
    "subject_id": "051"
  },
  "cjv": 0.6477735076939563,
  "cnr": 2.018480858861231,
  "efc": 0.6281532179406064,
  "fber": 4124.263643195745,
  "fwhm_avg": 3.8596850948086225,
  "fwhm_x": 3.827724942962454,
  "fwhm_y": 3.8192702439024386,
  "fwhm_z": 3.9320600975609756,
  "icvs_csf": 0.20437782205177288,
  "icvs_gm": 0.433837887018968,
  "icvs_wm": 0.36178429092925907,
  "inu_med": 1.4748960733413696,
  "inu_range": 0.5955500960350038,
  "provenance": {
    "md5sum": "f3cabcddecce9bf0fb653bac9f4ebf29",
    "settings": {
      "testing": false
    },
    "software": "mriqc",
    "version": "22.0.0rc1",
    "warnings": {
      "large_rot_frame": true,
      "small_air_mask": false
    },
    "webapi_port": null,
    "webapi_url": "https://mriqc.nimh.nih.gov/api/v1"
  },
  "qi_1": 0.0,
  "qi_2": 0.001001764736490426,
  "rpve_csf": 20.150944310983874,
  "rpve_gm": 10.154720384735523,
  "rpve_wm": 13.929881355719257,
  "size_x": 256,
  "size_y": 256,
  "size_z": 256,
  "snr_csf": 3.2477342345148563,
  "snr_gm": 10.065047006843097,
  "snr_total": 9.658863666419611,
  "snr_wm": 15.66380975790088,
  "snrd_csf": 40.06878939023927,
  "snrd_gm": 91.46260658928149,
  "snrd_total": 82.22107980592854,
  "snrd_wm": 115.13184343826488,
  "spacing_x": 0.800000011920929,
  "spacing_y": 0.80078125,
  "spacing_z": 0.80078125,
  "summary_bg_k": 14.593689532444728,
  "summary_bg_mad": 5.690314413577676,
  "summary_bg_mean": 10.902545991464413,
  "summary_bg_median": 9.409434348344803,
  "summary_bg_n": 4490813.0,
  "summary_bg_p05": 1.9190293736755848,
  "summary_bg_p95": 24.947381857782602,
  "summary_bg_stdv": 8.263957283571997,
  "summary_csf_k": 0.7025880811131149,
  "summary_csf_mad": 97.01068282502585,
  "summary_csf_mean": 367.31456679989213,
  "summary_csf_median": 348.02526254206896,
  "summary_csf_n": 48282.0,
  "summary_csf_p05": 224.5326271373779,
  "summary_csf_p95": 573.5421660356224,
  "summary_csf_stdv": 107.15829353760729,
  "summary_gm_k": 0.5870411425251616,
  "summary_gm_mad": 71.12893016972095,
  "summary_gm_mean": 800.2996346365989,
  "summary_gm_median": 794.4162565283477,
  "summary_gm_n": 60167.0,
  "summary_gm_p05": 681.1935234814882,
  "summary_gm_p95": 945.0910144485533,
  "summary_gm_stdv": 78.92756528610714,
  "summary_wm_k": 0.2984231862023332,
  "summary_wm_mad": 62.04278296094369,
  "summary_wm_mean": 1001.2167952233085,
  "summary_wm_median": 1000.0000162050128,
  "summary_wm_n": 430365.0,
  "summary_wm_p05": 898.2914594002068,
  "summary_wm_p95": 1107.4037569575012,
  "summary_wm_stdv": 63.841355957186686,
  "tpm_overlap_csf": 0.17605488002300262,
  "tpm_overlap_gm": 0.436381995677948,
  "tpm_overlap_wm": 0.4853031635284424,
  "wm2max": 0.6344712628193246
}