{
  "bids_meta": {
    "BandwidthPerPixelPhaseEncode": null,
    "Columns": 256,
    "EchoTime": 0.00194,
    "EchoTrainLength": 1,
    "FlipAngle": 8.0,
    "ImageType": "ORIGINAL/PRIMARY/M/ND/NORM",
    "ImagingFrequency": 123.190876,
    "InplanePhaseEncodingDirection": "ROW",
    "InversionTime": 1.0,
    "MRAcquisitionType": "3D",
    "MagneticFieldStrength": 3.0,
    "Manufacturer": "SIEMENS",
    "ManufacturersModelName": "Skyra",
    "NumberOfAverages": 1.0,
    "NumberOfEchoes": null,
    "NumberOfPhaseEncodingSteps": 282,
    "PATModeText": "p2",
    "PercentPhaseFieldOfView": 100.0,
    "PhaseEncodingDirection": "i-",
    "PixelBandwidth": 270.0,
    "PixelSpacing": [
      0.80078125,
      0.80078125
    ],
    "RealDwellTime": 7200,
    "RepetitionTime": 2.4,
    "Rows": 256,
    "ScanOptions": [
      "IR",
      "WE"
    ],
    "ScanningSequence": [
      "GR",
      "IR"
    ],
    "SequenceName": "*tfl3d1_16ns",
    "SequenceVariant": [
      "SK",
      "SP",
      "MP",
      "OSP"
    ],
    "SeriesDate": "18740402",
    "SeriesDescription": "T1w_MPR1_PMC",
    "SeriesNumber": 5,
    "SeriesTime": "095209.185000",
    "SliceThickness": 0.80000001192093,
    "SliceTiming": null,
    "SpacingBetweenSlices": null,
    "StudyID": "1",
    "StudyTime": "093540.731000",
    "dataset": "ds000053",
    "modality": "T1w",
    "subject_id": "049"
  },
  "cjv": 0.40857688532808273,
  "cnr": 3.336608313582566,
  "efc": 0.6375428410688744,
  "fber": 29790.320256399853,
  "fwhm_avg": 4.207729991507406,
  "fwhm_x": 4.16498743793685,
  "fwhm_y": 4.21465912195122,
  "fwhm_z": 4.243543414634146,
  "icvs_csf": 0.20051590345907647,
  "icvs_gm": 0.4329608557176483,
  "icvs_wm": 0.36652324082327525,
  "inu_med": 0.49210038781166077,
  "inu_range": 0.20314493775367737,
  "provenance": {
    "md5sum": "d3dbcaef1644f87399c03ab4cfe6c276",
    "settings": {
      "testing": false
    },
    "software": "mriqc",
    "version": "22.0.6",
    "warnings": {
      "large_rot_frame": true,
      "small_air_mask": false
    },
    "webapi_port": null,
    "webapi_url": "https://mriqc.nimh.nih.gov/api/v1"
  },
  "qi_1": 3.973556882031192e-05,
  "qi_2": 0.001661607096417637,
  "rpve_csf": 16.966930310067937,
  "rpve_gm": 8.270933204410568,
  "rpve_wm": 11.083203360089453,
  "size_x": 256,
  "size_y": 256,
  "size_z": 256,
  "snr_csf": 2.9746466588251668,
  "snr_gm": 12.839806977988946,
  "snr_total": 11.895558323084552,
  "snr_wm": 19.872221332439548,
  "snrd_csf": 33.6273077398154,
  "snrd_gm": 79.14356420162868,
  "snrd_total": 73.08438902294621,
  "snrd_wm": 106.48229512739456,
  "spacing_x": 0.800000011920929,
  "spacing_y": 0.80078125,
  "spacing_z": 0.80078125,
  "summary_bg_k": 3945.1813403431966,
  "summary_bg_mad": 0.0,
  "summary_bg_mean": 3.3787595719197188,
  "summary_bg_median": 0.0,
  "summary_bg_n": 4110468.0,
  "summary_bg_p05": 0.0,
  "summary_bg_p95": 13.842369452118874,
  "summary_bg_stdv": 6.1526991978812475,
  "summary_csf_k": 0.7220445227012826,
  "summary_csf_mad": 94.50541508040182,
  "summary_csf_mean": 330.7557511649314,
  "summary_csf_median": 315.81012649834156,
  "summary_csf_n": 102258.0,
  "summary_csf_p05": 183.61418987810612,
  "summary_csf_p95": 530.092098981142,
  "summary_csf_stdv": 106.1667547554417,
  "summary_gm_k": 0.17463050966873395,
  "summary_gm_mad": 57.106720442673016,
  "summary_gm_mean": 742.1360257664386,
  "summary_gm_median": 743.2750553637743,
  "summary_gm_n": 94235.0,
  "summary_gm_p05": 646.0121304988861,
  "summary_gm_p95": 835.1737349778414,
  "summary_gm_stdv": 57.888028449033285,
  "summary_wm_k": 0.515981367918263,
  "summary_wm_mad": 47.7958421096285,
  "summary_wm_mean": 998.8060974187923,
  "summary_wm_median": 1000.0261500030756,
  "summary_wm_n": 494008.0,
  "summary_wm_p05": 916.0822535902262,
  "summary_wm_p95": 1080.2804923653603,
  "summary_wm_stdv": 50.3227656897264,
  "tpm_overlap_csf": 0.15129923417818938,
  "tpm_overlap_gm": 0.4486301664954646,
  "tpm_overlap_wm": 0.4866969930073835,
  "wm2max": 0.7084386307876052
}