{
  "bids_meta": {
    "BandwidthPerPixelPhaseEncode": null,
    "Columns": 256,
    "EchoTime": 0.00194,
    "EchoTrainLength": 1,
    "FlipAngle": 8.0,
    "ImageType": "ORIGINAL/PRIMARY/M/ND/NORM",
    "ImagingFrequency": 123.190942,
    "InplanePhaseEncodingDirection": "ROW",
    "InversionTime": 1.0,
    "MRAcquisitionType": "3D",
    "MagneticFieldStrength": 3.0,
    "Manufacturer": "SIEMENS",
    "ManufacturersModelName": "Skyra",
    "NumberOfAverages": 1.0,
    "NumberOfEchoes": null,
    "NumberOfPhaseEncodingSteps": 282,
    "PATModeText": "p2",
    "PercentPhaseFieldOfView": 100.0,
    "PhaseEncodingDirection": "i-",
    "PixelBandwidth": 270.0,
    "PixelSpacing": [
      0.80078125,
      0.80078125
    ],
    "RealDwellTime": 7200,
    "RepetitionTime": 2.4,
    "Rows": 256,
    "ScanOptions": [
      "IR",
      "WE"
    ],
    "ScanningSequence": [
      "GR",
      "IR"
    ],
    "SequenceName": "*tfl3d1_16ns",
    "SequenceVariant": [
      "SK",
      "SP",
      "MP",
      "OSP"
    ],
    "SeriesDate": "18740325",
    "SeriesDescription": "T1w_MPR1_PMC",
    "SeriesNumber": 5,
    "SeriesTime": "094436.619000",
    "SliceThickness": 0.80000001192093,
    "SliceTiming": null,
    "SpacingBetweenSlices": null,
    "StudyID": "1",
    "StudyTime": "092437.520000",
    "dataset": "ds000053",
    "modality": "T1w",
    "subject_id": "020"
  },
  "cjv": 0.5760041450828878,
  "cnr": 2.28366461545514,
  "efc": 0.6489763550173128,
  "fber": 3127.7091906721535,
  "fwhm_avg": 3.8399326557343136,
  "fwhm_x": 3.837774942812697,
  "fwhm_y": 3.765597658536586,
  "fwhm_z": 3.9164253658536587,
  "icvs_csf": 0.1792758712260925,
  "icvs_gm": 0.4339825463080482,
  "icvs_wm": 0.3867415824658593,
  "inu_med": 1.1234886646270752,
  "inu_range": 0.4691850364208221,
  "provenance": {
    "md5sum": "5b713d0d0095a12df65a0b0961ffb7a5",
    "settings": {
      "testing": false
    },
    "software": "mriqc",
    "version": "22.0.0rc1",
    "warnings": {
      "large_rot_frame": true,
      "small_air_mask": false
    },
    "webapi_port": null,
    "webapi_url": "https://mriqc.nimh.nih.gov/api/v1"
  },
  "qi_1": 0.0,
  "qi_2": 0.0010200616839943174,
  "rpve_csf": 20.32038134287098,
  "rpve_gm": 9.469997941006975,
  "rpve_wm": 12.420833426699831,
  "size_x": 256,
  "size_y": 256,
  "size_z": 256,
  "snr_csf": 2.64473029104691,
  "snr_gm": 9.969158087535575,
  "snr_total": 9.548503956380456,
  "snr_wm": 16.03162349055888,
  "snrd_csf": 53.170925381988226,
  "snrd_gm": 85.51812515015014,
  "snrd_total": 83.14760819808988,
  "snrd_wm": 110.7537740621313,
  "spacing_x": 0.800000011920929,
  "spacing_y": 0.80078125,
  "spacing_z": 0.80078125,
  "summary_bg_k": 17.014707693680947,
  "summary_bg_mad": 5.915619981367551,
  "summary_bg_mean": 10.927157024967906,
  "summary_bg_median": 8.977556347846985,
  "summary_bg_n": 3612005.0,
  "summary_bg_p05": 1.9950125217437744,
  "summary_bg_p95": 24.875312380492687,
  "summary_bg_stdv": 8.082527161447254,
  "summary_csf_k": 27.765580888329147,
  "summary_csf_mad": 182.64476692472314,
  "summary_csf_mean": 480.0737784370065,
  "summary_csf_median": 480.1122321859002,
  "summary_csf_n": 36516.0,
  "summary_csf_p05": 244.8877870440483,
  "summary_csf_p95": 693.9370508249849,
  "summary_csf_stdv": 181.53293731615366,
  "summary_gm_k": 0.43738070645970106,
  "summary_gm_mad": 72.37391320954363,
  "summary_gm_mean": 775.9556658671067,
  "summary_gm_median": 772.1945341974497,
  "summary_gm_n": 78055.0,
  "summary_gm_p05": 656.6084962189198,
  "summary_gm_p95": 913.8591264836492,
  "summary_gm_stdv": 77.45785360450968,
  "summary_wm_k": 0.46167711280832346,
  "summary_wm_mad": 58.8789051270489,
  "summary_wm_mean": 1000.8408379882875,
  "summary_wm_median": 1000.0623706653714,
  "summary_wm_n": 527589.0,
  "summary_wm_p05": 899.5012707412243,
  "summary_wm_p95": 1104.5511514917016,
  "summary_wm_stdv": 62.38054576863998,
  "tpm_overlap_csf": 0.15756021440029144,
  "tpm_overlap_gm": 0.4464774429798126,
  "tpm_overlap_wm": 0.5060131549835205,
  "wm2max": 0.5448193844434186
}