{
  "bids_meta": {
    "BandwidthPerPixelPhaseEncode": null,
    "Columns": 256,
    "EchoTime": 0.00194,
    "EchoTrainLength": 1,
    "FlipAngle": 8.0,
    "ImageType": "ORIGINAL/PRIMARY/M/ND/NORM",
    "ImagingFrequency": 123.190943,
    "InplanePhaseEncodingDirection": "ROW",
    "InversionTime": 1.0,
    "MRAcquisitionType": "3D",
    "MagneticFieldStrength": 3.0,
    "Manufacturer": "SIEMENS",
    "ManufacturersModelName": "Skyra",
    "NumberOfAverages": 1.0,
    "NumberOfEchoes": null,
    "NumberOfPhaseEncodingSteps": 282,
    "PATModeText": "p2",
    "PercentPhaseFieldOfView": 100.0,
    "PhaseEncodingDirection": "i-",
    "PixelBandwidth": 270.0,
    "PixelSpacing": [
      0.80078125,
      0.80078125
    ],
    "RealDwellTime": 7200,
    "RepetitionTime": 2.4,
    "Rows": 256,
    "ScanOptions": [
      "IR",
      "WE"
    ],
    "ScanningSequence": [
      "GR",
      "IR"
    ],
    "SequenceName": "*tfl3d1_16ns",
    "SequenceVariant": [
      "SK",
      "SP",
      "MP",
      "OSP"
    ],
    "SeriesDate": "18740410",
    "SeriesDescription": "T1w_MPR1_PMC",
    "SeriesNumber": 5,
    "SeriesTime": "151540.602000",
    "SliceThickness": 0.80000001192093,
    "SliceTiming": null,
    "SpacingBetweenSlices": null,
    "StudyID": "1",
    "StudyTime": "150615.584000",
    "dataset": "ds000053",
    "modality": "T1w",
    "subject_id": "029"
  },
  "cjv": 0.5789622960502004,
  "cnr": 2.334510685557369,
  "efc": 0.6417055216866283,
  "fber": 3443.5292443256353,
  "fwhm_avg": 3.6990065670212826,
  "fwhm_x": 3.6932499449662872,
  "fwhm_y": 3.6540690731707315,
  "fwhm_z": 3.749700682926829,
  "icvs_csf": 0.18539583545034424,
  "icvs_gm": 0.4576411486928691,
  "icvs_wm": 0.3569630158567867,
  "inu_med": 1.5187890529632568,
  "inu_range": 0.6645787358283997,
  "provenance": {
    "md5sum": "d44883eb8f19f61e2b5287170a92eb5b",
    "settings": {
      "testing": false
    },
    "software": "mriqc",
    "version": "22.0.0rc1",
    "warnings": {
      "large_rot_frame": true,
      "small_air_mask": false
    },
    "webapi_port": null,
    "webapi_url": "https://mriqc.nimh.nih.gov/api/v1"
  },
  "qi_1": 0.0,
  "qi_2": 0.0009522965276105039,
  "rpve_csf": 22.748983305013965,
  "rpve_gm": 10.20011317534138,
  "rpve_wm": 14.353591498891861,
  "size_x": 256,
  "size_y": 256,
  "size_z": 256,
  "snr_csf": 3.053118600616157,
  "snr_gm": 11.597757789312025,
  "snr_total": 9.650439957439021,
  "snr_wm": 14.30044348238888,
  "snrd_csf": 42.68026453122249,
  "snrd_gm": 89.77935677890679,
  "snrd_total": 82.84483666936936,
  "snrd_wm": 116.07488869797879,
  "spacing_x": 0.800000011920929,
  "spacing_y": 0.80078125,
  "spacing_z": 0.80078125,
  "summary_bg_k": 1606.7797021264666,
  "summary_bg_mad": 5.644424574092977,
  "summary_bg_mean": 10.572028741454533,
  "summary_bg_median": 8.520666975528002,
  "summary_bg_n": 4272373.0,
  "summary_bg_p05": 1.8733381293714046,
  "summary_bg_p95": 24.474256206303835,
  "summary_bg_stdv": 8.898753603814079,
  "summary_csf_k": 1.3965524153884061,
  "summary_csf_mad": 114.94915442160776,
  "summary_csf_mean": 391.32284757023154,
  "summary_csf_median": 367.7181457169354,
  "summary_csf_n": 37459.0,
  "summary_csf_p05": 232.83780040219426,
  "summary_csf_p95": 612.0376959443092,
  "summary_csf_stdv": 120.43856970868346,
  "summary_gm_k": 0.40103280691659826,
  "summary_gm_mad": 63.43258092790202,
  "summary_gm_mean": 771.9484038086332,
  "summary_gm_median": 773.5073566436768,
  "summary_gm_n": 63073.0,
  "summary_gm_p05": 660.0797544233501,
  "summary_gm_p95": 879.5020366087556,
  "summary_gm_stdv": 66.69403162480867,
  "summary_wm_k": 0.2394472577136173,
  "summary_wm_mad": 67.73309488911572,
  "summary_wm_mean": 998.0195941311633,
  "summary_wm_median": 1000.0604097731411,
  "summary_wm_n": 368021.0,
  "summary_wm_p05": 878.8373037241399,
  "summary_wm_p95": 1109.197463374585,
  "summary_wm_stdv": 69.93203059077177,
  "tpm_overlap_csf": 0.1747855246067047,
  "tpm_overlap_gm": 0.441120982170105,
  "tpm_overlap_wm": 0.4827912151813507,
  "wm2max": 0.5371065264252487
}