{
  "bids_meta": {
    "BandwidthPerPixelPhaseEncode": null,
    "Columns": 256,
    "EchoTime": 0.00194,
    "EchoTrainLength": 1,
    "FlipAngle": 8.0,
    "ImageType": "ORIGINAL/PRIMARY/M/ND/NORM",
    "ImagingFrequency": 123.191026,
    "InplanePhaseEncodingDirection": "ROW",
    "InversionTime": 1.0,
    "MRAcquisitionType": "3D",
    "MagneticFieldStrength": 3.0,
    "Manufacturer": "SIEMENS",
    "ManufacturersModelName": "Skyra",
    "NumberOfAverages": 1.0,
    "NumberOfEchoes": null,
    "NumberOfPhaseEncodingSteps": 282,
    "PATModeText": "p2",
    "PercentPhaseFieldOfView": 100.0,
    "PhaseEncodingDirection": "i-",
    "PixelBandwidth": 270.0,
    "PixelSpacing": [
      0.80078125,
      0.80078125
    ],
    "RealDwellTime": 7200,
    "RepetitionTime": 2.4,
    "Rows": 256,
    "ScanOptions": [
      "IR",
      "WE"
    ],
    "ScanningSequence": [
      "GR",
      "IR"
    ],
    "SequenceName": "*tfl3d1_16ns",
    "SequenceVariant": [
      "SK",
      "SP",
      "MP",
      "OSP"
    ],
    "SeriesDate": "18740319",
    "SeriesDescription": "T1w_MPR1_PMC",
    "SeriesNumber": 5,
    "SeriesTime": "102132.392000",
    "SliceThickness": 0.80000001192093,
    "SliceTiming": null,
    "SpacingBetweenSlices": null,
    "StudyID": "1",
    "StudyTime": "095951.290000",
    "dataset": "ds000053",
    "modality": "T1w",
    "subject_id": "016"
  },
  "cjv": 0.6015670343457235,
  "cnr": 2.1909153613879098,
  "efc": 0.641065793226199,
  "fber": 2042.7853600476096,
  "fwhm_avg": 3.882102639240203,
  "fwhm_x": 3.884874942110852,
  "fwhm_y": 3.8328819512195125,
  "fwhm_z": 3.928551024390244,
  "icvs_csf": 0.18892677155967127,
  "icvs_gm": 0.4227514106157555,
  "icvs_wm": 0.38832181782457326,
  "inu_med": 1.2282240390777588,
  "inu_range": 0.40916441679000837,
  "provenance": {
    "md5sum": "5232cdd3a521535bb6f39c6b59614bd1",
    "settings": {
      "testing": false
    },
    "software": "mriqc",
    "version": "22.0.0rc1",
    "warnings": {
      "large_rot_frame": true,
      "small_air_mask": false
    },
    "webapi_port": null,
    "webapi_url": "https://mriqc.nimh.nih.gov/api/v1"
  },
  "qi_1": 0.0006828843100565344,
  "qi_2": 0.0009761289422199092,
  "rpve_csf": 22.01662998773838,
  "rpve_gm": 10.875532185609991,
  "rpve_wm": 14.049738520386631,
  "size_x": 256,
  "size_y": 256,
  "size_z": 256,
  "snr_csf": 3.001239999087911,
  "snr_gm": 9.953421236224719,
  "snr_total": 10.94140695994106,
  "snr_wm": 19.869559644510552,
  "snrd_csf": 39.73788639303879,
  "snrd_gm": 75.26736543706632,
  "snrd_total": 70.01036325692642,
  "snrd_wm": 95.02583794067417,
  "spacing_x": 0.800000011920929,
  "spacing_y": 0.80078125,
  "spacing_z": 0.80078125,
  "summary_bg_k": 165.97383017687494,
  "summary_bg_mad": 6.894806257415664,
  "summary_bg_mean": 13.480780867955662,
  "summary_bg_median": 11.515464752912521,
  "summary_bg_n": 2833199.0,
  "summary_bg_p05": 2.2883295342326164,
  "summary_bg_p95": 30.11736935377121,
  "summary_bg_stdv": 11.890858673055147,
  "summary_csf_k": 6.313674409637285,
  "summary_csf_mad": 159.56551624304822,
  "summary_csf_mean": 429.9308362040646,
  "summary_csf_median": 418.210676651448,
  "summary_csf_n": 32282.0,
  "summary_csf_p05": 232.37617334723473,
  "summary_csf_p95": 645.3827457353473,
  "summary_csf_stdv": 139.34380431727044,
  "summary_gm_k": 0.09499140197303779,
  "summary_gm_mad": 77.59393073821755,
  "summary_gm_mean": 795.8745106065013,
  "summary_gm_median": 792.1311042532325,
  "summary_gm_n": 56836.0,
  "summary_gm_p05": 671.1449072659016,
  "summary_gm_p95": 935.0409745201468,
  "summary_gm_stdv": 79.58310181541702,
  "summary_wm_k": 0.559423412724263,
  "summary_wm_mad": 47.49755421775235,
  "summary_wm_mean": 999.6473592352783,
  "summary_wm_median": 1000.0738235414028,
  "summary_wm_n": 461035.0,
  "summary_wm_p05": 916.069984510541,
  "summary_wm_p95": 1080.75589389354,
  "summary_wm_stdv": 50.33190251001292,
  "tpm_overlap_csf": 0.16110524535179138,
  "tpm_overlap_gm": 0.4294297397136688,
  "tpm_overlap_wm": 0.49387165904045105,
  "wm2max": 0.6179700518521463
}