{
  "bids_meta": {
    "BandwidthPerPixelPhaseEncode": null,
    "Columns": 256,
    "EchoTime": 0.00194,
    "EchoTrainLength": 1,
    "FlipAngle": 8.0,
    "ImageType": "ORIGINAL/PRIMARY/M/ND/NORM",
    "ImagingFrequency": 123.191097,
    "InplanePhaseEncodingDirection": "ROW",
    "InversionTime": 1.0,
    "MRAcquisitionType": "3D",
    "MagneticFieldStrength": 3.0,
    "Manufacturer": "SIEMENS",
    "ManufacturersModelName": "Skyra",
    "NumberOfAverages": 1.0,
    "NumberOfEchoes": null,
    "NumberOfPhaseEncodingSteps": 282,
    "PATModeText": "p2",
    "PercentPhaseFieldOfView": 100.0,
    "PhaseEncodingDirection": "i-",
    "PixelBandwidth": 270.0,
    "PixelSpacing": [
      0.80078125,
      0.80078125
    ],
    "RealDwellTime": 7200,
    "RepetitionTime": 2.4,
    "Rows": 256,
    "ScanOptions": [
      "IR",
      "WE"
    ],
    "ScanningSequence": [
      "GR",
      "IR"
    ],
    "SequenceName": "*tfl3d1_16ns",
    "SequenceVariant": [
      "SK",
      "SP",
      "MP",
      "OSP"
    ],
    "SeriesDate": "18740321",
    "SeriesDescription": "T1w_MPR1_PMC",
    "SeriesNumber": 5,
    "SeriesTime": "155859.202000",
    "SliceThickness": 0.80000001192093,
    "SliceTiming": null,
    "SpacingBetweenSlices": null,
    "StudyID": "1",
    "StudyTime": "153337.431000",
    "dataset": "ds000053",
    "modality": "T1w",
    "subject_id": "048"
  },
  "cjv": 0.5048669425126989,
  "cnr": 2.584374728485079,
  "efc": 0.6373818215991707,
  "fber": 2642.139566369825,
  "fwhm_avg": 3.7567411602098812,
  "fwhm_x": 3.755124944044278,
  "fwhm_y": 3.654356292682927,
  "fwhm_z": 3.8607422439024393,
  "icvs_csf": 0.16359769883988937,
  "icvs_gm": 0.45097637053078427,
  "icvs_wm": 0.38542593062932634,
  "inu_med": 1.2658746242523193,
  "inu_range": 0.484798789024353,
  "provenance": {
    "md5sum": "c0873f0fe0125076bccfaec1241abe1a",
    "settings": {
      "testing": false
    },
    "software": "mriqc",
    "version": "22.0.0rc1",
    "warnings": {
      "large_rot_frame": true,
      "small_air_mask": false
    },
    "webapi_port": null,
    "webapi_url": "https://mriqc.nimh.nih.gov/api/v1"
  },
  "qi_1": 3.552364599201235e-05,
  "qi_2": 0.0015391272287968855,
  "rpve_csf": 23.524760958174927,
  "rpve_gm": 9.95393930543579,
  "rpve_wm": 13.209397558401166,
  "size_x": 256,
  "size_y": 256,
  "size_z": 256,
  "snr_csf": 2.162583658096063,
  "snr_gm": 10.97837634915741,
  "snr_total": 10.651271320681355,
  "snr_wm": 18.812853954790594,
  "snrd_csf": 56.01220487689264,
  "snrd_gm": 90.32226395277522,
  "snrd_total": 87.80163158333114,
  "snrd_wm": 117.07042592032555,
  "spacing_x": 0.800000011920929,
  "spacing_y": 0.80078125,
  "spacing_z": 0.80078125,
  "summary_bg_k": 7.182993248019379,
  "summary_bg_mad": 5.59642834779891,
  "summary_bg_mean": 10.68321803275692,
  "summary_bg_median": 9.37595109641552,
  "summary_bg_n": 2822465.0,
  "summary_bg_p05": 1.8873667791485786,
  "summary_bg_p95": 23.62252613902092,
  "summary_bg_stdv": 7.196555974204335,
  "summary_csf_k": 26.066741523783147,
  "summary_csf_mad": 142.6186578955206,
  "summary_csf_mean": 477.78253196527004,
  "summary_csf_median": 478.4779199138284,
  "summary_csf_n": 37807.0,
  "summary_csf_p05": 240.30440894514322,
  "summary_csf_p95": 666.5448870360851,
  "summary_csf_stdv": 221.24998040170578,
  "summary_gm_k": 0.4043294148379504,
  "summary_gm_mad": 66.16422546671937,
  "summary_gm_mean": 772.6852547497531,
  "summary_gm_median": 771.5677158758044,
  "summary_gm_n": 87458.0,
  "summary_gm_p05": 660.5174899026752,
  "summary_gm_p95": 893.5859781477596,
  "summary_gm_stdv": 70.28027462792528,
  "summary_wm_k": 0.6822296262078749,
  "summary_wm_mad": 49.19441047661945,
  "summary_wm_mean": 998.9703223898138,
  "summary_wm_median": 1000.0608617514372,
  "summary_wm_n": 468628.0,
  "summary_wm_p05": 909.1019595563412,
  "summary_wm_p95": 1083.5920624285936,
  "summary_wm_stdv": 53.15832447032392,
  "tpm_overlap_csf": 0.16148719191551208,
  "tpm_overlap_gm": 0.4464864432811737,
  "tpm_overlap_wm": 0.5064145922660828,
  "wm2max": 0.4545003657225468
}