{
  "bids_meta": {
    "BandwidthPerPixelPhaseEncode": null,
    "Columns": 256,
    "EchoTime": 0.00194,
    "EchoTrainLength": 1,
    "FlipAngle": 8.0,
    "ImageType": "ORIGINAL/PRIMARY/M/ND/NORM",
    "ImagingFrequency": 123.192838,
    "InplanePhaseEncodingDirection": "ROW",
    "InversionTime": 1.0,
    "MRAcquisitionType": "3D",
    "MagneticFieldStrength": 3.0,
    "Manufacturer": "SIEMENS",
    "ManufacturersModelName": "Skyra",
    "NumberOfAverages": 1.0,
    "NumberOfEchoes": null,
    "NumberOfPhaseEncodingSteps": 282,
    "PATModeText": "p2",
    "PercentPhaseFieldOfView": 100.0,
    "PhaseEncodingDirection": "i-",
    "PixelBandwidth": 270.0,
    "PixelSpacing": [
      0.80078125,
      0.80078125
    ],
    "RealDwellTime": 7200,
    "RepetitionTime": 2.4,
    "Rows": 256,
    "ScanOptions": [
      "IR",
      "WE"
    ],
    "ScanningSequence": [
      "GR",
      "IR"
    ],
    "SequenceName": "*tfl3d1_16ns",
    "SequenceVariant": [
      "SK",
      "SP",
      "MP",
      "OSP"
    ],
    "SeriesDate": "18740131",
    "SeriesDescription": "T1w_MPR1_PMC",
    "SeriesNumber": 5,
    "SeriesTime": "141049.739000",
    "SliceThickness": 0.80000001192093,
    "SliceTiming": null,
    "SpacingBetweenSlices": null,
    "StudyID": "1",
    "StudyTime": "134622.809000",
    "dataset": "ds000053",
    "modality": "T1w",
    "subject_id": "004"
  },
  "cjv": 0.6024847705988556,
  "cnr": 2.190937570463123,
  "efc": 0.6782496391102345,
  "fber": 2622.237982796424,
  "fwhm_avg": 3.664975258236518,
  "fwhm_x": 3.6613749454412616,
  "fwhm_y": 3.604042926829268,
  "fwhm_z": 3.7295079024390243,
  "icvs_csf": 0.1665266284362883,
  "icvs_gm": 0.4549977286068224,
  "icvs_wm": 0.3784756429568893,
  "inu_med": 1.1771552562713623,
  "inu_range": 0.47024682760238645,
  "provenance": {
    "md5sum": "513f90e07664b049765caec366bea903",
    "settings": {
      "testing": false
    },
    "software": "mriqc",
    "version": "22.0.0rc1",
    "warnings": {
      "large_rot_frame": true,
      "small_air_mask": false
    },
    "webapi_port": null,
    "webapi_url": "https://mriqc.nimh.nih.gov/api/v1"
  },
  "qi_1": 0.0002753389642142698,
  "qi_2": 0.0008114935944920617,
  "rpve_csf": 23.49498409003922,
  "rpve_gm": 9.996733565238685,
  "rpve_wm": 13.503479538075183,
  "size_x": 256,
  "size_y": 256,
  "size_z": 256,
  "snr_csf": 2.337912760650762,
  "snr_gm": 10.633682882673632,
  "snr_total": 9.512047672923645,
  "snr_wm": 15.564547375446539,
  "snrd_csf": 31.147346586767455,
  "snrd_gm": 66.41713610413649,
  "snrd_total": 60.751696015632184,
  "snrd_wm": 84.69060535599262,
  "spacing_x": 0.800000011920929,
  "spacing_y": 0.80078125,
  "spacing_z": 0.80078125,
  "summary_bg_k": 20.98977991881627,
  "summary_bg_mad": 7.736136361045554,
  "summary_bg_mean": 14.269235942129193,
  "summary_bg_median": 11.51765838265419,
  "summary_bg_n": 3309072.0,
  "summary_bg_p05": 3.0544066429138184,
  "summary_bg_p95": 34.55297514796257,
  "summary_bg_stdv": 11.481554312820625,
  "summary_csf_k": 20.159578462115803,
  "summary_csf_mad": 128.96705372621062,
  "summary_csf_mean": 401.94528844463457,
  "summary_csf_median": 367.8014665842056,
  "summary_csf_n": 28180.0,
  "summary_csf_p05": 226.21699199080467,
  "summary_csf_p95": 654.8552392199636,
  "summary_csf_stdv": 157.31764965131308,
  "summary_gm_k": 0.7333495399120595,
  "summary_gm_mad": 68.77613911222205,
  "summary_gm_mean": 786.1838388359472,
  "summary_gm_median": 784.2825390398502,
  "summary_gm_n": 82462.0,
  "summary_gm_p05": 670.4422581195831,
  "summary_gm_p95": 912.7585184574127,
  "summary_gm_stdv": 73.75410685656615,
  "summary_wm_k": 0.7231670148438942,
  "summary_wm_mad": 61.228689003884924,
  "summary_wm_mean": 1001.5489169037352,
  "summary_wm_median": 1000.063641667366,
  "summary_wm_n": 446558.0,
  "summary_wm_p05": 899.3954893946648,
  "summary_wm_p95": 1107.4769419431686,
  "summary_wm_stdv": 64.2525926258364,
  "tpm_overlap_csf": 0.1735539585351944,
  "tpm_overlap_gm": 0.45453596115112305,
  "tpm_overlap_wm": 0.4951980710029602,
  "wm2max": 0.4784461763273259
}