{
  "bids_meta": {
    "BandwidthPerPixelPhaseEncode": null,
    "Columns": 256,
    "EchoTime": 0.00194,
    "EchoTrainLength": 1,
    "FlipAngle": 8.0,
    "ImageType": "ORIGINAL/PRIMARY/M/ND/NORM",
    "ImagingFrequency": 123.190777,
    "InplanePhaseEncodingDirection": "ROW",
    "InversionTime": 1.0,
    "MRAcquisitionType": "3D",
    "MagneticFieldStrength": 3.0,
    "Manufacturer": "SIEMENS",
    "ManufacturersModelName": "Skyra",
    "NumberOfAverages": 1.0,
    "NumberOfEchoes": null,
    "NumberOfPhaseEncodingSteps": 282,
    "PATModeText": "p2",
    "PercentPhaseFieldOfView": 100.0,
    "PhaseEncodingDirection": "i-",
    "PixelBandwidth": 270.0,
    "PixelSpacing": [
      0.80078125,
      0.80078125
    ],
    "RealDwellTime": 7200,
    "RepetitionTime": 2.4,
    "Rows": 256,
    "ScanOptions": [
      "IR",
      "WE"
    ],
    "ScanningSequence": [
      "GR",
      "IR"
    ],
    "SequenceName": "*tfl3d1_16ns",
    "SequenceVariant": [
      "SK",
      "SP",
      "MP",
      "OSP"
    ],
    "SeriesDate": "18740414",
    "SeriesDescription": "T1w_MPR1_PMC",
    "SeriesNumber": 5,
    "SeriesTime": "153827.474000",
    "SliceThickness": 0.80000001192093,
    "SliceTiming": null,
    "SpacingBetweenSlices": null,
    "StudyID": "1",
    "StudyTime": "152905.151000",
    "dataset": "ds000053",
    "modality": "T1w",
    "subject_id": "032"
  },
  "cjv": 0.5824508715557722,
  "cnr": 2.2018362988653406,
  "efc": 0.6356486235325312,
  "fber": 3422.758714555766,
  "fwhm_avg": 3.911035687784631,
  "fwhm_x": 3.9323999414026742,
  "fwhm_y": 3.840774243902439,
  "fwhm_z": 3.9599328780487806,
  "icvs_csf": 0.16939752644752346,
  "icvs_gm": 0.44056825371100816,
  "icvs_wm": 0.39003421984146835,
  "inu_med": 1.364511251449585,
  "inu_range": 0.5603175938129425,
  "provenance": {
    "md5sum": "8c92adb5f73b3374e2099299b2006737",
    "settings": {
      "testing": false
    },
    "software": "mriqc",
    "version": "22.0.0rc1",
    "warnings": {
      "large_rot_frame": true,
      "small_air_mask": false
    },
    "webapi_port": null,
    "webapi_url": "https://mriqc.nimh.nih.gov/api/v1"
  },
  "qi_1": 0.0,
  "qi_2": 0.0011976380696248643,
  "rpve_csf": 22.976246604438295,
  "rpve_gm": 9.998670600685927,
  "rpve_wm": 12.92117344856933,
  "size_x": 256,
  "size_y": 256,
  "size_z": 256,
  "snr_csf": 2.7430623447874907,
  "snr_gm": 9.32907286946777,
  "snr_total": 9.950382954176682,
  "snr_wm": 17.779013648274784,
  "snrd_csf": 43.89560156261878,
  "snrd_gm": 82.72963683183582,
  "snrd_total": 77.65850597627725,
  "snrd_wm": 106.3502795343772,
  "spacing_x": 0.800000011920929,
  "spacing_y": 0.80078125,
  "spacing_z": 0.80078125,
  "summary_bg_k": 10.6525547695604,
  "summary_bg_mad": 6.1605077454359085,
  "summary_bg_mean": 10.942300500852214,
  "summary_bg_median": 9.33570758625865,
  "summary_bg_n": 3688165.0,
  "summary_bg_p05": 2.050617851316929,
  "summary_bg_p95": 24.12174156680703,
  "summary_bg_stdv": 7.654407875078507,
  "summary_csf_k": 6.4531617375738435,
  "summary_csf_mad": 166.01368275038325,
  "summary_csf_mean": 439.7787827709496,
  "summary_csf_median": 412.7677880190313,
  "summary_csf_n": 34060.0,
  "summary_csf_p05": 240.7830084653571,
  "summary_csf_p95": 680.8590902648866,
  "summary_csf_stdv": 150.47478936724596,
  "summary_gm_k": 0.43202780296827115,
  "summary_gm_mad": 76.96634352090058,
  "summary_gm_mean": 785.5226849745137,
  "summary_gm_median": 777.9396564364433,
  "summary_gm_n": 75033.0,
  "summary_gm_p05": 662.8892022520304,
  "summary_gm_p95": 943.1978698015209,
  "summary_gm_stdv": 83.38818694211025,
  "summary_wm_k": 0.7607260252559338,
  "summary_wm_mad": 52.40431913325351,
  "summary_wm_mean": 999.9213859582271,
  "summary_wm_median": 1000.0539479106665,
  "summary_wm_n": 486982.0,
  "summary_wm_p05": 907.1825446970761,
  "summary_wm_p95": 1090.5509515069425,
  "summary_wm_stdv": 56.249066506554875,
  "tpm_overlap_csf": 0.1683112233877182,
  "tpm_overlap_gm": 0.4369342029094696,
  "tpm_overlap_wm": 0.5080609917640686,
  "wm2max": 0.5642259095752779
}