{
  "bids_meta": {
    "BandwidthPerPixelPhaseEncode": null,
    "Columns": 256,
    "EchoTime": 0.00194,
    "EchoTrainLength": 1,
    "FlipAngle": 8.0,
    "ImageType": "ORIGINAL/PRIMARY/M/ND/NORM",
    "ImagingFrequency": 123.190812,
    "InplanePhaseEncodingDirection": "ROW",
    "InversionTime": 1.0,
    "MRAcquisitionType": "3D",
    "MagneticFieldStrength": 3.0,
    "Manufacturer": "SIEMENS",
    "ManufacturersModelName": "Skyra",
    "NumberOfAverages": 1.0,
    "NumberOfEchoes": null,
    "NumberOfPhaseEncodingSteps": 282,
    "PATModeText": "p2",
    "PercentPhaseFieldOfView": 100.0,
    "PhaseEncodingDirection": "i-",
    "PixelBandwidth": 270.0,
    "PixelSpacing": [
      0.80078125,
      0.80078125
    ],
    "RealDwellTime": 7200,
    "RepetitionTime": 2.4,
    "Rows": 256,
    "ScanOptions": [
      "IR",
      "WE"
    ],
    "ScanningSequence": [
      "GR",
      "IR"
    ],
    "SequenceName": "*tfl3d1_16ns",
    "SequenceVariant": [
      "SK",
      "SP",
      "MP",
      "OSP"
    ],
    "SeriesDate": "18740430",
    "SeriesDescription": "T1w_MPR1_PMC",
    "SeriesNumber": 5,
    "SeriesTime": "133755.005000",
    "SliceThickness": 0.80000001192093,
    "SliceTiming": null,
    "SpacingBetweenSlices": null,
    "StudyID": "1",
    "StudyTime": "131137.696000",
    "dataset": "ds000053",
    "modality": "T1w",
    "subject_id": "040"
  },
  "cjv": 0.6896218319220343,
  "cnr": 1.9128295511483213,
  "efc": 0.6135700246397666,
  "fber": 3844.5688283814493,
  "fwhm_avg": 3.7743834404890078,
  "fwhm_x": 3.797137443418243,
  "fwhm_y": 3.699724487804878,
  "fwhm_z": 3.826288390243903,
  "icvs_csf": 0.17808354141690175,
  "icvs_gm": 0.4229004019246496,
  "icvs_wm": 0.39901605665844864,
  "inu_med": 1.2934989929199219,
  "inu_range": 0.5140286982059479,
  "provenance": {
    "md5sum": "69eaa073eb33d931949f78e77e1af3f2",
    "settings": {
      "testing": false
    },
    "software": "mriqc",
    "version": "22.0.0rc1",
    "warnings": {
      "large_rot_frame": true,
      "small_air_mask": false
    },
    "webapi_port": null,
    "webapi_url": "https://mriqc.nimh.nih.gov/api/v1"
  },
  "qi_1": 0.0,
  "qi_2": 0.001341626800841107,
  "rpve_csf": 21.601236952091824,
  "rpve_gm": 10.106966767141808,
  "rpve_wm": 12.64663483840745,
  "size_x": 256,
  "size_y": 256,
  "size_z": 256,
  "snr_csf": 2.9640970733146106,
  "snr_gm": 9.668340062491488,
  "snr_total": 9.787965872171407,
  "snr_wm": 16.731460480708122,
  "snrd_csf": 38.80699245237907,
  "snrd_gm": 86.68771469513659,
  "snrd_total": 77.78952737568608,
  "snrd_wm": 107.87387497954258,
  "spacing_x": 0.800000011920929,
  "spacing_y": 0.80078125,
  "spacing_z": 0.80078125,
  "summary_bg_k": 72.70467040376533,
  "summary_bg_mad": 6.073510743600212,
  "summary_bg_mean": 11.317716739247329,
  "summary_bg_median": 10.1010100543499,
  "summary_bg_n": 5043634.0,
  "summary_bg_p05": 2.076318733394146,
  "summary_bg_p95": 24.91582480072975,
  "summary_bg_stdv": 7.8391511152688755,
  "summary_csf_k": 0.43259905540179666,
  "summary_csf_mad": 109.40639216211342,
  "summary_csf_mean": 385.4215092744426,
  "summary_csf_median": 359.7643081024289,
  "summary_csf_n": 30829.0,
  "summary_csf_p05": 227.6655432805419,
  "summary_csf_p95": 621.604935400188,
  "summary_csf_stdv": 121.37202808171628,
  "summary_gm_k": 0.34204007574242157,
  "summary_gm_mad": 78.45644700294521,
  "summary_gm_mean": 808.1033096505072,
  "summary_gm_median": 803.6475832685828,
  "summary_gm_n": 58976.0,
  "summary_gm_p05": 679.1245759874582,
  "summary_gm_p95": 955.8361347541213,
  "summary_gm_stdv": 83.12086301279072,
  "summary_wm_k": 0.6750287014325251,
  "summary_wm_mad": 56.99116245707049,
  "summary_wm_mean": 1000.4395143089821,
  "summary_wm_median": 1000.0561121031642,
  "summary_wm_n": 509195.0,
  "summary_wm_p05": 903.366999194026,
  "summary_wm_p95": 1097.6992092952132,
  "summary_wm_stdv": 59.770940573812545,
  "tpm_overlap_csf": 0.1703764945268631,
  "tpm_overlap_gm": 0.41794851422309875,
  "tpm_overlap_wm": 0.49767550826072693,
  "wm2max": 0.5683804299291957
}