{
  "bids_meta": {
    "BandwidthPerPixelPhaseEncode": null,
    "Columns": 256,
    "EchoTime": 0.00194,
    "EchoTrainLength": 1,
    "FlipAngle": 8.0,
    "ImageType": "ORIGINAL/PRIMARY/M/ND/NORM",
    "ImagingFrequency": 123.191003,
    "InplanePhaseEncodingDirection": "ROW",
    "InversionTime": 1.0,
    "MRAcquisitionType": "3D",
    "MagneticFieldStrength": 3.0,
    "Manufacturer": "SIEMENS",
    "ManufacturersModelName": "Skyra",
    "NumberOfAverages": 1.0,
    "NumberOfEchoes": null,
    "NumberOfPhaseEncodingSteps": 282,
    "PATModeText": "p2",
    "PercentPhaseFieldOfView": 100.0,
    "PhaseEncodingDirection": "i-",
    "PixelBandwidth": 270.0,
    "PixelSpacing": [
      0.80078125,
      0.80078125
    ],
    "RealDwellTime": 7200,
    "RepetitionTime": 2.4,
    "Rows": 256,
    "ScanOptions": [
      "IR",
      "WE"
    ],
    "ScanningSequence": [
      "GR",
      "IR"
    ],
    "SequenceName": "*tfl3d1_16ns",
    "SequenceVariant": [
      "SK",
      "SP",
      "MP",
      "OSP"
    ],
    "SeriesDate": "18740325",
    "SeriesDescription": "T1w_MPR1_PMC",
    "SeriesNumber": 9,
    "SeriesTime": "114823.641000",
    "SliceThickness": 0.80000001192093,
    "SliceTiming": null,
    "SpacingBetweenSlices": null,
    "StudyID": "1",
    "StudyTime": "112253.509000",
    "dataset": "ds000053",
    "modality": "T1w",
    "subject_id": "021"
  },
  "cjv": 0.5594229805875875,
  "cnr": 2.359021800017363,
  "efc": 0.6042011361361849,
  "fber": 3654.268928873325,
  "fwhm_avg": 3.8027206072471302,
  "fwhm_x": 3.7787249436926107,
  "fwhm_y": 3.7970669268292685,
  "fwhm_z": 3.8323699512195124,
  "icvs_csf": 0.1765820107066899,
  "icvs_gm": 0.4419306923151334,
  "icvs_wm": 0.3814872969781767,
  "inu_med": 1.296201467514038,
  "inu_range": 0.48304153680801387,
  "provenance": {
    "md5sum": "2cb452ffb31329805428253bf16a55ad",
    "settings": {
      "testing": false
    },
    "software": "mriqc",
    "version": "22.0.0rc1",
    "warnings": {
      "large_rot_frame": true,
      "small_air_mask": false
    },
    "webapi_port": null,
    "webapi_url": "https://mriqc.nimh.nih.gov/api/v1"
  },
  "qi_1": 0.0,
  "qi_2": 0.0020116785718329606,
  "rpve_csf": 23.787623148570553,
  "rpve_gm": 10.81536297229599,
  "rpve_wm": 14.498355885094927,
  "size_x": 256,
  "size_y": 256,
  "size_z": 256,
  "snr_csf": 1.9516606382543202,
  "snr_gm": 10.083947006070305,
  "snr_total": 9.770611342578993,
  "snr_wm": 17.27622638341235,
  "snrd_csf": 41.14580562213629,
  "snrd_gm": 83.48686792167616,
  "snrd_total": 77.55163375388209,
  "snrd_wm": 108.02222771783384,
  "spacing_x": 0.800000011920929,
  "spacing_y": 0.80078125,
  "spacing_z": 0.80078125,
  "summary_bg_k": 6.621591875395794,
  "summary_bg_mad": 6.065236099147413,
  "summary_bg_mean": 10.341161865587988,
  "summary_bg_median": 9.321977078914642,
  "summary_bg_n": 3993432.0,
  "summary_bg_p05": 2.07900208234787,
  "summary_bg_p95": 22.600764572620392,
  "summary_bg_stdv": 6.765572440400244,
  "summary_csf_k": 30.20651624275216,
  "summary_csf_mad": 131.8443125814667,
  "summary_csf_mean": 416.7712824262796,
  "summary_csf_median": 380.926833152771,
  "summary_csf_n": 29657.0,
  "summary_csf_p05": 223.8615790605545,
  "summary_csf_p95": 655.7574955224991,
  "summary_csf_stdv": 195.17758539802048,
  "summary_gm_k": 0.5081213451332434,
  "summary_gm_mad": 73.57827398965713,
  "summary_gm_mean": 777.4144545162255,
  "summary_gm_median": 772.9193225502968,
  "summary_gm_n": 68518.0,
  "summary_gm_p05": 661.917377498746,
  "summary_gm_p95": 911.6088808178902,
  "summary_gm_stdv": 76.64793178699514,
  "summary_wm_k": 0.7311773785525886,
  "summary_wm_mad": 53.49339379248046,
  "summary_wm_mean": 1001.5857085995091,
  "summary_wm_median": 1000.067066192627,
  "summary_wm_n": 421185.0,
  "summary_wm_p05": 908.7251037359238,
  "summary_wm_p95": 1098.1154869794846,
  "summary_wm_stdv": 57.88682417045169,
  "tpm_overlap_csf": 0.18108777701854706,
  "tpm_overlap_gm": 0.4465499818325043,
  "tpm_overlap_wm": 0.5074955821037292,
  "wm2max": 0.6352019083319135
}