{
  "bids_meta": {
    "BandwidthPerPixelPhaseEncode": null,
    "Columns": 256,
    "EchoTime": 0.00194,
    "EchoTrainLength": 1,
    "FlipAngle": 8.0,
    "ImageType": "ORIGINAL/PRIMARY/M/ND/NORM",
    "ImagingFrequency": 123.190798,
    "InplanePhaseEncodingDirection": "ROW",
    "InversionTime": 1.0,
    "MRAcquisitionType": "3D",
    "MagneticFieldStrength": 3.0,
    "Manufacturer": "SIEMENS",
    "ManufacturersModelName": "Skyra",
    "NumberOfAverages": 1.0,
    "NumberOfEchoes": null,
    "NumberOfPhaseEncodingSteps": 282,
    "PATModeText": "p2",
    "PercentPhaseFieldOfView": 100.0,
    "PhaseEncodingDirection": "i-",
    "PixelBandwidth": 270.0,
    "PixelSpacing": [
      0.80078125,
      0.80078125
    ],
    "RealDwellTime": 7200,
    "RepetitionTime": 2.4,
    "Rows": 256,
    "ScanOptions": [
      "IR",
      "WE"
    ],
    "ScanningSequence": [
      "GR",
      "IR"
    ],
    "SequenceName": "*tfl3d1_16ns",
    "SequenceVariant": [
      "SK",
      "SP",
      "MP",
      "OSP"
    ],
    "SeriesDate": "18740408",
    "SeriesDescription": "T1w_MPR1_PMC",
    "SeriesNumber": 5,
    "SeriesTime": "095208.507000",
    "SliceThickness": 0.80000001192093,
    "SliceTiming": null,
    "SpacingBetweenSlices": null,
    "StudyID": "1",
    "StudyTime": "094253.533000",
    "dataset": "ds000053",
    "modality": "T1w",
    "subject_id": "054"
  },
  "cjv": 0.5523356584437064,
  "cnr": 2.4048976493787655,
  "efc": 0.616180742466205,
  "fber": 6056.315828802597,
  "fwhm_avg": 3.825000871571071,
  "fwhm_x": 3.759337443981507,
  "fwhm_y": 3.7868269268292685,
  "fwhm_z": 3.928838243902439,
  "icvs_csf": 0.17198710897966443,
  "icvs_gm": 0.4524926750629188,
  "icvs_wm": 0.37552021595741675,
  "inu_med": 1.2153582572937012,
  "inu_range": 0.49640458822250344,
  "provenance": {
    "md5sum": "73b5df98741b3c99970031ce37559d8a",
    "settings": {
      "testing": false
    },
    "software": "mriqc",
    "version": "22.0.0rc1",
    "warnings": {
      "large_rot_frame": true,
      "small_air_mask": false
    },
    "webapi_port": null,
    "webapi_url": "https://mriqc.nimh.nih.gov/api/v1"
  },
  "qi_1": 0.0,
  "qi_2": 0.0017139969596227846,
  "rpve_csf": 23.474560054190597,
  "rpve_gm": 10.312527002566611,
  "rpve_wm": 13.976367498672332,
  "size_x": 256,
  "size_y": 256,
  "size_z": 256,
  "snr_csf": 2.7849820352492567,
  "snr_gm": 11.089072197588512,
  "snr_total": 10.087912590692055,
  "snr_wm": 16.38968353923839,
  "snrd_csf": 44.59813944556537,
  "snrd_gm": 101.77392763769743,
  "snrd_total": 92.49652413250755,
  "snrd_wm": 131.11750531425983,
  "spacing_x": 0.800000011920929,
  "spacing_y": 0.80078125,
  "spacing_z": 0.80078125,
  "summary_bg_k": 11.012215696970111,
  "summary_bg_mad": 4.996803435259528,
  "summary_bg_mean": 8.665506957155133,
  "summary_bg_median": 7.766326658427715,
  "summary_bg_n": 4574550.0,
  "summary_bg_p05": 1.7584135830402374,
  "summary_bg_p95": 19.440239056944847,
  "summary_bg_stdv": 6.134650834593226,
  "summary_csf_k": 0.33484367317595654,
  "summary_csf_mad": 117.93180281623393,
  "summary_csf_mean": 366.7298586041404,
  "summary_csf_median": 340.1553386747837,
  "summary_csf_n": 25180.0,
  "summary_csf_p05": 210.76296361498535,
  "summary_csf_p95": 594.0018773153424,
  "summary_csf_stdv": 122.13672469981317,
  "summary_gm_k": 0.43004431507493246,
  "summary_gm_mad": 65.32053186382745,
  "summary_gm_mean": 777.9914604853577,
  "summary_gm_median": 776.2419072687626,
  "summary_gm_n": 79455.0,
  "summary_gm_p05": 667.0737306550145,
  "summary_gm_p95": 899.9658407643437,
  "summary_gm_stdv": 70.0001775290676,
  "summary_wm_k": 0.363977185097736,
  "summary_wm_mad": 58.29604007802782,
  "summary_wm_mean": 998.8480989116786,
  "summary_wm_median": 1000.0488805323839,
  "summary_wm_n": 407787.0,
  "summary_wm_p05": 895.3744275197387,
  "summary_wm_p95": 1096.6150931343436,
  "summary_wm_stdv": 61.01689834017754,
  "tpm_overlap_csf": 0.15319053828716278,
  "tpm_overlap_gm": 0.4335528314113617,
  "tpm_overlap_wm": 0.4835112690925598,
  "wm2max": 0.6630227509679845
}