{
  "bids_meta": {
    "BandwidthPerPixelPhaseEncode": null,
    "Columns": 256,
    "EchoTime": 0.00194,
    "EchoTrainLength": 1,
    "FlipAngle": 8.0,
    "ImageType": "ORIGINAL/PRIMARY/M/ND/NORM",
    "ImagingFrequency": 123.191164,
    "InplanePhaseEncodingDirection": "ROW",
    "InversionTime": 1.0,
    "MRAcquisitionType": "3D",
    "MagneticFieldStrength": 3.0,
    "Manufacturer": "SIEMENS",
    "ManufacturersModelName": "Skyra",
    "NumberOfAverages": 1.0,
    "NumberOfEchoes": null,
    "NumberOfPhaseEncodingSteps": 282,
    "PATModeText": "p2",
    "PercentPhaseFieldOfView": 100.0,
    "PhaseEncodingDirection": "i-",
    "PixelBandwidth": 270.0,
    "PixelSpacing": [
      0.80078125,
      0.80078125
    ],
    "RealDwellTime": 7200,
    "RepetitionTime": 2.4,
    "Rows": 256,
    "ScanOptions": [
      "IR",
      "WE"
    ],
    "ScanningSequence": [
      "GR",
      "IR"
    ],
    "SequenceName": "*tfl3d1_16ns",
    "SequenceVariant": [
      "SK",
      "SP",
      "MP",
      "OSP"
    ],
    "SeriesDate": "18740303",
    "SeriesDescription": "T1w_MPR1_PMC",
    "SeriesNumber": 5,
    "SeriesTime": "135301.489000",
    "SliceThickness": 0.80000001192093,
    "SliceTiming": null,
    "SpacingBetweenSlices": null,
    "StudyID": "2",
    "StudyTime": "134227.098000",
    "dataset": "ds000053",
    "modality": "T1w",
    "subject_id": "045"
  },
  "cjv": 0.6870129413755973,
  "cnr": 1.931092953740854,
  "efc": 0.6704847797674524,
  "fber": 2149.7254263331024,
  "fwhm_avg": 3.8980980376367866,
  "fwhm_x": 3.8803249421786528,
  "fwhm_y": 3.8488163902439023,
  "fwhm_z": 3.965152780487805,
  "icvs_csf": 0.19059501592732206,
  "icvs_gm": 0.4423036859399539,
  "icvs_wm": 0.367101298132724,
  "inu_med": 1.1927824020385742,
  "inu_range": 0.5232652723789215,
  "provenance": {
    "md5sum": "740683d8f44c5d04c84ed27eafe76011",
    "settings": {
      "testing": false
    },
    "software": "mriqc",
    "version": "22.0.0rc1",
    "warnings": {
      "large_rot_frame": true,
      "small_air_mask": false
    },
    "webapi_port": null,
    "webapi_url": "https://mriqc.nimh.nih.gov/api/v1"
  },
  "qi_1": 0.0,
  "qi_2": 0.0008288401432404583,
  "rpve_csf": 19.05733473386944,
  "rpve_gm": 9.062379527917553,
  "rpve_wm": 12.56104173171379,
  "size_x": 256,
  "size_y": 256,
  "size_z": 256,
  "snr_csf": 2.9895603553731647,
  "snr_gm": 9.357730705545055,
  "snr_total": 9.006402307032436,
  "snr_wm": 14.671915860179087,
  "snrd_csf": 30.03166244336088,
  "snrd_gm": 59.32276209349992,
  "snrd_total": 54.84801711272485,
  "snrd_wm": 75.18962680131375,
  "spacing_x": 0.800000011920929,
  "spacing_y": 0.80078125,
  "spacing_z": 0.80078125,
  "summary_bg_k": 14.160697561407197,
  "summary_bg_mad": 8.713595788296042,
  "summary_bg_mean": 16.336442719513915,
  "summary_bg_median": 13.060513436794281,
  "summary_bg_n": 3070505.0,
  "summary_bg_p05": 3.4828035831451416,
  "summary_bg_p95": 41.35829254984856,
  "summary_bg_stdv": 13.696746207494689,
  "summary_csf_k": -0.14808402052113845,
  "summary_csf_mad": 134.2539202937464,
  "summary_csf_mean": 418.51781326766917,
  "summary_csf_median": 399.4340359419584,
  "summary_csf_n": 38199.0,
  "summary_csf_p05": 229.10317320376635,
  "summary_csf_p95": 663.9094330370426,
  "summary_csf_stdv": 133.60787543853667,
  "summary_gm_k": 0.43210965266064116,
  "summary_gm_mad": 79.2291765195066,
  "summary_gm_mean": 794.9891608399485,
  "summary_gm_median": 789.0182680003345,
  "summary_gm_n": 69681.0,
  "summary_gm_p05": 667.3922366201878,
  "summary_gm_p95": 946.7239677496254,
  "summary_gm_stdv": 84.31666086167466,
  "summary_wm_k": 0.7677084569651718,
  "summary_wm_mad": 65.75537562464142,
  "summary_wm_mean": 1002.3937362303063,
  "summary_wm_median": 1000.0543976165354,
  "summary_wm_n": 483240.0,
  "summary_wm_p05": 895.7879653461277,
  "summary_wm_p95": 1115.8576167561114,
  "summary_wm_stdv": 68.16106174595727,
  "tpm_overlap_csf": 0.15894490480422974,
  "tpm_overlap_gm": 0.4429055452346802,
  "tpm_overlap_wm": 0.4833349287509918,
  "wm2max": 0.61840471639176
}