{
  "bids_meta": {
    "BandwidthPerPixelPhaseEncode": null,
    "Columns": 256,
    "EchoTime": 0.00194,
    "EchoTrainLength": 1,
    "FlipAngle": 8.0,
    "ImageType": "ORIGINAL/PRIMARY/M/ND/NORM",
    "ImagingFrequency": 123.192748,
    "InplanePhaseEncodingDirection": "ROW",
    "InversionTime": 1.0,
    "MRAcquisitionType": "3D",
    "MagneticFieldStrength": 3.0,
    "Manufacturer": "SIEMENS",
    "ManufacturersModelName": "Skyra",
    "NumberOfAverages": 1.0,
    "NumberOfEchoes": null,
    "NumberOfPhaseEncodingSteps": 282,
    "PATModeText": "p2",
    "PercentPhaseFieldOfView": 100.0,
    "PhaseEncodingDirection": "i-",
    "PixelBandwidth": 270.0,
    "PixelSpacing": [
      0.80078125,
      0.80078125
    ],
    "RealDwellTime": 7200,
    "RepetitionTime": 2.4,
    "Rows": 256,
    "ScanOptions": [
      "IR",
      "WE"
    ],
    "ScanningSequence": [
      "GR",
      "IR"
    ],
    "SequenceName": "*tfl3d1_16ns",
    "SequenceVariant": [
      "SK",
      "SP",
      "MP",
      "OSP"
    ],
    "SeriesDate": "18740205",
    "SeriesDescription": "T1w_MPR1_PMC",
    "SeriesNumber": 5,
    "SeriesTime": "095638.244000",
    "SliceThickness": 0.80000001192093,
    "SliceTiming": null,
    "SpacingBetweenSlices": null,
    "StudyID": "1",
    "StudyTime": "092728.200000",
    "dataset": "ds000053",
    "modality": "T1w",
    "subject_id": "006"
  },
  "cjv": 0.5036373872858493,
  "cnr": 2.6490039124197398,
  "efc": 0.6261676109888988,
  "fber": 1997.4981971372724,
  "fwhm_avg": 3.807283749255022,
  "fwhm_x": 3.8327874428870166,
  "fwhm_y": 3.7398727804878047,
  "fwhm_z": 3.849191024390244,
  "icvs_csf": 0.1805288004760442,
  "icvs_gm": 0.45037496123337956,
  "icvs_wm": 0.36909623829057625,
  "inu_med": 1.1986606121063232,
  "inu_range": 0.41836020946502694,
  "provenance": {
    "md5sum": "d70aa9d7112b9fb854bcf83f919e3f10",
    "settings": {
      "testing": false
    },
    "software": "mriqc",
    "version": "22.0.0rc1",
    "warnings": {
      "large_rot_frame": true,
      "small_air_mask": false
    },
    "webapi_port": null,
    "webapi_url": "https://mriqc.nimh.nih.gov/api/v1"
  },
  "qi_1": 0.0,
  "qi_2": 0.001634180004818651,
  "rpve_csf": 24.080627686058605,
  "rpve_gm": 10.93894614733703,
  "rpve_wm": 15.124341628346818,
  "size_x": 256,
  "size_y": 256,
  "size_z": 256,
  "snr_csf": 2.918203335897763,
  "snr_gm": 11.341075596635989,
  "snr_total": 10.983912783048522,
  "snr_wm": 18.692459416611815,
  "snrd_csf": 33.044704739425974,
  "snrd_gm": 72.06752467686984,
  "snrd_total": 66.24178284838511,
  "snrd_wm": 93.61311912885952,
  "spacing_x": 0.800000011920929,
  "spacing_y": 0.80078125,
  "spacing_z": 0.80078125,
  "summary_bg_k": 10.16472838129612,
  "summary_bg_mad": 6.998719112351221,
  "summary_bg_mean": 13.487864502532364,
  "summary_bg_median": 12.154096603393555,
  "summary_bg_n": 2966438.0,
  "summary_bg_p05": 3.3098209500312805,
  "summary_bg_p95": 28.97449815273285,
  "summary_bg_stdv": 8.891684195709104,
  "summary_csf_k": 1.5398171285262192,
  "summary_csf_mad": 114.87552749928211,
  "summary_csf_mean": 382.00075903555825,
  "summary_csf_median": 353.01139509677887,
  "summary_csf_n": 35733.0,
  "summary_csf_p05": 227.10797653198242,
  "summary_csf_p95": 596.2235496282578,
  "summary_csf_stdv": 120.96705227787827,
  "summary_gm_k": 0.1351565126268488,
  "summary_gm_mad": 66.60849913823921,
  "summary_gm_mean": 770.3214977149009,
  "summary_gm_median": 769.8860567212105,
  "summary_gm_n": 74789.0,
  "summary_gm_p05": 661.0417808890343,
  "summary_gm_p95": 884.5143803119655,
  "summary_gm_stdv": 67.88429396223039,
  "summary_wm_k": 0.7005969550181663,
  "summary_wm_mad": 49.31281397553217,
  "summary_wm_mean": 998.8499942440469,
  "summary_wm_median": 1000.0542611479759,
  "summary_wm_n": 408767.0,
  "summary_wm_p05": 908.5729804635048,
  "summary_wm_p95": 1083.9934908151627,
  "summary_wm_stdv": 53.500345545830136,
  "tpm_overlap_csf": 0.1716487854719162,
  "tpm_overlap_gm": 0.4352617561817169,
  "tpm_overlap_wm": 0.4873417615890503,
  "wm2max": 0.5875358622888109
}