{
  "bids_meta": {
    "BandwidthPerPixelPhaseEncode": null,
    "Columns": 256,
    "EchoTime": 0.00194,
    "EchoTrainLength": 1,
    "FlipAngle": 8.0,
    "ImageType": "ORIGINAL/PRIMARY/M/ND/NORM",
    "ImagingFrequency": 123.191337,
    "InplanePhaseEncodingDirection": "ROW",
    "InversionTime": 1.0,
    "MRAcquisitionType": "3D",
    "MagneticFieldStrength": 3.0,
    "Manufacturer": "SIEMENS",
    "ManufacturersModelName": "Skyra",
    "NumberOfAverages": 1.0,
    "NumberOfEchoes": null,
    "NumberOfPhaseEncodingSteps": 282,
    "PATModeText": "p2",
    "PercentPhaseFieldOfView": 100.0,
    "PhaseEncodingDirection": "i-",
    "PixelBandwidth": 270.0,
    "PixelSpacing": [
      0.80078125,
      0.80078125
    ],
    "RealDwellTime": 7200,
    "RepetitionTime": 2.4,
    "Rows": 256,
    "ScanOptions": [
      "IR",
      "WE"
    ],
    "ScanningSequence": [
      "GR",
      "IR"
    ],
    "SequenceName": "*tfl3d1_16ns",
    "SequenceVariant": [
      "SK",
      "SP",
      "MP",
      "OSP"
    ],
    "SeriesDate": "18740221",
    "SeriesDescription": "T1w_MPR1_PMC",
    "SeriesNumber": 5,
    "SeriesTime": "134736.733000",
    "SliceThickness": 0.80000001192093,
    "SliceTiming": null,
    "SpacingBetweenSlices": null,
    "StudyID": "1",
    "StudyTime": "132001.865000",
    "dataset": "ds000053",
    "modality": "T1w",
    "subject_id": "044"
  },
  "cjv": 0.5904736108333999,
  "cnr": 2.1763356886671867,
  "efc": 0.6529238809835111,
  "fber": 2269.0020099592575,
  "fwhm_avg": 3.6929444041233723,
  "fwhm_x": 3.7528999440774333,
  "fwhm_y": 3.5569139512195123,
  "fwhm_z": 3.7690193170731705,
  "icvs_csf": 0.1782582705961037,
  "icvs_gm": 0.4459515361641362,
  "icvs_wm": 0.37579019323976015,
  "inu_med": 1.1837644577026367,
  "inu_range": 0.48544543981552124,
  "provenance": {
    "md5sum": "bad77bbd28ebe5a4ecd7e18a136af4c8",
    "settings": {
      "testing": false
    },
    "software": "mriqc",
    "version": "22.0.0rc1",
    "warnings": {
      "large_rot_frame": true,
      "small_air_mask": false
    },
    "webapi_port": null,
    "webapi_url": "https://mriqc.nimh.nih.gov/api/v1"
  },
  "qi_1": 0.0,
  "qi_2": 0.001037018122449672,
  "rpve_csf": 22.407999267382493,
  "rpve_gm": 10.064633358605835,
  "rpve_wm": 13.509254597251232,
  "size_x": 256,
  "size_y": 256,
  "size_z": 256,
  "snr_csf": 2.447983109878192,
  "snr_gm": 10.473854131512223,
  "snr_total": 9.31057262064495,
  "snr_wm": 15.009880620544434,
  "snrd_csf": 32.627844065227634,
  "snrd_gm": 75.12007117985092,
  "snrd_total": 67.9611370607792,
  "snrd_wm": 96.13549593725904,
  "spacing_x": 0.800000011920929,
  "spacing_y": 0.80078125,
  "spacing_z": 0.80078125,
  "summary_bg_k": 43.01572622358767,
  "summary_bg_mad": 6.8151797481200775,
  "summary_bg_mean": 13.28722040118069,
  "summary_bg_median": 11.356723129749298,
  "summary_bg_n": 3330732.0,
  "summary_bg_p05": 2.298384442925453,
  "summary_bg_p95": 29.473400503396988,
  "summary_bg_stdv": 9.211984094156408,
  "summary_csf_k": 28.78864426106925,
  "summary_csf_mad": 98.71988311615112,
  "summary_csf_mean": 372.32011823975506,
  "summary_csf_median": 339.41730258613825,
  "summary_csf_n": 34158.0,
  "summary_csf_p05": 223.75448547303677,
  "summary_csf_p95": 606.3780356090515,
  "summary_csf_stdv": 138.64978595539574,
  "summary_gm_k": 0.9604051403568676,
  "summary_gm_mad": 65.14510053350074,
  "summary_gm_mean": 785.3925749284052,
  "summary_gm_median": 781.4507105946541,
  "summary_gm_n": 73100.0,
  "summary_gm_p05": 670.1818637400866,
  "summary_gm_p95": 919.3537771701813,
  "summary_gm_stdv": 74.60915109989683,
  "summary_wm_k": 0.4659722104834163,
  "summary_wm_mad": 63.94242175442073,
  "summary_wm_mean": 1000.6045048935454,
  "summary_wm_median": 1000.0676308423281,
  "summary_wm_n": 455979.0,
  "summary_wm_p05": 892.5167588219047,
  "summary_wm_p95": 1109.916887305677,
  "summary_wm_stdv": 66.62721440016131,
  "tpm_overlap_csf": 0.1632796823978424,
  "tpm_overlap_gm": 0.4261128902435303,
  "tpm_overlap_wm": 0.4788166582584381,
  "wm2max": 0.496943231441048
}