{
  "bids_meta": {
    "BandwidthPerPixelPhaseEncode": null,
    "Columns": 256,
    "EchoTime": 0.00194,
    "EchoTrainLength": 1,
    "FlipAngle": 8.0,
    "ImageType": "ORIGINAL/PRIMARY/M/ND/NORM",
    "ImagingFrequency": 123.190907,
    "InplanePhaseEncodingDirection": "ROW",
    "InversionTime": 1.0,
    "MRAcquisitionType": "3D",
    "MagneticFieldStrength": 3.0,
    "Manufacturer": "SIEMENS",
    "ManufacturersModelName": "Skyra",
    "NumberOfAverages": 1.0,
    "NumberOfEchoes": null,
    "NumberOfPhaseEncodingSteps": 282,
    "PATModeText": "p2",
    "PercentPhaseFieldOfView": 100.0,
    "PhaseEncodingDirection": "i-",
    "PixelBandwidth": 270.0,
    "PixelSpacing": [
      0.80078125,
      0.80078125
    ],
    "RealDwellTime": 7200,
    "RepetitionTime": 2.4,
    "Rows": 256,
    "ScanOptions": [
      "IR",
      "WE"
    ],
    "ScanningSequence": [
      "GR",
      "IR"
    ],
    "SequenceName": "*tfl3d1_16ns",
    "SequenceVariant": [
      "SK",
      "SP",
      "MP",
      "OSP"
    ],
    "SeriesDate": "18740403",
    "SeriesDescription": "T1w_MPR1_PMC",
    "SeriesNumber": 5,
    "SeriesTime": "095429.185000",
    "SliceThickness": 0.80000001192093,
    "SliceTiming": null,
    "SpacingBetweenSlices": null,
    "StudyID": "1",
    "StudyTime": "093616.928000",
    "dataset": "ds000053",
    "modality": "T1w",
    "subject_id": "050"
  },
  "cjv": 0.4862426877420481,
  "cnr": 2.7536618161992927,
  "efc": 0.6264455944308248,
  "fber": 15685.625704113083,
  "fwhm_avg": 4.628136591536514,
  "fwhm_x": 4.486487433146127,
  "fwhm_y": 4.50681131707317,
  "fwhm_z": 4.891111024390244,
  "icvs_csf": 0.17587759224222904,
  "icvs_gm": 0.40554978509993067,
  "icvs_wm": 0.4185726226578403,
  "inu_med": 0.593591034412384,
  "inu_range": 0.32149410247802734,
  "provenance": {
    "md5sum": "4c105586a7967a8ee82c27a6abfe5fa4",
    "settings": {
      "testing": false
    },
    "software": "mriqc",
    "version": "22.0.6",
    "warnings": {
      "large_rot_frame": true,
      "small_air_mask": false
    },
    "webapi_port": null,
    "webapi_url": "https://mriqc.nimh.nih.gov/api/v1"
  },
  "qi_1": 3.9093795662314904e-05,
  "qi_2": 0.0009036439573303435,
  "rpve_csf": 22.698623523523388,
  "rpve_gm": 9.990726219302855,
  "rpve_wm": 11.20549867765645,
  "size_x": 256,
  "size_y": 256,
  "size_z": 256,
  "snr_csf": 2.9391817262037314,
  "snr_gm": 13.06911614390635,
  "snr_total": 10.199889832729966,
  "snr_wm": 14.591371628079818,
  "snrd_csf": 17.12272972026622,
  "snrd_gm": 35.6916776571492,
  "snrd_total": 33.45008515884472,
  "snrd_wm": 47.53584809911875,
  "spacing_x": 0.800000011920929,
  "spacing_y": 0.80078125,
  "spacing_z": 0.80078125,
  "summary_bg_k": 22.771024883051805,
  "summary_bg_mad": 0.0,
  "summary_bg_mean": 6.768320331053098,
  "summary_bg_median": 0.0,
  "summary_bg_n": 3651407.0,
  "summary_bg_p05": 0.0,
  "summary_bg_p95": 31.896776156499982,
  "summary_bg_stdv": 13.78234210583905,
  "summary_csf_k": -0.001351620323607694,
  "summary_csf_mad": 123.04019401973751,
  "summary_csf_mean": 362.0346910151376,
  "summary_csf_median": 360.21707661263645,
  "summary_csf_n": 71051.0,
  "summary_csf_p05": 159.85913697257638,
  "summary_csf_p95": 565.3090174198151,
  "summary_csf_stdv": 122.55606329924143,
  "summary_gm_k": 0.19166503348631103,
  "summary_gm_mad": 56.234718240673075,
  "summary_gm_mean": 750.778832151452,
  "summary_gm_median": 750.8587704822421,
  "summary_gm_n": 69754.0,
  "summary_gm_p05": 655.4859664812684,
  "summary_gm_p95": 844.8561162172814,
  "summary_gm_stdv": 57.45249946543301,
  "summary_wm_k": 0.5916598809220264,
  "summary_wm_mad": 64.92242585319715,
  "summary_wm_mean": 1006.4238959554829,
  "summary_wm_median": 1000.0288806930184,
  "summary_wm_n": 453759.0,
  "summary_wm_p05": 906.8498821109533,
  "summary_wm_p95": 1131.6572058275342,
  "summary_wm_stdv": 68.5355567827224,
  "tpm_overlap_csf": 0.14239863020416144,
  "tpm_overlap_gm": 0.4458382910796672,
  "tpm_overlap_wm": 0.4945715945704362,
  "wm2max": 0.7343253211242529
}