{
  "bids_meta": {
    "BandwidthPerPixelPhaseEncode": null,
    "Columns": 256,
    "EchoTime": 0.00194,
    "EchoTrainLength": 1,
    "FlipAngle": 8.0,
    "ImageType": "ORIGINAL/PRIMARY/M/ND/NORM",
    "ImagingFrequency": 123.191294,
    "InplanePhaseEncodingDirection": "ROW",
    "InversionTime": 1.0,
    "MRAcquisitionType": "3D",
    "MagneticFieldStrength": 3.0,
    "Manufacturer": "SIEMENS",
    "ManufacturersModelName": "Skyra",
    "NumberOfAverages": 1.0,
    "NumberOfEchoes": null,
    "NumberOfPhaseEncodingSteps": 282,
    "PATModeText": "p2",
    "PercentPhaseFieldOfView": 100.0,
    "PhaseEncodingDirection": "i-",
    "PixelBandwidth": 270.0,
    "PixelSpacing": [
      0.80078125,
      0.80078125
    ],
    "RealDwellTime": 7200,
    "RepetitionTime": 2.4,
    "Rows": 256,
    "ScanOptions": [
      "IR",
      "WE"
    ],
    "ScanningSequence": [
      "GR",
      "IR"
    ],
    "SequenceName": "*tfl3d1_16ns",
    "SequenceVariant": [
      "SK",
      "SP",
      "MP",
      "OSP"
    ],
    "SeriesDate": "18740228",
    "SeriesDescription": "T1w_MPR1_PMC",
    "SeriesNumber": 5,
    "SeriesTime": "154248.568000",
    "SliceThickness": 0.80000001192093,
    "SliceTiming": null,
    "SpacingBetweenSlices": null,
    "StudyID": "1",
    "StudyTime": "152136.091000",
    "dataset": "ds000053",
    "modality": "T1w",
    "subject_id": "010"
  },
  "cjv": 0.6079093910262224,
  "cnr": 2.1035818692067214,
  "efc": 0.6238137176280214,
  "fber": 3021.578745679012,
  "fwhm_avg": 3.7477393514285313,
  "fwhm_x": 3.722562444529497,
  "fwhm_y": 3.7180565853658534,
  "fwhm_z": 3.802599024390244,
  "icvs_csf": 0.18775379414280505,
  "icvs_gm": 0.4342276704883032,
  "icvs_wm": 0.37801853536889174,
  "inu_med": 1.094804048538208,
  "inu_range": 0.38155957460403434,
  "provenance": {
    "md5sum": "a0f1ee24146a97a5ee171ee5a6c89246",
    "settings": {
      "testing": false
    },
    "software": "mriqc",
    "version": "22.0.0rc1",
    "warnings": {
      "large_rot_frame": true,
      "small_air_mask": false
    },
    "webapi_port": null,
    "webapi_url": "https://mriqc.nimh.nih.gov/api/v1"
  },
  "qi_1": 0.0,
  "qi_2": 0.0013462461784747998,
  "rpve_csf": 21.42661706128035,
  "rpve_gm": 10.352000301269095,
  "rpve_wm": 13.822522493341074,
  "size_x": 256,
  "size_y": 256,
  "size_z": 256,
  "snr_csf": 2.7456786951063683,
  "snr_gm": 9.794395757756863,
  "snr_total": 10.51984811408685,
  "snr_wm": 19.01946988939732,
  "snrd_csf": 47.79378441732544,
  "snrd_gm": 87.08933060313663,
  "snrd_total": 81.44091604383325,
  "snrd_wm": 109.43963311103771,
  "spacing_x": 0.800000011920929,
  "spacing_y": 0.80078125,
  "spacing_z": 0.80078125,
  "summary_bg_k": 11.964884851127591,
  "summary_bg_mad": 5.986280638330401,
  "summary_bg_mean": 10.753371959753023,
  "summary_bg_median": 9.128678977489471,
  "summary_bg_n": 3419805.0,
  "summary_bg_p05": 2.0481010526418686,
  "summary_bg_p95": 24.2846267670393,
  "summary_bg_stdv": 7.734860084568492,
  "summary_csf_k": 18.117938411589044,
  "summary_csf_mad": 175.5108077006145,
  "summary_csf_mean": 450.5048993297287,
  "summary_csf_median": 436.713661596179,
  "summary_csf_n": 35953.0,
  "summary_csf_p05": 241.65251734256745,
  "summary_csf_p95": 662.5899491161108,
  "summary_csf_stdv": 159.05269212148286,
  "summary_gm_k": 0.29658962267157785,
  "summary_gm_mad": 75.99973679967292,
  "summary_gm_mean": 800.9366295173921,
  "summary_gm_median": 795.7750347107649,
  "summary_gm_n": 67914.0,
  "summary_gm_p05": 676.8096221387386,
  "summary_gm_p95": 948.0367186814547,
  "summary_gm_stdv": 81.24739858121673,
  "summary_wm_k": 0.877745284327438,
  "summary_wm_mad": 48.15051817787496,
  "summary_wm_mean": 1001.3805632979987,
  "summary_wm_median": 999.9999682456255,
  "summary_wm_n": 446023.0,
  "summary_wm_p05": 917.724823102355,
  "summary_wm_p95": 1088.82903675735,
  "summary_wm_stdv": 52.57764033602607,
  "tpm_overlap_csf": 0.16608506441116333,
  "tpm_overlap_gm": 0.44204097986221313,
  "tpm_overlap_wm": 0.4989715814590454,
  "wm2max": 0.5524342147798539
}