{
  "bids_meta": {
    "BandwidthPerPixelPhaseEncode": null,
    "Columns": 256,
    "EchoTime": 0.00194,
    "EchoTrainLength": 1,
    "FlipAngle": 8.0,
    "ImageType": "ORIGINAL/PRIMARY/M/ND/NORM",
    "ImagingFrequency": 123.190845,
    "InplanePhaseEncodingDirection": "ROW",
    "InversionTime": 1.0,
    "MRAcquisitionType": "3D",
    "MagneticFieldStrength": 3.0,
    "Manufacturer": "SIEMENS",
    "ManufacturersModelName": "Skyra",
    "NumberOfAverages": 1.0,
    "NumberOfEchoes": null,
    "NumberOfPhaseEncodingSteps": 282,
    "PATModeText": "p2",
    "PercentPhaseFieldOfView": 100.0,
    "PhaseEncodingDirection": "i-",
    "PixelBandwidth": 270.0,
    "PixelSpacing": [
      0.80078125,
      0.80078125
    ],
    "RealDwellTime": 7200,
    "RepetitionTime": 2.4,
    "Rows": 256,
    "ScanOptions": [
      "IR",
      "WE"
    ],
    "ScanningSequence": [
      "GR",
      "IR"
    ],
    "SequenceName": "*tfl3d1_16ns",
    "SequenceVariant": [
      "SK",
      "SP",
      "MP",
      "OSP"
    ],
    "SeriesDate": "18740424",
    "SeriesDescription": "T1w_MPR1_PMC",
    "SeriesNumber": 5,
    "SeriesTime": "094918.743000",
    "SliceThickness": 0.80000001192093,
    "SliceTiming": null,
    "SpacingBetweenSlices": null,
    "StudyID": "1",
    "StudyTime": "093316.384000",
    "dataset": "ds000053",
    "modality": "T1w",
    "subject_id": "035"
  },
  "cjv": 0.6347746931981406,
  "cnr": 2.0825155525303236,
  "efc": 0.626192158099698,
  "fber": 4070.019351527593,
  "fwhm_avg": 3.8822964444006285,
  "fwhm_x": 3.8280249429579833,
  "fwhm_y": 3.8506645853658537,
  "fwhm_z": 3.968199804878049,
  "icvs_csf": 0.1715050308381314,
  "icvs_gm": 0.43757544560587347,
  "icvs_wm": 0.39091952355599513,
  "inu_med": 1.1484131813049316,
  "inu_range": 0.48058689832687385,
  "provenance": {
    "md5sum": "f6db82d2cc1f9ffd3b4b7cbbffd2d506",
    "settings": {
      "testing": false
    },
    "software": "mriqc",
    "version": "22.0.0rc1",
    "warnings": {
      "large_rot_frame": true,
      "small_air_mask": false
    },
    "webapi_port": null,
    "webapi_url": "https://mriqc.nimh.nih.gov/api/v1"
  },
  "qi_1": 0.0,
  "qi_2": 0.0015495788585540384,
  "rpve_csf": 20.864969023369394,
  "rpve_gm": 9.355818717492305,
  "rpve_wm": 12.141111531787809,
  "size_x": 256,
  "size_y": 256,
  "size_z": 256,
  "snr_csf": 2.051947138828678,
  "snr_gm": 9.167224172093686,
  "snr_total": 9.473240624689526,
  "snr_wm": 17.200550563146216,
  "snrd_csf": 39.01958777505982,
  "snrd_gm": 82.216976300229,
  "snrd_total": 75.36556160854326,
  "snrd_wm": 104.86012075034093,
  "spacing_x": 0.800000011920929,
  "spacing_y": 0.80078125,
  "spacing_z": 0.80078125,
  "summary_bg_k": 7.8514585019516385,
  "summary_bg_mad": 6.2481162012458755,
  "summary_bg_mean": 11.073720447829174,
  "summary_bg_median": 9.577932581305504,
  "summary_bg_n": 4294196.0,
  "summary_bg_p05": 2.107145167887211,
  "summary_bg_p95": 24.45565452426672,
  "summary_bg_stdv": 7.52320425028896,
  "summary_csf_k": 36.2087083917981,
  "summary_csf_mad": 131.4944455080382,
  "summary_csf_mean": 408.7820220930252,
  "summary_csf_median": 372.1346072256565,
  "summary_csf_n": 26957.0,
  "summary_csf_p05": 226.93314929306507,
  "summary_csf_p95": 652.8318847417831,
  "summary_csf_stdv": 181.35345582039716,
  "summary_gm_k": 0.30259594691439773,
  "summary_gm_mad": 80.94150533432158,
  "summary_gm_mean": 789.6527240304933,
  "summary_gm_median": 784.1134139895439,
  "summary_gm_n": 71693.0,
  "summary_gm_p05": 660.8134952262044,
  "summary_gm_p95": 944.8566638574,
  "summary_gm_stdv": 85.53384652772871,
  "summary_wm_k": 0.3438877422038358,
  "summary_wm_mad": 56.13837738392128,
  "summary_wm_mean": 999.2324112650158,
  "summary_wm_median": 1000.0638672560453,
  "summary_wm_n": 503684.0,
  "summary_wm_p05": 902.3051020428538,
  "summary_wm_p95": 1092.9059604108334,
  "summary_wm_stdv": 58.14132930424855,
  "tpm_overlap_csf": 0.16703979671001434,
  "tpm_overlap_gm": 0.4365125894546509,
  "tpm_overlap_wm": 0.5039286017417908,
  "wm2max": 0.5698380935055485
}